lifrq 1 1 1000000000 -1000000000 0 4 1 0 0 64
25 3946.59145553 3757.23479479 3663.43582971 3518.04743385 3517.46119031 3358.00294969 3357.41670615 3118.81558874 2888.42188078 2716.65252599 2716.06628245 2543.1244406 2542.53819707 2315.66195029 2074.71585875 1797.42266825 1796.83642472 1384.12097839 1380.01727367 922.747318926 922.161075394 779.117653654 778.531410123 663.627677906 0 
0 
dod 3 1 14 14 14 2 1 8194 1 64
1 0.00999999977648 
0 
ct 7 1 1000000000 0 1 2 1 6 1 64
1 0 
0 
ap 2 2 1023 0 0 4 1 6 1 64
1 "1:ACQUISITION:sw:1,at:3,np:0,fb:0,bs(bs):0,ss(ss):0,d1:3,nt:0,ct:0;1:TRANSMITTER:tn,sfrq:3,tof:1,tpwr:0,pw:3;2:DECOUPLER:dn,dof,d2,dpwr,d3;2:SAMPLE:date,solvent,file;2:SPECIAL:temp:1,gain:0,spin:0,pw90:3;2:FLAGS:sspul,il,in,dp,hs;2:PROCESSING:cf(nf):0,lb(lb):2,sb(sb):3,sbs(sb):3,gf(gf):3,gfs(gf):3,awc(awc):3,lsfid(lsfid):0,phfid(phfid):1,fn:0;2:DISPLAY:sp:1,wp:1,vs:0,sc:0,wc:0,hzmm:2,is:2,rfl:1,rfp:1,th:0,ins:3,aig*,dcg*,dmg*;"
0 
aig 2 2 2 0 0 4 1 1 1 64
1 "ai"
2 "nm" "ai" 
PFGflg 4 2 4 0 0 2 1 1 1 64
1 "y"
0 
CARBONnt 7 1 32767 0 0 2 1 1 1 64
1 0 
0 
PROTONnt 7 1 32767 0 0 2 1 1 1 64
1 8 
0
FLUORINEnt 7 1 32767 0 0 2 1 1 1 64
1 16
0 
acqstatus 7 1 32767 0 0 2 1 0 1 64
2 101 8 
0 
alfa 6 1 8190 -8190 0.025 2 1 2 1 64
1 6.6 
0 
alock 2 2 8 0 0 2 1 0 1 64
1 "n"
4 "a" "n" "s" "y" 
axis 4 2 4 0 0 4 1 0 1 64
1 "p"
11 "c" "d" "1" "2" "3" "h" "k" "m" "n" "p" "u" 
at 1 1 14 14 14 2 1 8203 1 64
1 1.705984 
0 
arraydim 7 1 32768 1 1 2 1 5 1 64
1 1 
0 
array 2 2 256 0 0 2 1 1 1 64
1 ""
0 
arrayelemts 1 1 9.99999984307e+17 -9.99999984307e+17 0 2 1 0 1 64
1 0 
0 
awc 1 1 1 -1 0.001 3 1 1 0 64
1 0 
0 
awc1 1 1 1 -1 0.001 3 1 1 0 64
1 0 
0 
cp 2 2 1 0 0 2 1 0 1 64
1 "y"
2 "y" "n" 
bs 7 1 32767 0 1 2 1 0 1 64
1 16 
0 
axisf 4 2 4 0 0 4 1 0 1 64
1 "s"
4 "m" "n" "s" "u" 
cf 7 1 32767 0 1 3 1 1 0 64
1 1 
0 
celem 1 1 9.99999984307e+17 -9.99999984307e+17 0 2 1 0 1 64
1 1 
0 
console 2 2 8 0 0 2 1 0 1 64
1 "inova"
0 
cr1 1 1 1000000000 -1000000000 0 4 1 3 1 64
1 0 
0 
cr 1 1 1000000000 -1000000000 0 4 1 1 1 64
1 3680.65826822 
0 
crf 1 1 9.99999984307e+17 -9.99999984307e+17 0 4 1 0 1 64
1 0 
0 
dg1 2 2 1023 0 0 4 1 6 1 64
1 "1:DISPLAY:sp:1,wp:1,vs:0;1:REFERENCE:rfl:1,rfp:1,cr:1,delta:1;1:PHASE:lp:1,rp:1,rp1(ni):1,lp1(ni):1;2:CHART:sc:0,wc:0,hzmm:2,vp:0,axis,pltmod,,th:0,,ho:2,vo:2,,trace:2;3(ni):2D:sp1:1,wp1:1,sc2:0,wc2:0,rfl1:1,rfp1:1;3:FLAGS:aig*,dcg*,dmg*;3:FID:sf:3,wf:3,vf:0;4:INTEGRAL:intmod,is:2,ins:3,io:0,,lvl:3,tlt:3;"
0 
delta1 1 1 2000000 0 0 4 1 3 1 64
1 0 
0 
date 2 2 9 0 0 2 1 1 1 64
1 "Feb  7 97"
0 
d1 3 1 14 14 14 2 1 8194 1 64
1 10 
0 
cutoff 1 1 9.99999984307e+17 -9.99999984307e+17 0 4 1 0 0 64
1 200 
0 
d2 3 1 14 14 14 2 1 8194 1 64
1 5 
0 
d3 3 1 14 14 14 2 1 8194 1 64
1 .001
0 
dcg 2 2 3 0 0 4 1 1 1 64
1 "cdc"
2 "dc" "cdc" 
delta 1 1 2000000 0 0 4 1 1 1 64
1 240.096038416 
0 
dfrq 5 1 1000000000 -1000000000 0 2 1 8 1 64
1 125.891828 
0 
deltaf 1 1 100 0 0 4 1 0 1 64
1 0 
0 
dfrq3 1 1 1000000000 0 0 2 1 9 1 64
1 0 
0 
dfrq2 1 1 1000000000 0 0 2 1 9 1 64
1 0 
0 
dg 2 2 1023 0 0 4 1 6 1 64
1 "1:ACQUISITION:sw:1,at:3,np:0,fb:0,bs(bs):0,ss(ss):0,d1:3,nt:0,ct:0;1:SAMPLE:date,solvent,file,sample;2:TRANSMITTER:tn,sfrq:3,tof:1,tpwr:0,pw:3;2:DECOUPLER:dn,dof,dpwr,d2,dmm,dmf;2:SSHOESY1D:d3:4;3:PROCESSING:cf(nf):0,lb(lb):2,sb(sb):3,sbs(sb):3,gf(gf):3,gfs(gf):3,awc(awc):3,lsfid(lsfid):0,phfid(phfid):1,fn:0,math(math<>'f'),werr(werr<>''),wexp(wexp<>''),wbs(wbs<>''),wnt(wnt<>'');4:SPECIAL:spin,gain,temp:1,pw90:3;"
0 
dmf 7 1 11 11 11 2 1 8194 1 64
1 200
0 
dlp 7 1 10 10 10 2 1 8194 0 64
1 1023 
0 
dgs 2 2 1023 0 0 4 1 6 1 64
4 "1:AXIAL SHIMS:z1:0,z1c:0,z2:0,z2c:0,z3:0,z4:0,z5:0;"
"2:NON AXIAL SHIMS:x1:0,y1:0,xz:0,yz:0,xy:0,x2y2:0,x3:0,y3:0;"
"4:AUTOMATION:method,wshim,load,,spin:0,gain:0,alock,loc:0;"
"4:SPECIAL:temp;"
0 
dg2 2 2 8 0 0 4 1 4 1 64
4 "1:1st DECOUPLING:dfrq:3,dn,dpwr(dpwr):0,dhp(dhp):1,dof:1,dm,dmm,dmf:0;"
"3(ni2):3D ACQUISITION:d3:3,sw2:1,ni2:0,phase2:0;"
"3(ni2):3D DISPLAY:rp2:1,lp2:1;"
"4(ni2):3D PROCESSING:lb2:3,sb2:3,sbs2(sb2):3,gf2:3,gfs2(gf2):3,awc2:3,wtfile2,proc2,fn2:0;"
0 
dhp 1 1 9 9 9 2 1 8192 0 64
1 1 
0 
dgs2 2 2 8 0 0 4 1 0 1 64
1 "1:DEFAULT SCANS:PROTONnt,CARBONnt,PHOSPHORUSnt,FLUORINEnt;2:SPECIAL:explist,macro,PFGflg;"
0 
dm2 4 2 4 0 0 2 1 0 1 64
1 "n"
4 "a" "n" "s" "y" 
dm 4 2 4 0 0 2 1 0 1 64
1 "nnn"
2 "n" "y" 
dm3 4 2 4 0 0 2 1 0 1 64
1 "n"
4 "a" "n" "s" "y" 
dmg1 2 2 8 0 0 4 1 0 1 64
1 ""
4 "" "av1" "ph1" "pwr1" 
dmf3 7 1 2000000 1 0 2 1 2 1 64
1 14815 
0 
dmf2 7 1 2000000 1 0 2 1 2 1 64
1 10860 
0 
dmg 2 2 2 0 0 4 1 3 1 64
1 "ph"
0 
dmm3 4 2 4 0 0 2 1 0 1 64
1 "c"
9 "c" "f" "g" "m" "p" "r" "u" "w" "x" 
dmm2 4 2 4 0 0 2 1 0 1 64
1 "c"
9 "c" "f" "g" "m" "p" "r" "u" "w" "x" 
dmm 4 2 4 0 0 2 1 0 1 64
1 "c"
9 "c" "f" "g" "m" "p" "r" "u" "w" "x" 
dn2 2 2 8 0 0 2 1 8 1 64
1 ""
0 
dn 2 2 4 0 0 2 1 8 1 64
1 "C13"
0 
dn3 2 2 8 0 0 2 1 8 1 64
1 ""
0 
gf 1 1 100000 0 0 3 1 1 0 64
1 0.10000000149 
0 
fb 7 1 55000 1000 200 2 1 11 1 64
1 2600 
0 
dres 7 1 360 1 0 2 1 0 1 64
1 1 
0 
dp 2 2 1 0 0 2 1 0 1 64
1 "y"
2 "y" "n" 
dof2 5 1 16 16 16 2 1 8202 1 64
1 0 
0 
dof 5 1 8 8 8 2 1 8202 1 64
1 0 
0 
dotflag 2 2 8 0 0 4 1 0 1 64
1 "n"
2 "n" "y" 
dof3 5 1 20 20 20 2 1 8202 1 64
1 0 
0 
dpwr2 7 1 18 18 18 2 1 8194 1 64
1 1 
0 
dpwr 7 1 9 9 9 2 1 8194 1 64
1 -5 
0 
dpwr3 7 1 21 21 21 2 1 8194 1 64
1 1 
0 
dseq2 2 2 8 0 0 2 1 0 1 64
1 ""
0 
dres3 7 1 360 1 0 2 1 0 1 64
1 1 
0 
dres2 7 1 360 1 0 2 1 0 1 64
1 1 
0 
dseq 2 2 8 0 0 2 1 0 1 64
1 ""
0 
dseq3 2 2 8 0 0 2 1 0 1 64
1 ""
0 
exppath 2 2 8 0 0 2 1 0 1 64
1 "/vnmrsys/seqfil"
0 
fn 7 1 524288 64 -2 3 1 1 0 64
1 16384 
0 
filter 7 1 1000000000 0 1 2 1 2 1 64
1 54.0999984741 
0 
file 2 2 6 0 0 2 1 3 1 64
1 "/vnmrsys/parlib/sshoesy1d.par"
0 
filtfile 2 2 8 0 0 2 1 0 1 64
1 ""
0 
fpmult1 1 1 1000000000 0 0 3 2 0 0 64
1 0.5 
0 
fpmult 1 1 1000000000 0 0 3 1 0 0 64
1 .5 
0 
fn1 7 1 524288 64 -2 3 1 1 1 64
1 1024 
0 
gain 1 1 60 0 2 2 1 0 0 64
1 15 
0 
hs 4 2 4 0 0 2 1 0 1 64
1 "nn"
2 "n" "y" 
gt3 3 1 14 14 14 2 1 8192 1 64
1 0.002 
0 
gfs1 1 1 1000 -1000 0.001 3 1 1 0 64
1 0 
0 
gf1 1 1 100000 0 0 3 1 1 0 64
1 1 
0 
gfs 1 1 1000 -1000 0.001 3 1 1 0 64
1 0 
0 
gt1 3 1 14 14 14 2 1 8192 1 64
1 0.0005 
0 
gstab 3 1 14 14 14 2 1 8192 1 64
1 0.0005 
0 
gt2 3 1 14 14 14 2 1 8192 1 64
1 0.005 
0 
gzlvl3 1 1 9.99999984307e+17 -9.99999984307e+17 0 2 1 0 1 64
1 1000 
0 
gzlvl2 1 1 9.99999984307e+17 -9.99999984307e+17 0 2 1 0 1 64
1 -5000 
0 
gzlvl1 1 1 9.99999984307e+17 -9.99999984307e+17 0 2 1 0 1 64
1 1000 
0 
homo 2 2 8 0 0 2 1 0 1 64
1 "n"
2 "n" "y" 
ho 1 1 500 -500 0 4 1 1 1 64
1 0 
0 
homo2 4 2 4 0 0 2 1 0 1 64
1 "n"
2 "n" "y" 
homo3 4 2 4 0 0 2 1 0 1 64
1 "n"
2 "n" "y" 
insref 1 1 9.99999984307e+17 -9.99999984307e+17 0 4 1 0 1 64
1 1 
0 
in 4 2 1 0 0 2 1 0 1 64
1 "n"
3 "n" "w" "y" 
hzmm 1 1 1000000000 -1000000000 0 4 1 11 1 64
1 22.3509663793 
0 
hsgt 3 1 14 14 14 2 1 8192 1 64
1 0.001 
0 
hsglvl 1 1 9.99999984307e+17 -9.99999984307e+17 0 2 1 0 1 64
1 10000 
0 
hst 3 1 0.02 0 2.5e-08 2 1 2 1 64
1 0.00800000037998 
0 
il 2 2 1 0 0 2 1 0 1 64
1 "n"
2 "y" "n" 
ins2 1 1 9.99999984307e+17 -9.99999984307e+17 0 4 1 0 1 64
1 1 
0 
ins 3 1 8190 0 1e-07 4 1 3 1 64
1 1 
0 
ins2ref 1 1 9.99999984307e+17 -9.99999984307e+17 0 4 1 0 1 64
1 1 
0 
is 1 1 1000000000 1e-06 0 4 1 3 1 64
1 500 
0 
io 7 1 500 -500 0.1 4 1 1 1 64
1 20 
0 
intmod 2 2 8 0 0 4 1 0 1 64
1 "off"
3 "off" "partial" "full" 
lb1 1 1 100000 -100000 0 3 1 1 1 64
1 0.318309992552 
0 
lb 1 1 100000 -100000 0 3 1 1 0 64
1 2 
0 
liamp 1 1 1000000000 0 0 4 1 0 0 64
1 0 
0 
tof 5 1 7 7 7 2 1 8202 1 64
1 0 
0 
rfband 4 2 4 0 0 2 1 0 1 64
1 "cccc"
3 "c" "h" "l" 
p1 6 1 13 13 13 2 1 8194 1 64
1 0 
0 
math 2 2 1 0 0 3 1 3 1 64
1 "f"
3 "d" "f" "i" 
lp1 1 1 3600 -3600 0.1 4 1 3 1 64
1 0 
0 
load 2 2 4 0 0 2 1 3 1 64
1 "n"
2 "y" "n" 
llfrq 1 1 1000000000 -1000000000 0 4 1 0 0 64
2 2418.25456834 1934.60365467 
0 
llamp 1 1 1000000000 0 0 4 1 0 0 64
2 0.194739416242 0.788609206676 
0 
lp 1 1 3600 -3600 0.1 4 1 3 1 64
1 3.00593268989 
0 
lsfrq 1 1 9.99999984307e+17 -9.99999984307e+17 0 3 1 0 0 64
1 0 
0 
lsfid 7 1 64000 -64000 1 3 1 0 0 64
1 0 
0 
lvl 1 1 1000000000 -1000000000 0 4 1 1 1 64
1 0 
0 
lsfrq1 1 1 9.99999984307e+17 -9.99999984307e+17 0 3 1 0 0 64
1 0 
0 
macro 2 2 6 0 0 4 1 3 1 64
1 "AuHexp"
0 
n3 2 2 6 0 0 4 1 3 1 64
1 ""
0 
n1 2 2 6 0 0 4 1 3 1 64
1 ""
0 
mix 3 1 14 14 14 2 1 8192 1 64
1 0.4 
0 
method 2 2 6 0 0 2 1 3 1 64
1 "z1z2"
0 
n2 2 2 6 0 0 4 1 3 1 64
1 ""
0 
oscoef 7 1 49999 3 2 2 1 1 0 64
1 53 
0 
nt 7 1 1000000000 1 1 2 1 2 1 64
1 8 
0 
np 7 1 128000 64 64 2 1 11 1 64
1 16384 
0 
osfilt 2 2 8 0 0 2 1 0 1 64
1 "a"
5 "a" "A" "b" "B" "" 
osfb 1 1 100000 0 0 2 1 1 0 64
1 0 
0 
oslsfrq 1 1 9.99999984307e+17 -9.99999984307e+17 0 2 1 1 0 64
1 0 
0 
oversamp 7 1 68 0 1 2 1 9 1 64
1 1 
0 
pslabel 2 2 8 0 0 2 1 11 1 64
1 "hoesy1d"
0 
pmode 2 2 8 0 0 3 1 0 1 64
1 "partial"
0 
phfid 1 1 3600 -3600 0.1 3 1 0 0 64
1 0 
0 
parversion 1 1 9.99999984307e+17 -9.99999984307e+17 0 2 1 4 1 64
1 5.1 
0 
pad 3 1 14 14 14 2 1 8194 1 64
1 0.5 
0 
phfid1 1 1 3600 -3600 0.1 3 1 0 0 64
1 0 
0 
pltmod 2 2 8 0 0 4 1 0 1 64
1 "fixed"
5 "off" "fixed" "full" "variable" "user" 
proc 2 2 10 0 0 3 1 1 1 64
1 "ft"
0 
priority 7 1 32768 0 1 2 1 0 1 64
1 5 
0 
proc1 2 2 10 0 0 3 2 1 1 64
1 "ft"
0 
r4 1 1 1e+18 -1e+18 0 4 1 1 1 64
1 0 
0 
pw90 6 1 13 13 13 2 1 8194 1 64
1 11.7 
0 
pw 6 1 13 13 13 2 1 8194 1 64
1 11.7 
0 
pwx 6 1 13 13 13 2 1 8194 1 64
1 11.5
0
pwxlvl 7 1 17 17 17 2 1 8194 1 64
1 59
0
p1 6 1 13 13 13 2 1 8194 1 64
1 100
0
r2 1 1 1e+18 -1e+18 0 4 1 1 1 64
1 0 
0 
r1 1 1 1e+18 -1e+18 0 4 1 1 1 64
1 0 
0 
r3 1 1 1e+18 -1e+18 0 4 1 1 1 64
1 0 
0 
reffrq 1 1 9.99999984307e+17 -9.99999984307e+17 0 4 1 0 1 64
1 400.114434256 
0 
r6 1 1 1e+18 -1e+18 0 4 1 1 1 64
1 0 
0 
r5 1 1 1e+18 -1e+18 0 4 1 1 1 64
1 0 
0 
r7 1 1 1e+18 -1e+18 0 4 1 1 1 64
1 0 
0 
refpos 1 1 9.99999984307e+17 -9.99999984307e+17 0 4 1 0 1 64
1 7.24 
0 
sc2 7 1 3 3 3 4 1 8195 1 64
1 0 
0 
satmode 4 2 4 0 0 2 1 0 1 64
1 "n"
0 
rp1 1 1 3600 -3600 0.1 4 1 3 1 64
1 0 
0 
rfp1 1 1 1000000000 -1000000000 0 4 1 1 1 64
1 0 
0 
rfl1 1 1 1000000000 -1000000000 0 4 1 1 1 64
1 0 
0 
rfl 1 1 1000000000 -1000000000 0 4 1 1 1 64
1 3297.21671689 
0 
rfp 1 1 1000000000 -1000000000 0 4 1 1 1 64
1 2896.82850402 
0 
rof2 6 1 13 13 13 2 1 8194 1 64
1 2 
0 
rof1 6 1 13 13 13 2 1 8194 1 64
1 10 
0 
rp 1 1 3600 -3600 0.1 4 1 3 1 64
1 -166.981016276 
0 
satdly 3 1 14 14 14 2 1 8192 1 64
1 0 
0 
sample 2 2 8 0 0 2 1 0 1 64
1 "QuinHG_7Feb1997"
0 
satfrq 5 1 1000000000 -1000000000 0 2 1 0 1 64
1 0 
0 
sb1 1 1 1000 -1000 0.001 3 1 1 0 64
1 0 
0 
satpwr 1 1 9.99999984307e+17 -9.99999984307e+17 0 2 1 0 1 64
1 0 
0 
sb 1 1 1000 -1000 0.001 3 1 0 0 64
1 0 
0 
sbs1 1 1 1000 -1000 0.001 3 1 1 0 64
1 0 
0 
sbs 1 1 1000 -1000 0.001 3 1 1 0 64
1 0 
0 
sc 7 1 1 1 1 4 1 8195 1 64
1 0 
0 
sf 1 1 8190 0 1e-07 4 1 3 1 64
1 0 
0 
selfrqw 5 1 1000000000 -1000000000 0 2 1 256 1 64
1 0 
0 
selfrqc 5 1 1000000000 -1000000000 0 2 1 256 1 64
1 0 
0 
selfrq 5 1 1000000000 -1000000000 0 2 1 0 1 64
1 0 
0 
selpwr 1 1 9.99999984307e+17 -9.99999984307e+17 0 2 1 0 1 64
1 10 
0 
selpw 6 1 1000000 0 0.025 2 1 0 1 64
1 8000 
0 
selshape 2 2 8 0 0 2 1 0 1 64
1 "hard"
0 
seqfil 2 2 8 0 0 2 1 11 1 64
1 "sshoesy1d"
0 
ss 7 1 32767 -32768 0 2 1 0 1 64
1 0 
0 
solvent 2 2 6 0 0 2 1 11 1 64
1 "CDCl3"
0 
sfrq 1 1 1000000000 0 0 2 1 11 1 64
1 500.6181241 
0 
sf1 1 1 9.99999984307e+17 -9.99999984307e+17 0 4 1 0 1 64
1 0 
0 
sn 1 1 1e+18 -1e+18 0 3 1 1 1 64
1 0 
0 
sp1 1 1 1000000000 -1000000000 0 4 1 3 1 64
1 649.999938965 
0 
sp 1 1 1000000000 -1000000000 0 4 1 3 1 64
1 0 
0 
spin 1 1 32000000 0 0.1 2 1 0 0 64
1 0 
0 
th 1 1 1000000000 0 0 4 1 1 1 64
1 27 
0 
sweeppw 6 1 13 13 13 2 1 8192 1 64
1 1500 
0 
sw 1 1 5 5 5 2 1 8203 1 64
1 4801.92076831 
0 
sspul 4 2 4 0 0 2 1 0 1 64
1 "y"
0 
sweepshp 2 2 8 0 0 2 1 0 1 64
1 "sech180"
0 
sweeppwr 1 1 9.99999984307e+17 -9.99999984307e+17 0 2 1 0 1 64
1 46 
0 
temp 1 1 200 -150 0.1 2 1 8 1 64
1 25 
0 
tlt 1 1 1000000000 -1000000000 0 4 1 1 1 64
1 0 
0 
tin 2 2 1 0 0 2 1 2 1 64
1 "n"
3 "n" "w" "y" 
tn 2 2 4 0 0 2 1 8 1 64
1 "H1"
0 
xz2 7 1 19 19 19 2 1 8192 1 64
1 19468 
0 
wexp 2 2 6 0 0 3 1 3 1 64
1 "AutoLIST('PROTON','gCOSY','gHMQC','gDEPTHMQC','HMBC')"
0 
vpfi 1 1 500 -500 0 4 1 0 1 64
1 0 
0 
vf 1 1 1000000000 0 0 4 1 3 1 64
1 150 
0 
trace 2 2 2 0 0 4 1 3 1 64
1 "f1"
2 "f1" "f2" 
tpwr 7 1 17 17 17 2 1 8194 1 64
1 63 
0 
vp 7 1 500 -500 0.1 4 1 3 1 64
1 0 
0 
vo 1 1 500 -500 0 4 1 1 1 64
1 0 
0 
vpf 1 1 500 -500 0 4 1 0 1 64
1 0 
0 
wbs 2 2 6 0 0 3 1 3 1 64
1 ""
0 
vtc 1 1 255 0 1 2 1 2 1 64
1 25 
0 
vs2d 1 1 1000000000 1e-06 0 4 1 3 1 64
1 831.880895643 
0 
vs 1 1 1000000000 1e-06 0 4 1 3 1 64
1 831.880895643 
0 
vsproj 1 1 1000000000 1e-06 0 4 1 3 1 64
1 831.880895643 
0 
vtwait 3 1 14 14 14 2 1 8194 1 64
1 300 
0 
wc2 7 1 4 4 4 4 1 8195 1 64
1 155 
0 
wc 7 1 2 2 2 4 1 8203 1 64
1 250 
0 
werr 2 2 6 0 0 3 1 3 1 64
1 ""
0 
wtfile1 2 2 15 0 0 3 2 1 1 64
1 ""
0 
wp 1 1 5000000 0 0 4 1 11 1 64
1 5587.74159483 
0 
wf1 1 1 9.99999984307e+17 -9.99999984307e+17 0 4 1 0 1 64
1 1.995 
0 
wf 1 1 8190 0 1e-07 4 1 3 1 64
1 1.705984 
0 
wnt 2 2 6 0 0 3 1 3 1 64
1 ""
0 
wshim 4 2 4 0 0 2 1 1 1 64
1 "n"
3 "e" "n" "s" 
wp1 1 1 100000 0 0 4 1 3 1 64
1 49.9999961853 
0 
wtfile 2 2 15 0 0 3 1 1 1 64
1 ""
0 
x3 7 1 19 19 19 2 1 8192 1 64
1 451 
0 
x1 7 1 19 19 19 2 1 8192 1 64
1 5743 
0 
x2y2 7 1 19 19 19 2 1 8192 1 64
1 -677 
0 
xy 7 1 19 19 19 2 1 8192 1 64
1 20 
0 
x4 7 1 19 19 19 2 1 8192 1 64
1 0 
0 
xz 7 1 19 19 19 2 1 8192 1 64
1 269 
0 
z3y3 7 1 19 19 19 2 1 8192 1 64
1 0 
0 
z3 7 1 19 19 19 2 1 8192 1 64
1 -5731 
0 
z1 7 1 19 19 19 2 1 8192 1 64
1 9873 
0 
y4 7 1 19 19 19 2 1 8192 1 64
1 0 
0 
y3 7 1 19 19 19 2 1 8192 1 64
1 -1960 
0 
y1 7 1 19 19 19 2 1 8192 1 64
1 -990 
0 
yz2 7 1 19 19 19 2 1 8192 1 64
1 3489 
0 
yz 7 1 19 19 19 2 1 8192 1 64
1 -1145 
0 
z2x2y2 7 1 19 19 19 2 1 8192 1 64
1 315 
0 
z2 7 1 19 19 19 2 1 8192 1 64
1 -3624 
0 
z1c 7 1 19 19 19 2 1 8192 1 64
1 0 
0 
z2c 7 1 19 19 19 2 1 8192 1 64
1 0 
0 
z2xy 7 1 19 19 19 2 1 8192 1 64
1 3797 
0 
z2x3 7 1 19 19 19 2 1 8192 1 64
1 0 
0 
z2y3 7 1 19 19 19 2 1 8192 1 64
1 0 
0 
z3x2y2 7 1 19 19 19 2 1 8192 1 64
1 0 
0 
z3x 7 1 19 19 19 2 1 8192 1 64
1 6346 
0 
z3c 7 1 19 19 19 2 1 8192 1 64
1 0 
0 
z3xy 7 1 19 19 19 2 1 8192 1 64
1 0 
0 
z3x3 7 1 19 19 19 2 1 8192 1 64
1 0 
0 
z3y 7 1 19 19 19 2 1 8192 1 64
1 -3593 
0 
z5 7 1 19 19 19 2 1 8192 1 64
1 16274 
0 
z4x 7 1 19 19 19 2 1 8192 1 64
1 0 
0 
z4c 7 1 19 19 19 2 1 8192 1 64
1 0 
0 
z4 7 1 19 19 19 2 1 8192 1 64
1 15080 
0 
z4xy 7 1 19 19 19 2 1 8192 1 64
1 0 
0 
z4x2y2 7 1 19 19 19 2 1 8192 1 64
1 0 
0 
z4y 7 1 19 19 19 2 1 8192 1 64
1 0 
0 
z7 7 1 19 19 19 2 1 8192 1 64
1 0 
0 
z5y 7 1 19 19 19 2 1 8192 1 64
1 0 
0 
z5x 7 1 19 19 19 2 1 8192 1 64
1 0 
0 
z6 7 1 19 19 19 2 1 8192 1 64
1 -12844 
0 
zx2y2 7 1 19 19 19 2 1 8192 1 64
1 -5183 
0 
z8 7 1 19 19 19 2 1 8192 1 64
1 0 
0 
zxy 7 1 19 19 19 2 1 8192 1 64
1 12691 
0 
zx3 7 1 19 19 19 2 1 8192 1 64
1 0 
0 
zy3 7 1 19 19 19 2 1 8192 1 64
1 0 
0 
