llamp 1 1 1000000000 0 0 4 1 0 0 64
1 0 
0 
dp 2 2 1 0 0 2 1 0 1 64
1 "y" 
2 "y" "n" 
dcg 2 2 3 0 0 4 1 1 1 64
1 "cdc" 
2 "dc" "cdc" 
cf 7 1 32767 0 1 3 1 1 0 64
1 1 
0 
at 1 1 100 0.001 0.001 2 1 11 1 64
1 0.512 
0 
alock 2 2 1 0 0 2 1 2 1 64
1 "n" 
0 
aig 2 2 2 0 0 4 1 1 1 64
1 "ai" 
2 "nm" "ai" 
acqstatus 7 1 32767 0 0 2 1 0 1 64
2 102 0 
0 
alfa 6 1 13 13 13 2 1 8194 1 64
1 0 
0 
array 2 2 256 0 0 2 1 1 1 64
1 "phase" 
0 
ap 2 2 1023 0 0 4 1 7 1 64
1 
"1:SAMPLE:date,solvent,file;1:ACQUISITION:sw:1,at:3,np:0,fb:0,bs(bs):0,ss(ss):0,d1:3,d2(d2):3,nt:0,ct:0;1:TRANSMITTER:tn,sfrq:3,tof:1,tpwr:0,pw:3;1:2D ACQUISITION:sw1:1,ni:0,phase:0;1:FLAGS:il,in,dp,hs,hst:3,sspul;1(ni):2D DISPLAY:sp1:1,wp1:1,sc2:0,wc2:0,rfl1:1,rfp1:1;2:HCOSYINV:pwxlvl,pwx:3,hdpwr,hd90:3,hdres:1,hdshape,hdflg;2:DEC. & VT:dn,dof:1,dm,dmm,temp(temp):1;2:PROCESSING:lb(lb):2,sb(sb):3,sbs(sb):3,gf(gf):3,gfs(gf):3,awc(awc):3,lsfid(lsfid):0,wtfile(wtfile),proc,fn:0,math;2(ni):2D PROCESSING:lb1(lb1):2,sb1(sb1):3,sbs1(sb1):3,gf1(gf1):3,gfs1(gf1):3,awc1(awc1):3,wtfile1(wtfile1),proc1,fn1:0;2:DISPLAY:sp:1,wp:1,vs:0,sc:0,wc:0,hzmm:2,is:2,rfl:1,rfp:1,th:0,ins:3,aig*,dcg*,dmg*;" 
0 
arrayelemts 1 1 9.99999984307e+17 -9.99999984307e+17 0 2 1 0 1 64
1 2 
0 
arraydim 7 1 32768 1 1 2 1 5 1 64
1 400 
0 
axis 2 2 4 0 0 4 1 3 1 64
1 "pd" 
0 
awc1 1 1 1 -1 0.001 3 1 1 0 64
1 0 
0 
awc 1 1 1 -1 0.001 3 1 1 0 64
1 0 
0 
bs 7 1 1000000000 0 1 2 1 0 0 64
1 16 
0 
axisf 2 2 8 0 0 4 1 0 1 64
1 "s" 
0 
celem 1 1 9.99999984307e+17 -9.99999984307e+17 0 2 1 0 1 64
1 0 
0 
d1 3 1 14 14 14 2 1 8194 1 64
1 1 
0 
cr1 1 1 1000000000 -1000000000 0 4 1 3 1 64
1 462.982005559 
0 
cp 2 2 1 0 0 2 1 0 1 64
1 "y" 
2 "y" "n" 
com$string 2 2 8 0 0 2 1 0 1 64
1 "" 
0 
cr 1 1 1000000000 -1000000000 0 4 1 1 1 64
1 -764.219181094 
0 
ct 7 1 1000000000 0 1 2 1 6 1 64
1 0 
0 
crf 1 1 9.99999984307e+17 -9.99999984307e+17 0 4 1 0 1 64
1 0 
0 
date 2 2 9 0 0 2 1 1 1 64
1 "Feb 21 92" 
0 
d2 3 1 14 14 14 2 1 8194 1 64
1 0 
0 
dbo 7 1 1000000000 0 1 2 1 2 1 64
1 1452000 
0 
dmg 2 2 2 0 0 4 1 3 1 64
1 "ph" 
0 
dg 2 2 1023 0 0 4 1 7 1 64
1 
"1:ACQUISITION:sw:1,at:3,np:0,bs(bs):0,ss:0,d1:3,d2(d2):3,nt:0,ct:0;1:TRANSMITTER:tn,sfrq:3,tof:1,tpwr:0,pw:3;2:2D ACQUISITION:sw1:1,ni:0,phase:0;2:DECOUPLER:dn,dof:1,dm,dmm,dmf,dpwr:0,dseq,dres:1;3:PROCESSING:cf(nf):0,lb(lb):2,sb(sb):3,sbs(sb):3,gf(gf):3,gfs(gf):3,awc(awc):3,lsfid(lsfid):0,phfid(phfid):1,wtfile(wtfile),proc,fn:0,math;3:HCOSYINV:pwxlvl,pwx:3,hdpwr,hd90:3,hdres:1,hdshape,hdflg;4(ni):2D PROCESSING:lb1(lb1):2,sb1(sb1):3,sbs1(sb1):3,gf1(gf1):3,gfs1(gf1):3,awc1(awc1):3,wtfile1(wtfile1),proc1,fn1:0;4:FLAGS:il,dp,hs,sspul,hst:3;4:SPECIAL:temp:1,date,solvent,file;" 
0 
deltaf 1 1 9.99999984307e+17 -9.99999984307e+17 0 4 1 0 1 64
1 0 
0 
delta1 1 1 1000000000 -1000000000 0 4 1 3 1 64
1 193.897444086 
0 
delta 1 1 1000000000 -1000000000 0 4 1 1 1 64
1 58.5742242102 
0 
dfrq 1 1 1000000000 0 0 2 1 1 0 64
1 161.903 
0 
dlp 7 1 10 10 10 2 1 8194 0 64
1 20 
0 
dgs 2 2 1023 0 0 4 1 7 1 64
1 
"1:AXIAL SHIMS:z1:0,z1c:0,z2:0,z2c:0,z3:0,z4:0,z5(z5flag):0;1:SPECIAL PROCESSING:werr,wnt,wbs,wexp;2:NON AXIAL SHIMS:x1:0,y1:0,xz:0,yz:0,xy:0,x2y2:0,x3:0,y3:0,xz2(z5flag):0,yz2(z5flag):0,zxy(z5flag):0,zx2y2(z5flag):0;3:AUTOMATION:method,wshim,load,,spin:0,gain:0,loc:0;3:SPECIAL:temp:1,null:1,j:1,taumb:3;4:MACROS:r1,r2,r3,r4,r5,r6,r7,n1,n2,n3,n4;" 
0 
dg1 2 2 1023 0 0 4 1 7 1 64
1 
"1:DISPLAY:sp:1,wp:1,vs:0;1:REFERENCE:rfl:1,rfp:1,cr:1,delta:1;1:PHASE:lp:1,rp:1,rp1(ni):1,lp1(ni):1;2:CHART:sc:0,wc:0,hzmm:2,vp:0,axis,pltmod,,th:0,,ho:2,vo:2,,rplot,trace:2;3(ni):2D:sp1:1,wp1:1,sc2:0,wc2:0,rfl1:1,rfp1:1;3:FLAGS:aig*,dcg*,dmg*;3:FID:sf:3,wf:3,vf:0;4:INTEGRAL:intmod,is:2,ins:3,io:0,,lvl:3,tlt:3;" 
0 
dhp 1 1 9 9 9 2 1 8192 0 64
1 0 
0 
dmf 7 1 11 11 11 2 1 8194 1 64
1 15873 
0 
dm 2 2 3 0 0 2 1 0 1 64
1 "nnn" 
0 
dod 3 1 14 14 14 2 1 8194 1 64
1 0.00999999977648 
0 
dmm 2 2 1 0 0 2 1 2 1 64
1 "ccp" 
0 
dmg1 2 2 8 0 0 4 1 0 1 64
1 "" 
0 
dn 2 2 4 0 0 2 1 8 1 64
1 "P31" 
0 
dotflag 2 2 8 0 0 4 1 0 1 64
1 "" 
0 
dof 5 1 8 8 8 2 1 8194 1 64
1 -400 
0 
hs 2 2 2 0 0 2 1 0 1 64
1 "yn" 
0 
fpmult 1 1 1000000000 0 0 3 1 0 0 64
1 1 
0 
filter 7 1 1000000000 0 1 2 1 2 1 64
1 54.0999984741 
0 
dseq 2 2 8 0 0 2 1 0 1 64
1 "garp1" 
0 
dpwrf 7 1 4095 0 1 2 1 2 0 64
1 4095 
0 
dpwr 7 1 9 9 9 2 1 8194 1 64
1 48 
0 
dres 7 1 360 1 0 2 1 0 1 64
1 1 
0 
fb 7 1 6 6 6 2 1 8195 1 64
1 600 
0 
exppath 2 2 8 0 0 2 1 0 1 64
1 "/home/krish/vnmrsys/exp2/acqfil" 
0 
file 2 2 6 0 0 2 1 3 1 64
1 "exp" 
0 
fn 7 1 524288 64 -2 3 1 1 1 64
1 1024 
0 
fn1 7 1 524288 64 -2 3 1 1 1 64
1 1024 
0 
goid 2 2 8 0 0 2 1 0 1 64
1 "/vnmr/acqqueue/exp2.krish.204520" 
0 
gf1 1 1 100000 0 0 3 1 1 1 64
1 0.00682633556426 
0 
gain 1 1 32000000 0 0.1 2 1 0 1 64
1 31 
0 
fpmult1 1 1 1000000000 0 0 3 2 0 0 64
1 0.5 
0 
gf 1 1 100000 0 0 3 1 1 1 64
1 0.236544 
0 
gfs 1 1 1000 -1000 0.001 3 1 1 0 64
1 0 
0 
gfs1 1 1 1000 -1000 0.001 3 1 1 0 64
1 0 
0 
hdres 1 1 9.99999984307e+17 -9.99999984307e+17 0 2 1 0 1 64
1 90 
0 
hdflg 4 2 4 0 0 2 1 0 1 64
1 "y" 
0 
hd90 6 1 13 13 13 2 1 8192 1 64
1 125 
0 
hdpwr 1 1 9.99999984307e+17 -9.99999984307e+17 0 2 1 0 1 64
1 40 
0 
ho 7 1 500 -500 0.1 4 1 1 1 64
1 -3.125 
0 
hdshape 2 2 8 0 0 2 1 0 1 64
1 "waltz16" 
0 
homo 2 2 1 0 0 2 1 0 1 64
1 "n" 
2 "y" "n" 
is 1 1 1000000000 1e-06 0 4 1 3 1 64
1 500 
0 
in 2 2 1 0 0 2 1 0 1 64
1 "n" 
2 "y" "n" 
hzmm 1 1 1000000000 -1000000000 0 4 1 11 1 64
1 6.45161290323 
0 
hst 3 1 14 14 14 2 1 8194 1 64
1 0.00800000037998 
0 
il 2 2 1 0 0 2 1 0 1 64
1 "n" 
2 "y" "n" 
intmod 2 2 8 0 0 4 1 0 1 64
1 "off" 
3 "off" "partial" "full" 
ins 3 1 8190 0 1e-07 4 1 3 1 64
1 1 
0 
io 7 1 500 -500 0.1 4 1 1 1 64
1 20 
0 
liamp 1 1 1000000000 0 0 4 1 0 0 64
1 0 
0 
lb 1 1 100000 -100000 0 3 1 1 0 64
1 10 
0 
j 1 1 1e+18 -1e+18 0 2 1 0 1 64
1 140 
0 
lb1 1 1 100000 -100000 0 3 1 1 0 64
1 0.318309992552 
0 
lifrq 1 1 1000000000 -1000000000 0 4 1 0 0 64
1 0 
0 
rfl 1 1 1000000000 -1000000000 0 4 1 1 1 64
1 4288.80744873 
0 
pad 3 1 14 14 14 2 1 8194 1 64
1 0.5 
0 
n2 2 2 6 0 0 4 1 3 1 64
1 "" 
0 
macro 2 2 6 0 0 4 1 3 1 64
1 "" 
0 
lp 1 1 3600 -3600 0.1 4 1 3 1 64
1 5 
0 
load 2 2 4 0 0 2 1 3 1 64
1 "n" 
2 "y" "n" 
llfrq 1 1 1000000000 -1000000000 0 4 1 0 0 64
1 0 
0 
loc 7 1 12 12 12 2 1 8193 1 64
1 0 
0 
lsfid 7 1 64000 0 1 3 1 0 0 64
1 0 
0 
lp1 1 1 3600 -3600 0.1 4 1 3 1 64
1 0 
0 
lvl 1 1 1000000000 -1000000000 0 4 1 1 1 64
1 0 
0 
method 2 2 6 0 0 2 1 3 1 64
1 "z1z2" 
0 
math 2 2 1 0 0 3 1 3 1 64
1 "f" 
3 "d" "f" "i" 
mbond 4 2 4 0 0 2 1 0 1 64
1 "n" 
0 
n1 2 2 6 0 0 4 1 3 1 64
1 "" 
0 
np 7 1 128000 64 64 2 1 11 1 64
1 1024 
0 
n3 2 2 6 0 0 4 1 3 1 64
1 "" 
0 
ni 7 1 32767 0 0 2 1 0 1 64
1 200 
0 
null 1 1 1e+18 -1e+18 0 2 1 0 1 64
1 0 
0 
nt 7 1 1000000000 1 1 2 1 2 1 64
1 8 
0 
p1 6 1 13 13 13 2 1 8194 1 64
1 0 
0 
pw90 6 1 13 13 13 2 1 8194 1 64
1 10 
0 
proc 2 2 10 0 0 3 1 1 1 64
1 "ft" 
0 
pltmod 2 2 8 0 0 4 1 0 1 64
1 "off" 
5 "off" "fixed" "full" "variable" "user" 
phfid 1 1 3600 -3600 0.1 3 1 0 0 64
1 0 
0 
phase 1 1 1e+18 -1e+18 0 2 1 0 1 64
2 1 2 
0 
priority 7 1 32768 0 1 2 1 0 1 64
1 5 
0 
pmode 2 2 8 0 0 3 1 0 1 64
1 "partial" 
0 
pslabel 2 2 8 0 0 2 1 11 1 64
1 "hcosyinv" 
0 
proc1 2 2 10 0 0 3 2 1 1 64
1 "ft" 
0 
pw 6 1 13 13 13 2 1 8194 1 64
1 10 
0 
r3 1 1 1e+18 -1e+18 0 4 1 1 1 64
1 0 
0 
r1 1 1 1e+18 -1e+18 0 4 1 1 1 64
1 6.25e-05 
0 
pwxlvl 1 1 1e+18 -1e+18 0 2 1 0 1 64
1 58 
0 
pwx 6 1 10000000 0 0.1 2 1 0 1 64
1 21 
0 
r2 1 1 1e+18 -1e+18 0 4 1 1 1 64
1 0 
0 
r6 1 1 1e+18 -1e+18 0 4 1 1 1 64
1 0 
0 
r5 1 1 1e+18 -1e+18 0 4 1 1 1 64
1 0 
0 
r4 1 1 1e+18 -1e+18 0 4 1 1 1 64
1 0 
0 
rfband 2 2 1 0 0 2 1 2 1 64
1 "hl" 
4 "hh" "hl" "lh" "ll" 
r7 1 1 1e+18 -1e+18 0 4 1 1 1 64
1 0 
0 
vo 7 1 500 -500 0.1 4 1 1 1 64
1 60 
0 
ss 7 1 1000000000 -1000000000 1 2 1 2 1 64
1 4 
0 
sbs 1 1 1000 -1000 0.001 3 1 1 0 64
1 0 
0 
rp1 1 1 3600 -3600 0.1 4 1 3 1 64
1 0 
0 
rfp1 1 1 1000000000 -1000000000 0 4 1 1 1 64
1 7945.583 
0 
rfp 1 1 1000000000 -1000000000 0 4 1 1 1 64
1 2895.7 
0 
rfl1 1 1 1000000000 -1000000000 0 4 1 1 1 64
1 8000 
0 
rof2 6 1 13 13 13 2 1 8194 1 64
1 9.9999961853 
0 
rof1 6 1 13 13 13 2 1 8194 1 64
1 9.9999961853 
0 
rp 1 1 3600 -3600 0.1 4 1 3 1 64
1 -132.303370787 
0 
satfrq 5 1 1000000000 -1000000000 0 2 1 0 1 64
1 0 
0 
satdly 1 1 1e+18 -1e+18 0 2 1 0 1 64
1 0 
0 
rplot 2 2 1 0 0 4 1 3 1 64
1 "n" 
2 "y" "n" 
satflg 4 2 4 0 0 2 1 0 1 64
1 "nn" 
0 
sb 1 1 1000 -1000 0.001 3 1 0 0 64
1 -0.256 
0 
satpwr 1 1 1e+18 -1e+18 0 2 1 0 1 64
1 0 
0 
sb1 1 1 1000 -1000 0.001 3 1 1 0 64
1 -0.001 
0 
sn 1 1 1e+18 -1e+18 0 3 1 1 1 64
1 0 
0 
sc2 7 1 3 3 3 4 1 8195 1 64
1 0 
0 
sbs1 1 1 1000 -1000 0.001 3 1 1 0 64
1 0 
0 
sc 7 1 1 1 1 4 1 8195 1 64
1 6.25 
0 
sf 1 1 8190 0 1e-07 4 1 3 1 64
1 0 
0 
seqfil 2 2 8 0 0 2 1 11 1 64
1 "hcosyinv" 
0 
sfrq 1 1 1000000000 0 0 2 1 3 1 64
1 399.952 
0 
sp 1 1 1000000000 -1000000000 0 4 1 3 1 64
1 -792.324669865 
0 
solvfactor 1 1 1e+18 -1e+18 0 2 1 0 1 64
1 -2.51e-06 
0 
solvent 2 2 6 0 0 2 1 11 1 64
1 "DMSO" 
0 
spin 1 1 32000000 0 0.1 2 1 0 1 64
1 0 
0 
sp1 1 1 1000000000 -1000000000 0 4 1 3 1 64
1 317.402960861 
0 
tin 2 2 1 0 0 2 1 2 1 64
1 "n" 
2 "y" "n" 
taumb 3 1 8190 0 1.00000001169e-07 2 1 0 1 64
1 0 
0 
sw 1 1 5 5 5 2 1 8203 1 64
1 1000 
0 
sspul 4 2 4 0 0 2 1 0 1 64
1 "y" 
0 
sw1 1 1 1e+18 -1e+18 0 2 1 0 1 64
1 1000 
0 
temp 1 1 200 -150 0.1 2 1 0 1 64
1 25 
0 
tbo 7 1 1000000000 0 1 2 1 2 1 64
1 1452000 
0 
th 1 1 1000000000 0 0 4 1 1 1 64
1 4 
0 
tpwr 7 1 63 -63 1 2 1 8194 1 64
1 62 
0 
tn 2 2 4 0 0 2 1 8 1 64
1 "H1" 
0 
tlt 1 1 1000000000 -1000000000 0 4 1 1 1 64
1 0 
0 
tof 5 1 7 7 7 2 1 8194 1 64
1 -818.7 
0 
trace 2 2 2 0 0 4 1 3 1 64
1 "f2" 
2 "f1" "f2" 
tpwrf 7 1 4095 0 1 2 1 2 0 64
1 4095 
0 
vf 1 1 1000000000 0 0 4 1 3 1 64
1 14471143607.8 
0 
wshim 2 2 4 0 0 2 1 3 1 64
1 "n" 
0 
wc 7 1 2 2 2 4 1 8203 1 64
1 155 
0 
vs 1 1 1000000000 1e-06 0 4 1 3 1 64
1 83751.0360847 
0 
vpf 1 1 9.99999984307e+17 -9.99999984307e+17 0 4 1 0 1 64
1 0 
0 
vp 7 1 500 -500 0.1 4 1 3 1 64
1 0 
0 
vpfi 1 1 9.99999984307e+17 -9.99999984307e+17 0 4 1 0 1 64
1 0 
0 
vtwait 3 1 14 14 14 2 1 8194 1 64
1 300 
0 
vtc 1 1 255 0 1 2 1 2 1 64
1 25 
0 
wbs 2 2 6 0 0 3 1 3 1 64
1 "" 
0 
wf 1 1 8190 0 1e-07 4 1 3 1 64
1 0.512 
0 
werr 2 2 6 0 0 3 1 3 1 64
1 "" 
0 
wc2 7 1 4 4 4 4 1 8195 1 64
1 155 
0 
wexp 2 2 6 0 0 3 1 3 1 64
1 "" 
0 
wp 1 1 100000 0 0 4 1 11 1 64
1 56.7514677104 
0 
wnt 2 2 6 0 0 3 1 3 1 64
1 "" 
0 
wp1 1 1 100000 0 0 4 1 3 1 64
1 193.73776908 
0 
yz 7 1 2047 -2048 1 2 1 3 1 64
1 -149 
0 
xz 7 1 2047 -2048 1 2 1 3 1 64
1 95 
0 
x1 7 1 2047 -2048 1 2 1 3 1 64
1 56 
0 
wtfile1 2 2 15 0 0 3 2 1 1 64
1 "" 
0 
wtfile 2 2 15 0 0 3 1 1 1 64
1 "" 
0 
x3 7 1 2047 -2048 1 2 1 3 1 64
1 151 
0 
x2y2 7 1 2047 -2048 1 2 1 3 1 64
1 13 
0 
xy 7 1 2047 -2048 1 2 1 3 1 64
1 -25 
0 
y1 7 1 2047 -2048 1 2 1 3 1 64
1 89 
0 
xz2 7 1 2047 -2048 1 2 1 3 1 64
1 0 
0 
y3 7 1 2047 -2048 1 2 1 3 1 64
1 -334 
0 
z2 7 1 2047 -2048 1 2 1 2 1 64
1 -401 
0 
z1 7 1 2047 -2048 1 2 1 2 1 64
1 -71 
0 
yz2 7 1 2047 -2048 1 2 1 3 1 64
1 0 
0 
z1c 7 1 2047 -2048 1 2 1 2 1 64
1 136 
0 
z4 7 1 2047 -2048 1 2 1 2 1 64
1 196 
0 
z3 7 1 2047 -2048 1 2 1 2 1 64
1 90 
0 
z2c 7 1 2047 -2048 1 2 1 2 1 64
1 -68 
0 
zx2y2 7 1 2047 -2048 1 2 1 3 1 64
1 0 
0 
z5 7 1 2047 -2048 1 2 1 3 1 64
1 0 
0 
zxy 7 1 2047 -2048 1 2 1 3 1 64
1 0 
0 
