io 7 1 500 -500 0.1 4 1 1 1 64
1 0.794392983167 
0 
dmm 2 2 1 0 0 2 1 2 1 64
1 "c" 
0 
date 2 2 9 0 0 2 1 1 1 64
1 "Sep 26 91" 
0 
bs 7 1 1000000000 0 1 2 1 0 0 64
1 16 
0 
at 1 1 100 0.001 0.001 2 1 11 1 64
1 1.8618368 
0 
alock 2 2 1 0 0 2 1 2 1 64
1 "n" 
0 
aig 2 2 2 0 0 4 1 1 1 64
1 "ai" 
2 "nm" "ai" 
acqstatus 7 1 32767 0 0 2 1 0 1 64
2 11 16 
0 
alfa 6 1 8192 -8192 1e-07 2 1 8194 1 64
1 -5.73377370391 
0 
array 2 2 256 0 0 2 1 1 1 64
1 "zfilter" 
0 
ap 2 2 1023 0 0 4 1 7 1 64
1 
"1:SAMPLE:date,solvent,file,temp(temp);1:ACQUISITION:sfrq:3,tn:2,at:3,np:0,sw:1,fb:0,bs(bs):0,ss(ss):0,tpwr(tpwr):0,p1pwr:0,tpwrf(tpwrf):0,pw:1,p1(p1):1,d1:3,d2(d2):3,tof:1,gain:0,nt:0,ct:0;1:SHAPED PULSE:selshape,selpwr,seltime:1;1:TOCSY:tpwr,pw:1,window:1,mix:3,zfilter:6;1:FLAGS:in,dp,hs,sspul;1(ni):2D ACQUISITION:sw1:1,ni:0;1(ni):2D DISPLAY:sp1:1,wp1:1,sc2:0,wc2:0,rfl1:1,rfp1:1;2:PRESATURATION:satshape,satfrq:1,satpwr,sattime:3,homo;2:MODE:intsub,il,bs(bs);2:PROCESSING:cf(nf):0,lb(lb):2,sb(sb):3,sbs(sb):3,gf(gf):3,gfs(gf):3,awc(awc):3,lsfid(lsfid):0,phfid(phfid):1,wtfile,proc,fn:0,math,,werr,wexp,wbs,wnt;2(ni):2D PROCESSING:lb1(lb1):2,sb1(sb1):3,sbs1(sb1):3,gf1(gf1):3,gfs1(gf1):3,awc1(awc1):3,wtfile1,proc1,fn1:0;2:DISPLAY:sp:1,wp:1,vs:0,sc:0,wc:0,hzmm:2,is:2,rfl:1,rfp:1,th:0,ins:3,aig*,dcg*,dmg*;" 
0 
arraydim 7 1 32768 1 1 2 1 5 1 64
1 20 
0 
arrayelemts 1 1 9.99999984307e+17 -9.99999984307e+17 0 2 1 0 1 64
1 1 
0 
axis 2 2 4 0 0 4 1 3 1 64
1 "p" 
0 
awc 1 1 1 -1 0.001 3 1 1 0 64
1 0 
0 
awc1 1 1 1 -1 0.001 3 1 1 0 64
1 0 
0 
axisf 2 2 8 0 0 4 1 0 1 64
1 "s" 
0 
crf 1 1 9.99999984307e+17 -9.99999984307e+17 0 4 1 0 1 64
1 0 
0 
cp 2 2 1 0 0 2 1 0 1 64
1 "y" 
2 "y" "n" 
cf 7 1 32767 0 1 3 1 1 0 64
1 1 
0 
celem 1 1 9.99999984307e+17 -9.99999984307e+17 0 2 1 0 1 64
1 16 
0 
com$string 2 2 8 0 0 2 1 0 1 64
1 "" 
0 
cr1 1 1 1000000000 -1000000000 0 4 1 3 1 64
1 0 
0 
cr 1 1 1000000000 -1000000000 0 4 1 1 1 64
1 2795.7374789 
0 
d1 3 1 14 14 14 2 1 8194 1 64
1 0 
0 
ct 7 1 1000000000 0 1 2 1 6 1 64
1 0 
0 
d2 3 1 14 14 14 2 1 8194 1 64
1 0 
0 
dm 2 2 3 0 0 2 1 0 1 64
1 "nnn" 
0 
dfrq 1 1 1000000000 0 0 2 1 1 0 64
1 599.943667 
0 
delta1 1 1 1000000000 -1000000000 0 4 1 3 1 64
1 0 
0 
dcg 2 2 3 0 0 4 1 1 1 64
1 "cdc" 
2 "dc" "cdc" 
dbo 7 1 1000000000 0 1 2 1 2 1 64
1 1542300 
0 
delta 1 1 1000000000 -1000000000 0 4 1 1 1 64
1 1516.07763532 
0 
deltaf 1 1 9.99999984307e+17 -9.99999984307e+17 0 4 1 0 1 64
1 0 
0 
dg1 2 2 1023 0 0 4 1 7 1 64
1 
"1:DISPLAY:sp:1,wp:1,vs:0;1:REFERENCE:rfl:1,rfp:1,cr:1,delta:1;1:PHASE:lp:1,rp:1,rp1(ni):1,lp1(ni):1;2:CHART:sc:0,wc:0,hzmm:2,vp:0,axis,pltmod,,th:0,,ho:2,vo:2,,rplot,trace:2;3(ni):2D:sp1:1,wp1:1,sc2:0,wc2:0,rfl1:1,rfp1:1;3:FLAGS:aig*,dcg*,dmg*;3:FID:sf:3,wf:3,vf:0;4:INTEGRAL:intmod,is:2,ins:3,io:0,,lvl:3,tlt:3;" 
0 
dg 2 2 1023 0 0 4 1 7 1 64
1 
"1:ACQUISITION:sfrq:3,tn,at:3,np:0,sw:1,ss(ss):0,p1pwr:0,p1:1,d1:3,tof:1,nt:0,ct:0;2:SAMPLE:date,solvent,temp:1;2:PRESATURATION:satshape,satfrq:1,sattime:3,satpwr;2:SELECTIVE PULSE:selshape,selpwr,seltime:1;2(ni):2D ACQUISITION:sw1:1,ni:0;3:PROCESSING:cf(nf):0,lb:2,sb:3,sbs(sb):3,gf:3,gfs(gf):3,fn:0,math,,werr,wexp,wbs,wnt;4(ni):2D PROCESSING:lb1:2,sb1:3,sbs1(sb1):3,gf1:3,gfs1(gf1):3,fn1:0;3:FLAGS:dp,hs,sspul;4:EXPERIMENT MODE:intsub,il,bs(bs):0;4:TOCSY:tpwr,pw:1,window:1,mix:3,zfilter:6;" 
0 
dfrq2 1 1 1000000000 0 0 2 1 1 1 64
1 150.869 
0 
dhp 1 1 9 9 9 2 1 8192 0 64
1 40 
0 
dgs 2 2 1023 0 0 4 1 7 1 64
1 
"1:AXIAL SHIMS:z1:0,z1c:0,z2:0,z2c:0,z3:0,z4:0,z5(z5flag):0;2:NON AXIAL SHIMS:x1:0,y1:0,xz:0,yz:0,xy:0,x2y2:0,x3:0,y3:0,xz2(z5flag):0,yz2(z5flag):0,zxy(z5flag):0,zx2y2(z5flag):0;3:AUTOMATION:method,wshim,load,,spin:0,gain:0,loc:0;3:SPECIAL:temp;4:MACROS:r1,r2,r3,r4,r5,r6,r7,n1,n2,n3,n4;" 
0 
dlp 7 1 10 10 10 2 1 8194 0 64
1 10 
0 
dmg 2 2 2 0 0 4 1 3 1 64
1 "ph" 
0 
dmf 7 1 11 11 11 2 1 8194 1 64
1 200 
0 
dm2 2 2 8 0 0 2 1 0 1 64
1 "n" 
0 
dmf2 7 1 100000 1 0 2 1 2 1 64
1 200 
0 
dmg1 2 2 5 0 0 4 1 0 1 64
1 "" 
0 
gf 1 1 100000 0 0 3 1 1 0 64
1 0.10000000149 
0 
dres 7 1 360 1 0 2 1 0 1 64
1 1 
0 
dp 2 2 1 0 0 2 1 0 1 64
1 "y" 
2 "y" "n" 
dod 3 1 14 14 14 2 1 8194 1 64
1 0.00999999977648 
0 
dn 2 2 4 0 0 2 1 8 1 64
1 "H1" 
0 
dmm2 2 2 8 0 0 2 1 0 1 64
1 "c" 
0 
dn2 2 2 8 0 0 2 1 8 1 64
1 "C13" 
0 
dof2 5 1 16 16 16 2 1 8194 1 64
1 0 
0 
dof 5 1 8 8 8 2 1 8194 1 64
1 0 
0 
dotflag 2 2 8 0 0 4 1 0 1 64
1 "" 
0 
dpwr2 7 1 18 18 18 2 1 8194 1 64
1 17 
0 
dpwr 7 1 9 9 9 2 1 8194 1 64
1 46 
0 
dpwrf 7 1 4095 0 1 2 1 2 1 64
1 0 
0 
file 2 2 6 0 0 2 1 3 1 64
1 "/home/vnmr1/userdir/parlib/w1dztocsy_slp" 
0 
exppath 2 2 8 0 0 2 1 0 1 64
1 "/home/vnmr1/vnmrsys/exp3/acqfil" 
0 
dseq 2 2 8 0 0 2 1 0 1 64
1 "" 
0 
dres2 7 1 360 1 0 2 1 0 1 64
1 1 
0 
dseq2 2 2 8 0 0 2 1 0 1 64
1 "" 
0 
fb 7 1 6 6 6 2 1 8195 1 64
1 1200 
0 
fpmult 1 1 1000000000 0 0 3 1 0 0 64
1 1 
0 
fn 7 1 524288 64 -2 3 1 1 0 64
1 8192 
0 
filter 7 1 1000000000 0 1 2 1 2 1 64
1 54.0999984741 
0 
fn1 7 1 524288 64 -2 3 1 1 1 64
1 1024 
0 
gain 1 1 32000000 0 0.1 2 1 0 1 64
1 30 
0 
fpmult1 1 1 1000000000 0 0 3 2 0 0 64
1 0.5 
0 
hst 3 1 14 14 14 2 1 8194 1 64
1 0.00800000037998 
0 
goid 2 2 8 0 0 2 1 0 1 64
1 "/vnmr/acqqueue/exp5.vnmr1.118110" 
0 
gfs 1 1 1000 -1000 0.001 3 1 1 0 64
1 0 
0 
gf1 1 1 100000 0 0 3 1 1 0 64
1 1 
0 
gfs1 1 1 1000 -1000 0.001 3 1 1 0 64
1 0 
0 
homo 2 2 1 0 0 2 1 0 1 64
1 "y" 
2 "y" "n" 
ho 7 1 500 -500 0.1 4 1 1 1 64
1 -0 
0 
hs 2 2 2 0 0 2 1 0 1 64
1 "n" 
0 
ins 3 1 8190 0 1e-07 4 1 3 1 64
1 2.5 
0 
il 2 2 1 0 0 2 1 0 1 64
1 "n" 
2 "y" "n" 
hzmm 1 1 1000000000 -1000000000 0 4 1 11 1 64
1 7.58038817658 
0 
in 2 2 1 0 0 2 1 0 1 64
1 "n" 
2 "y" "n" 
intsub 4 2 4 0 0 2 1 0 1 64
1 "y" 
0 
intmod 2 2 8 0 0 4 1 0 1 64
1 "off" 
3 "off" "partial" "full" 
r7 1 1 1e+18 -1e+18 0 4 1 1 1 64
1 0 
0 
n3 2 2 6 0 0 4 1 3 1 64
1 "" 
0 
lvl 1 1 1000000000 -1000000000 0 4 1 1 1 64
1 0 
0 
llfrq 1 1 1000000000 -1000000000 0 4 1 0 0 64
1 0 
0 
liamp 1 1 1000000000 0 0 4 1 0 0 64
43 0 0 0 0 0 0 0 0 0 0 0 0 0 0 0 0 0 0 0 0 0 0 0 0 0 0 0 0 0 0 0 0 0 0 -0.00562198972329 5.34228467941 0.026743888855 20.1566104889 0 46.6698722839 0.0110855102539 37.0057754517 -0.00447082519531 
0 
lb 1 1 100000 -100000 0 3 1 1 1 64
1 1 
0 
is 1 1 1000000000 1e-06 0 4 1 3 1 64
1 203211.053253 
0 
lb1 1 1 100000 -100000 0 3 1 1 1 64
1 0.318309992552 
0 
llamp 1 1 1000000000 0 0 4 1 0 0 64
1 0 
0 
lifrq 1 1 1000000000 -1000000000 0 4 1 0 1 64
9 2237.03949115 2042.34287521 2031.20887058 1938.4254987 1886.46681044 1745.43608518 1634.09603892 1448.52929515 0 
0 
lp1 1 1 3600 -3600 0.1 4 1 3 1 64
1 0 
0 
loc 7 1 12 12 12 2 1 8193 0 64
1 0 
0 
load 2 2 4 0 0 2 1 3 1 64
1 "n" 
2 "y" "n" 
lp 1 1 3600 -3600 0.1 4 1 3 1 64
1 0 
0 
lsfrq 1 1 9.99999984307e+17 -9.99999984307e+17 0 3 1 0 0 64
1 0 
0 
lsfid 7 1 64000 0 1 3 1 0 0 64
1 0 
0 
lsfrq1 1 1 9.99999984307e+17 -9.99999984307e+17 0 3 1 0 0 64
1 0 
0 
mix 3 1 14 14 14 2 1 8192 1 64
1 0.1 
0 
math 2 2 1 0 0 3 1 3 1 64
1 "f" 
3 "d" "f" "i" 
macro 2 2 6 0 0 4 1 3 1 64
1 "" 
0 
method 2 2 6 0 0 2 1 3 1 64
1 "/usr2/vnmr1/vnmrsys/shimmethods/fz123" 
0 
n1 2 2 6 0 0 4 1 3 1 64
1 "" 
0 
mix2 3 1 14 14 14 2 1 8192 1 64
1 0 
0 
n2 2 2 6 0 0 4 1 3 1 64
1 "" 
0 
priority 7 1 32768 0 1 2 1 0 1 64
1 5 
0 
phfid 1 1 3600 -3600 0.1 3 1 0 0 64
1 0 
0 
p1lvl 1 1 9.99999984307e+17 -9.99999984307e+17 0 2 1 0 1 64
1 72 
0 
nt 7 1 1000000000 1 1 2 1 2 1 64
1 16 
0 
np 7 1 128000 64 64 2 1 11 1 64
1 8192 
0 
p1 6 1 13 13 13 2 1 8194 1 64
1 5.5 
0 
p1s 6 1 100000 0 1 2 1 8192 1 64
1 60.000000894 
0 
p1pwr 1 1 9.99999984307e+17 -9.99999984307e+17 0 2 1 0 1 64
1 63 
0 
pad 3 1 14 14 14 2 1 8194 1 64
1 0.5 
0 
pltmod 2 2 8 0 0 4 1 0 1 64
1 "fixed" 
5 "off" "fixed" "full" "variable" "user" 
phfid1 1 1 3600 -3600 0.1 3 1 0 0 64
1 0 
0 
pmode 2 2 10 0 0 3 1 0 1 64
1 "partial" 
0 
r1 1 1 1e+18 -1e+18 0 4 1 1 1 64
1 347 
0 
pw 6 1 13 13 13 2 1 8194 1 64
1 46 
0 
proc1 2 2 10 0 0 3 2 1 1 64
1 "ft" 
0 
proc 2 2 10 0 0 3 1 1 1 64
1 "ft" 
0 
pslabel 2 2 8 0 0 2 1 11 1 64
1 "w1dtocsy_slp" 
0 
pw90 6 1 13 13 13 2 1 8194 1 64
1 7 
0 
r5 1 1 1e+18 -1e+18 0 4 1 1 1 64
1 0 
0 
r3 1 1 1e+18 -1e+18 0 4 1 1 1 64
1 0 
0 
r2 1 1 1e+18 -1e+18 0 4 1 1 1 64
1 249 
0 
r4 1 1 1e+18 -1e+18 0 4 1 1 1 64
1 0 
0 
r6 1 1 1e+18 -1e+18 0 4 1 1 1 64
1 0 
0 
tpwr 7 1 17 17 17 2 1 8194 1 64
1 45 
0 
solvfactor 1 1 1e+18 -1e+18 0 2 1 0 1 64
1 -3.3e-07 
0 
sb 1 1 1000 -1000 0.001 3 1 0 0 64
1 -0.25 
0 
rof2 6 1 13 13 13 2 1 8194 1 64
1 9.99999904633 
0 
rfp 1 1 1000000000 -1000000000 0 4 1 1 1 64
1 2795.7374789 
0 
rfl 1 1 1000000000 -1000000000 0 4 1 1 1 64
1 1104.86339745 
0 
rfband 2 2 1 0 0 2 1 2 1 64
1 "ccc" 
9 "hhc" "hlc" "lhc" "llc" "hcc" "lcc" "chc" "clc" "ccc" 
rfl1 1 1 1000000000 -1000000000 0 4 1 1 1 64
1 0 
0 
roesypwr 1 1 9.99999984307e+17 -9.99999984307e+17 0 2 1 0 1 64
1 0 
0 
rfp1 1 1 1000000000 -1000000000 0 4 1 1 1 64
1 0 
0 
rof1 6 1 13 13 13 2 1 8194 1 64
1 10 
0 
satfrq 5 1 1000000000 -1000000000 0 2 1 0 1 64
1 -229.7 
0 
rp1 1 1 3600 -3600 0.1 4 1 3 1 64
1 0 
0 
rp 1 1 3600 -3600 0.1 4 1 3 1 64
1 -199.163591534 
0 
rplot 2 2 1 0 0 4 1 3 1 64
1 "n" 
2 "y" "n" 
satshape 2 2 8 0 0 2 1 0 1 64
1 "presat" 
0 
satpwr 1 1 9.99999984307e+17 -9.99999984307e+17 0 2 1 0 1 64
1 0 
0 
sattime 3 1 14 14 14 2 1 8192 1 64
1 2 
0 
selshape 2 2 8 0 0 2 1 0 1 64
1 "g389" 
0 
sc 7 1 1 1 1 4 1 8195 1 64
1 0 
0 
sbs 1 1 1000 -1000 0.001 3 1 1 0 64
1 0 
0 
sb1 1 1 1000 -1000 0.001 3 1 1 0 64
1 0 
0 
sbs1 1 1 1000 -1000 0.001 3 1 1 0 64
1 0 
0 
selfrq 1 1 9.99999984307e+17 -9.99999984307e+17 0 2 1 0 1 64
1 0.3 
0 
sc2 7 1 3 3 3 4 1 8195 1 64
1 0 
0 
selpwr 1 1 63 -63 1 2 1 0 1 64
1 0 
0 
sfrq 1 1 1000000000 0 0 2 1 3 1 64
1 599.943667 
0 
seqfil 2 2 8 0 0 2 1 11 1 64
1 "w1dztocsy_slp" 
0 
seltime 6 1 100000 0.1 0.1 2 1 8192 1 64
1 32.8571428571 
0 
sf 1 1 8190 0 1e-07 4 1 3 1 64
1 0 
0 
sn 1 1 1e+18 -1e+18 0 3 1 1 1 64
1 0 
0 
slpwr 1 1 9.99999984307e+17 -9.99999984307e+17 0 2 1 0 1 64
1 51 
0 
solvent 2 2 6 0 0 2 1 11 1 64
1 "d2o" 
0 
temp 1 1 200 -150 0.1 2 1 0 1 64
1 30 
0 
ss 7 1 1000000000 0 1 2 1 2 1 64
1 8 
0 
sp1 1 1 1000000000 -1000000000 0 4 1 3 1 64
1 434.975335629 
0 
sp 1 1 1000000000 -1000000000 0 4 1 3 1 64
1 1690.87408145 
0 
spin 1 1 32000000 0 0.1 2 1 0 0 64
1 22 
0 
sw 1 1 5 5 5 2 1 8203 1 64
1 2199.97800022 
0 
sspul 4 2 4 0 0 2 1 0 1 64
1 "" 
0 
tbo 7 1 1000000000 0 1 2 1 2 1 64
1 1542300 
0 
tn 2 2 4 0 0 2 1 8 1 64
1 "H1" 
0 
tin 2 2 1 0 0 2 1 2 1 64
1 "n" 
2 "y" "n" 
th 1 1 1000000000 0 0 4 1 1 1 64
1 7 
0 
tlt 1 1 1000000000 -1000000000 0 4 1 1 1 64
1 0 
0 
tocsypwr 1 1 9.99999984307e+17 -9.99999984307e+17 0 2 1 0 1 64
1 55 
0 
tocsypw 6 1 13 13 13 2 1 8192 1 64
1 22 
0 
tof 5 1 7 7 7 2 1 8194 1 64
1 -229.7 
0 
wp1 1 1 100000 0 0 4 1 3 1 64
1 3065.37507402 
0 
wc 7 1 2 2 2 4 1 8203 1 64
1 200 
0 
vp 7 1 500 -500 0.1 4 1 3 1 64
1 0 
0 
trim2 3 1 14 14 14 2 1 8192 1 64
1 0 
0 
trace 2 2 2 0 0 4 1 3 1 64
1 "f1" 
2 "f1" "f2" 
tpwrf 7 1 4095 0 1 2 1 2 1 64
1 0 
0 
trim1 3 1 14 14 14 2 1 8192 1 64
1 0.002 
0 
vf 1 1 1000000000 0 0 4 1 3 1 64
1 16296.6220572 
0 
trimpwr 1 1 9.99999984307e+17 -9.99999984307e+17 0 2 1 0 1 64
1 54 
0 
vo 7 1 500 -500 0.1 4 1 1 1 64
1 60 
0 
vtc 1 1 255 0 1 2 1 2 1 64
1 20 
0 
vpfi 1 1 9.99999984307e+17 -9.99999984307e+17 0 4 1 0 1 64
1 0 
0 
vpf 1 1 9.99999984307e+17 -9.99999984307e+17 0 4 1 0 1 64
1 0 
0 
vs 1 1 1000000000 1e-06 0 4 1 3 1 64
1 2094.89634305 
0 
wbs 2 2 6 0 0 3 1 3 1 64
1 "" 
0 
vtwait 3 1 14 14 14 2 1 8194 1 64
1 300 
0 
wf 1 1 8190 0 1e-07 4 1 3 1 64
1 1.8618368 
0 
werr 2 2 6 0 0 3 1 3 1 64
1 "" 
0 
wc2 7 1 4 4 4 4 1 8195 1 64
1 175 
0 
wexp 2 2 6 0 0 3 1 3 1 64
1 "" 
0 
wnt 2 2 6 0 0 3 1 3 1 64
1 "wft" 
0 
window 6 1 13 13 13 2 1 8192 1 64
1 46 
0 
wp 1 1 100000 0 0 4 1 11 1 64
1 2199.97800022 
0 
y3 7 1 2047 -2048 1 2 1 3 1 64
1 655 
0 
xy 7 1 2047 -2048 1 2 1 3 1 64
1 -93 
0 
wtfile1 2 2 15 0 0 3 2 1 1 64
1 "" 
0 
wtfile 2 2 15 0 0 3 1 1 1 64
1 "" 
0 
wshim 2 2 4 0 0 2 1 3 1 64
1 "n" 
0 
x2y2 7 1 2047 -2048 1 2 1 3 1 64
1 -9 
0 
x1 7 1 2047 -2048 1 2 1 3 1 64
1 -887 
0 
x3 7 1 2047 -2048 1 2 1 3 1 64
1 295 
0 
xz2 7 1 2047 -2048 1 2 1 3 1 64
1 241 
0 
xz 7 1 2047 -2048 1 2 1 3 1 64
1 -189 
0 
y1 7 1 2047 -2048 1 2 1 3 1 64
1 -140 
0 
z2c 7 1 2047 -2048 1 2 1 2 1 64
1 -216 
0 
z1c 7 1 2047 -2048 1 2 1 2 1 64
1 -498 
0 
yz2 7 1 2047 -2048 1 2 1 3 1 64
1 -250 
0 
yz 7 1 2047 -2048 1 2 1 3 1 64
1 -29 
0 
z1 7 1 2047 -2048 1 2 1 2 1 64
1 363 
0 
z2 7 1 2047 -2048 1 2 1 2 1 64
1 -483 
0 
z5 7 1 2047 -2048 1 2 1 3 1 64
1 -48 
0 
z4 7 1 2047 -2048 1 2 1 2 1 64
1 -602 
0 
z3 7 1 2047 -2048 1 2 1 2 1 64
1 158 
0 
zx2y2 7 1 2047 -2048 1 2 1 3 1 64
1 -189 
0 
zfilter 3 1 14 14 14 2 1 8192 1 64
20 0.003 0.0035 0.004 0.0045 0.005 0.0055 0.006 0.0065 0.007 0.0075 0.008 0.0085 0.009 0.0095 0.01 0.0105 0.011 0.0115 0.012 0.0125 
0 
zxy 7 1 2047 -2048 1 2 1 3 1 64
1 374 
0 
