fn1 7 1 524288 64 -2 3 1 1 1 64
1 512 
0 
dlp 7 1 10 10 10 2 1 8194 0 64
1 10 
0 
curscan 7 1 32767 0 0 2 1 0 1 64
1 52 
0 
bs 7 1 32767 0 1 2 1 0 1 64
1 8 
0 
at 1 1 100 0.001 0.001 2 1 11 1 64
1 0.2048 
0 
alfa 6 1 8190 -8190 0.025 2 1 2 1 64
1 -54.325 
0 
acqstatus 7 1 32767 0 0 2 1 0 1 64
2 101 0 
0 
aig 2 2 2 0 0 4 1 1 1 64
1 "ai"
2 "nm" "ai" 
ap 2 2 1023 0 0 4 1 6 1 64
7 "1:SAMPLE:date,solvent,temp,savefile,;"
"1:SPECTRUM:tn,sfrq:3,tof:1,sw:1,fb,at:3,np;"
"1:ACQUISITION:nt,ct,ss,nscans(nscans),curscan(nscans),inject,ntrig,dtrig:1(ntrig),ni,dp,gain;"
"2:PULSE SEQUENCE:d1:3,wet,p1:1(wet),p1pwr(wet),p1shape(wet),pw:1,tpwr,composit,;"
"2(wet):GRADIENTS:gtw:3,gzlvlw,gstab:3;"
"2:PROCESSING:fn,proc,lb,;"
"2:SOLV SUBTRACTION:ssfilter,ssorder,ssntaps,lsfrq:1;"
0 
alock 2 2 8 0 0 2 1 0 1 64
1 "n"
5 "a" "n" "s" "u" "y" 
arraydim 7 1 32768 1 1 2 1 5 1 64
1 1 
0 
array 2 2 256 0 0 2 1 1 1 64
1 ""
0 
arrayelemts 1 1 9.99999984307e+17 -9.99999984307e+17 0 2 1 0 1 64
1 0 
0 
axis 4 2 4 0 0 4 1 0 1 64
1 "p"
11 "c" "d" "1" "2" "3" "h" "k" "m" "n" "p" "u" 
awc1 1 1 1 -1 0.001 3 1 1 0 64
1 0 
0 
awc 1 1 1 -1 0.001 3 1 1 0 64
1 0 
0 
axisf 4 2 4 0 0 4 1 0 1 64
1 "s"
4 "m" "n" "s" "u" 
cr 1 1 1000000000 -1000000000 0 4 1 1 1 64
1 2795.44893356 
0 
composit 4 2 4 0 0 2 1 0 1 64
1 "y"
0 
cf 7 1 32767 0 1 3 1 1 0 64
1 1 
0 
celem 1 1 9.99999984307e+17 -9.99999984307e+17 0 2 1 0 1 64
1 1 
0 
cp 2 2 1 0 0 2 1 0 1 64
1 "y"
2 "y" "n" 
crf 1 1 9.99999984307e+17 -9.99999984307e+17 0 4 1 0 1 64
1 0 
0 
cr1 1 1 1000000000 -1000000000 0 4 1 3 1 64
1 28.7741935484 
0 
ct 7 1 1000000000 0 1 2 1 6 1 64
1 16 
0 
dg 2 2 1023 0 0 4 1 6 1 64
8 "1:SAMPLE:date,solvent,temp,savefile,;"
"1:ACQUISITION:tn,sfrq:3,tof:1,sw:1,fb,at:3,np,ss,gain,nt,ct;"
"2:PULSE SEQUENCE:d1:3,wet,p1:1(wet),p1pwr(wet),p1shape(wet),pw:1,tpwr,composit(composit);"
"3(dpwr):DECOUPLING:dfrq,dn,dof:1,dpwr,dm,dmm,dmf,dseq,dres:1,homo;"
"3(wet):GRADIENTS:gtw:3,gzlvlw,gstab:3;"
"4:PROCESSING:fn,proc(proc<>'ft'),lb,fn1(ni>1),;"
"4(ssfilter):SOLVENT:ssfilter,ssorder,ssntaps,lsfrq:1,;"
"4:AUTOMATION:wbs(wbs),wnt,wexp;"
0 
dcg 2 2 3 0 0 4 1 1 1 64
1 ""
2 "dc" "cdc" 
d2 3 1 14 14 14 2 1 8194 1 64
1 0 
0 
cutoff 1 1 9.99999984307e+17 -9.99999984307e+17 0 4 1 0 0 64
1 200 
0 
d1 3 1 14 14 14 2 1 8194 1 64
1 1.5 
0 
date 2 2 9 0 0 2 1 1 1 64
1 "Feb  7 95"
0 
deltaf 1 1 100 0 0 4 1 0 1 64
1 4.75564214118 
0 
delta1 1 1 2000000 0 0 4 1 3 1 64
1 0.115702479339 
0 
delta 1 1 2000000 0 0 4 1 1 1 64
1 7635.56424035 
0 
dfrq2 1 1 1000000000 0 0 2 1 9 1 64
1 60.7907486 
0 
dfrq 5 1 1000000000 -1000000000 0 2 1 8 1 64
1 150.836187 
0 
dfrq3 1 1 1000000000 0 0 2 1 9 1 64
1 0 
0 
dglc 2 2 8 0 0 4 1 0 1 64
3 "1:SAMPLE:date,solvent,temp,inject,savefile;"
"2:SCOUT SCAN:nscans,curscan;"
"3:LOOP FLUSHING:loc,ntrig,dtrig:1;"
0 
dg2 2 2 8 0 0 4 1 4 1 64
6 "1:1st DECOUPLING:dfrq:3,dn,dpwr:0,dof:1,dm,dmm,dmf:0,dseq,dres:1,homo;"
"2(numrfch>2):2nd DECOUPLING:dfrq2:3,dn2,dpwr2:0,dof2:1,dm2,dmm2,dmf2:0,dseq2,dres2:1,homo2;"
"2(numrfch>3):3rd DECOUPLING:dfrq3:3,dn3,dpwr3:0,dof3:1,dseq3,dres3:1,homo3;"
"3(ni2):3D ACQUISITION:d3:3,sw2:1,ni2:0,phase2:0;"
"3(ni2):3D DISPLAY:rp2:1,lp2:1;"
"4(ni2):3D PROCESSING:lb2:3,sb2:3,sbs2(sb2):3,gf2:3,gfs2(gf2):3,awc2:3,wtfile2,proc2,fn2:0;"
0 
dg1 2 2 1023 0 0 4 1 6 1 64
1 "1:DISPLAY:sp:1,wp:1,vs:0;1:REFERENCE:rfl:1,rfp:1,cr:1,delta:1;1:PHASE:lp:1,rp:1,rp1(ni):1,lp1(ni):1;2:CHART:sc:0,wc:0,hzmm:2,vp:0,axis,pltmod,,th:0,,ho:2,vo:2,,trace:2;3(ni):2D:sp1:1,wp1:1,sc2:0,wc2:0,rfl1:1,rfp1:1;3:FLAGS:aig*,dcg*,dmg*;3:FID:sf:3,wf:3,vf:0;4:INTEGRAL:intmod,is:2,ins:3,io:0,,lvl:3,tlt:3;"
0 
dgs 2 2 1023 0 0 4 1 6 1 64
14 "1(shimset=1):AXIAL SHIMS:z1:0,z1c:0,z2:0,z2c:0,z3:0,z4:0;"
"1(shimset=2):AXIAL SHIMS:z1:0,z1c:0,z2:0,z2c:0,z3:0,z4:0,z5:0;"
"1(shimset=3):AXIAL SHIMS:z1:0,z2:0,z3:0,z4:0,z5:0,z6:0;"
"1(shimset=4):AXIAL SHIMS:z1:0,z2:0,z3:0,z4:0,z5:0,z6:0,z7:0;"
"1(shimset=5):AXIAL SHIMS:z1:0,z1c:0,z2:0,z2c:0,z3:0,z3c:0,z4:0,z4c:0,z5:0,z6:0,z7:0,z8:0;"
"1((shimset=6)or(shimset=7)):AXIAL SHIMS:z1:0,z2:0,z3:0,z4:0,z5:0;"
"2(shimset=1):NON AXIAL SHIMS:x1:0,y1:0,xz:0,yz:0,xy:0,x2y2:0,x3:0,y3:0;"
"2((shimset=2)or(shimset=6)):NON AXIAL SHIMS:x1:0,y1:0,xz:0,yz:0,xy:0,x2y2:0,x3:0,y3:0,xz2:0,yz2:0,zxy:0,zx2y2:0;"
"2((shimset>2)and(shimset<6)):NON AXIAL SHIMS:x1:0,y1:0,xz:0,yz:0,xy:0,x2y2:0,x3:0,y3:0,xz2:0,yz2:0,zxy:0,zx2y2:0,z3x:0,z3y:0,z2x2y2:0,z2xy:0;"
"2(shimset=7):NON AXIAL SHIMS:x1:0,y1:0,xz:0,yz:0,xy:0,x2y2:0,x3:0,y3:0,xz2:0,yz2:0,zxy:0,zx2y2:0,z3x:0,z3y:0;"
"3(shimset=4):NON AXIAL SHIMS:zx3:0,zy3:0,z4x:0,z4y:0;"
"3(shimset=5):NON AXIAL SHIMS:zx3:0,zy3:0,z4x:0,z4y:0,z3x2y2:0,z3xy:0,z2x3:0,z2y3:0,z3x3:0,z3y3:0,z4x2y2:0,z4xy:0,z5x:0,z5y:0;"
"4:AUTOMATION:method,wshim,load,,spin:0,gain:0,alock,loc:0;"
"4:SPECIAL:temp;"
0 
dglp 2 2 8 0 0 4 1 7 1 64
1 "1(lpfilt):LP:lpalg,lpopt,lpfilt:0,lpnupts:0,strtlp:0,lpext:0,strtext:0;2(lpfilt1):LP 1:lpalg1,lpopt1,lpfilt1:0,lpnupts1:0,strtlp1:0,lpext1:0,strtext1:0;3(lpfilt2):LP 2:lpalg2,lpopt2,lpfilt2:0,lpnupts2:0,strtlp2:0,lpext2:0,strtext2:0;4:LP OUTPUT:lpprint(lpfilt):0,lptrace(lpfilt):0,lpprint1(lpfilt1):0,lptrace1(lpfilt1):0,lpprint2(lpfilt2):0,lptrace2(lpfilt2):0;"
0 
dgp 2 2 8 0 0 4 1 0 1 64
1 "1:DOWNSAMPLE:downsamp,dscoef,dsfb,dslsfrq,filtfile;1:OVERSAMPLE:oversamp,oscoef,osfb,oslsfrq;1:CONDITIONAL:werr,wexp,wbs,wnt;2:WEIGHT:lb:3,sb:3,sbs(sb):3,gf:3,gfs(gf):3,awc:3,ssfilter,ssntaps,ssorder;2:PROCESS:cf(nf):0,phfid:1,lsfrq:1,proc,fn:0,rp:1,lp:1;3(ni):WEIGHT 1:lb1:3,sb1:3,sbs1(sb1):3,gf1:3,gfs1(gf1):3,awc1:3,wtfile1;3(ni):PROCESS 1:phfid1:1,lsfrq1:1,proc1,fn1:0,rp1:1,lp1:1;4(ni2):WEIGHT 2:lb2:3,sb2:3,sbs2(sb2):3,gf2:3,gfs2(gf2):3,awc2:3,wtfile2;4(ni2):PROCESS 2:phfid2:1,lsfrq2:1,proc2,fn2:0,rp2:1,lp2:1;"
0 
dhp 1 1 9 9 9 2 1 8192 0 64
1 50 
0 
dres2 7 1 360 1 0 2 1 0 1 64
1 1 
0 
dn 2 2 4 0 0 2 1 8 1 64
1 "C13"
0 
dmg1 2 2 8 0 0 4 1 0 1 64
1 ""
4 "" "av1" "ph1" "pwr1" 
dmf 7 1 11 11 11 2 1 8194 1 64
1 427 
0 
dm2 4 2 4 0 0 2 1 0 1 64
1 "n"
4 "a" "n" "s" "y" 
dm 4 2 4 0 0 2 1 0 1 64
1 "nnn"
2 "n" "y" 
dm3 4 2 4 0 0 2 1 0 1 64
1 "n"
4 "a" "n" "s" "y" 
dmf3 7 1 2000000 1 0 2 1 2 1 64
1 200 
0 
dmf2 7 1 2000000 1 0 2 1 2 1 64
1 200 
0 
dmg 2 2 2 0 0 4 1 3 1 64
1 "ph"
0 
dmm2 4 2 4 0 0 2 1 0 1 64
1 "c"
9 "c" "f" "g" "m" "p" "r" "u" "w" "x" 
dmm 4 2 4 0 0 2 1 0 1 64
1 "ccw"
5 "c" "f" "n" "p" "w" 
dmm3 4 2 4 0 0 2 1 0 1 64
1 "c"
9 "c" "f" "g" "m" "p" "r" "u" "w" "x" 
dof3 5 1 20 20 20 2 1 8202 1 64
1 0 
0 
dof 5 1 8 8 8 2 1 8202 1 64
1 -17300 
0 
dn3 2 2 8 0 0 2 1 8 1 64
1 ""
0 
dn2 2 2 8 0 0 2 1 8 1 64
1 "N15"
0 
dod 3 1 14 14 14 2 1 8194 1 64
1 0.00999999977648 
0 
dof2 5 1 16 16 16 2 1 8202 1 64
1 0 
0 
dpwr 7 1 9 9 9 2 1 8192 1 64
1 0 
0 
downsamp 7 1 999 1 1 3 1 1 0 64
1 0 
0 
dotflag 2 2 8 0 0 4 1 0 1 64
1 "n"
2 "n" "y" 
dp 2 2 1 0 0 2 1 0 1 64
1 "y"
2 "y" "n" 
dpwr3 7 1 21 21 21 2 1 8194 1 64
1 1 
0 
dpwr2 7 1 18 18 18 2 1 8194 1 64
1 1 
0 
dres 7 1 360 1 0 2 1 0 1 64
1 1 
0 
dz 3 1 14 14 14 2 1 8192 1 64
1 0 
0 
dseq2 2 2 8 0 0 2 1 0 1 64
1 ""
0 
dscoef 7 1 49999 3 2 3 1 1 1 64
1 251 
0 
dres3 7 1 360 1 0 2 1 0 1 64
1 1 
0 
dseq 2 2 8 0 0 2 1 0 1 64
1 "garp1"
0 
dslsfrq 1 1 9.99999984307e+17 -9.99999984307e+17 0 3 1 1 0 64
1 0 
0 
dseq3 2 2 8 0 0 2 1 0 1 64
1 ""
0 
dsfb 1 1 9.99999984307e+17 -9.99999984307e+17 0 3 1 1 0 64
1 0 
0 
dtrig 3 1 14 14 14 2 1 8192 1 64
1 600 
0 
filter 7 1 1000000000 0 1 2 1 2 1 64
1 54.0999984741 
0 
fb 7 1 6 6 6 2 1 8203 1 64
1 5600 
0 
exppath 2 2 8 0 0 2 1 0 1 64
1 "/home/georgeg/vnmrsys/exp5/acqfil"
0 
file 2 2 6 0 0 2 1 3 1 64
1 "/data/DEMOS/israel/bpti_wet"
0 
fn 7 1 524288 64 -2 3 1 1 0 64
1 4096 
0 
filtfile 2 2 8 0 0 2 1 0 1 64
1 ""
0 
proc1 2 2 10 0 0 3 2 1 1 64
1 "ft"
0 
lptrace 7 1 32767 0 1 3 1 0 1 64
1 0 
0 
hzmm 1 1 1000000000 -1000000000 0 4 1 11 1 64
1 30.5422569614 
0 
gzlvlt 1 1 9.99999984307e+17 -9.99999984307e+17 0 2 1 0 1 64
1 0 
0 
gfs1 1 1 1000 -1000 0.001 3 1 1 0 64
1 0 
0 
gain 1 1 60 0 2 2 1 0 1 64
1 30 
0 
fpmult 1 1 1000000000 0 0 3 1 0 0 64
1 1 
0 
fpmult1 1 1 1000000000 0 0 3 1 0 0 64
1 0 
0 
gf1 1 1 100000 0 0 3 1 1 0 64
1 1 
0 
gf 1 1 100000 0 0 3 1 1 0 64
1 0.603867530823 
0 
gfs 1 1 1000 -1000 0.001 3 1 1 0 64
1 0 
0 
gtw 3 1 50000 0 1e-06 2 1 0 1 64
1 0.002 
0 
gtse 3 1 14 14 14 2 1 8192 1 64
1 0.001 
0 
gstab 3 1 50000 0 1e-06 2 1 0 1 64
1 0.01 
0 
gtt 3 1 14 14 14 2 1 8192 1 64
1 0.002 
0 
gzlvl1 7 1 32767 -32767 1 2 1 0 1 64
1 32000 
0 
gz1 3 1 50000 0 1e-06 2 1 0 1 64
1 0.002 
0 
gzlvlse 1 1 9.99999984307e+17 -9.99999984307e+17 0 2 1 0 1 64
1 10000 
0 
homo2 4 2 4 0 0 2 1 0 1 64
1 "n"
2 "n" "y" 
ho 1 1 500 -500 0 4 1 1 1 64
1 -36.0714285714 
0 
gzlvlw 7 1 32767 -32767 1 2 1 0 1 64
1 32000 
0 
homo 2 2 8 0 0 2 1 0 1 64
1 "n"
2 "n" "y" 
hs 4 2 4 0 0 2 1 0 1 64
1 "nn"
2 "n" "y" 
homo3 4 2 4 0 0 2 1 0 1 64
1 "n"
2 "n" "y" 
hst 3 1 0.02 0 2.5e-08 2 1 2 1 64
1 0.00800000037998 
0 
llamp 1 1 1000000000 0 0 4 1 0 0 64
1 0 
0 
lb 1 1 100000 -100000 0 3 1 1 1 64
1 5 
0 
ins 3 1 8190 0 1e-07 4 1 3 1 64
1 1 
0 
in 2 2 1 0 0 2 1 0 1 64
1 "n"
2 "y" "n" 
il 2 2 1 0 0 2 1 0 1 64
1 "n"
2 "y" "n" 
inject 4 2 4 0 0 2 1 0 1 64
1 "n"
0 
io 7 1 500 -500 0.1 4 1 1 1 64
1 47.1962627018 
0 
intmod 2 2 8 0 0 4 1 0 1 64
1 "off"
3 "off" "partial" "full" 
is 1 1 1000000000 1e-06 0 4 1 3 1 64
1 6046.85442496 
0 
liamp 1 1 1000000000 0 0 4 1 0 0 64
1 0 
0 
lb1 1 1 100000 -100000 0 3 1 1 1 64
1 0.318309992552 
0 
lifrq 1 1 1000000000 -1000000000 0 4 1 0 1 64
33 6359.06339115 5276.21143263 5203.72831543 4956.07309129 4939.79901561 4828.13398085 4793.33233452 4514.03858969 4474.50234394 4380.48511282 4285.74873269 4232.29521834 4212.51152132 4156.44800118 4138.97197653 3910.04382188 3894.0175338 3851.94852758 3833.91895348 3771.81708715 3763.80394311 3716.72430049 3685.6757887 3567.48191408 3539.43590993 3431.25846536 3425.24860733 3339.10730888 3295.00434587 3200 2922.31404959 2710.74380165 0 
0 
lp 1 1 3600 -3600 0.1 4 1 3 1 64
1 0 
0 
loc 7 1 12 12 12 2 1 8193 0 64
1 1 
0 
load 2 2 4 0 0 2 1 3 1 64
1 "n"
2 "y" "n" 
llfrq 1 1 1000000000 -1000000000 0 4 1 0 0 64
1 0 
0 
locktc 1 1 9.99999984307e+17 -9.99999984307e+17 0 2 1 0 1 64
1 4 
0 
lpfilt 7 1 32767 1 1 3 1 0 1 64
1 16 
0 
lpalg 2 2 8 0 0 3 1 0 1 64
1 "lpfft"
0 
lp1 1 1 3600 -3600 0.1 4 1 3 1 64
1 0 
0 
lpext 7 1 1000000 0 1 3 1 0 1 64
1 3 
0 
lpopt 2 2 8 0 0 3 1 0 1 64
1 "b"
0 
lpnupts 7 1 1000000 1 1 3 1 0 1 64
1 1024 
0 
lpprint 7 1 63 0 1 3 1 0 1 64
1 0 
0 
ntrig 7 1 32767 0 0 2 1 0 1 64
1 0 
0 
method 2 2 6 0 0 2 1 3 1 64
1 "/home/vnmr1/vnmrsys/shimmethods/fz3a"
0 
lsfrq1 1 1 9.99999984307e+17 -9.99999984307e+17 0 3 1 0 0 64
1 0 
0 
lsfrq 1 1 9.99999984307e+17 -9.99999984307e+17 0 3 1 0 1 64
1 0 
0 
lsfid 7 1 64000 -64000 1 3 1 0 0 64
1 0 
0 
macro 2 2 6 0 0 3 1 3 1 64
1 ""
0 
lvl 1 1 1000000000 -1000000000 0 4 1 1 1 64
1 25.7665159674 
0 
math 2 2 1 0 0 3 1 3 1 64
1 "i"
3 "d" "f" "i" 
ni 7 1 32767 0 0 2 1 0 1 64
1 1 
0 
n2 2 2 6 0 0 3 1 3 1 64
1 ""
0 
n1 2 2 6 0 0 3 1 3 1 64
1 "seduce2_967"
0 
n3 2 2 6 0 0 3 1 3 1 64
1 ""
0 
nscans 7 1 32767 0 0 2 1 0 1 64
1 0 
0 
np 7 1 128000 64 64 2 1 11 1 64
1 4096 
0 
nt 7 1 1000000000 1 1 2 1 2 1 64
1 16 
0 
phfid 1 1 3600 -3600 0.1 3 1 0 0 64
1 0 
0 
p1pwr 1 1 20 -16 0.1 2 1 0 1 64
1 1.7 
0 
oversamp 7 1 20 0 1 2 1 9 0 64
1 0 
0 
osfb 1 1 100000 0 0 2 1 1 0 64
1 0 
0 
oscoef 7 1 49999 3 2 2 1 1 1 64
1 251 
0 
oslsfrq 1 1 9.99999984307e+17 -9.99999984307e+17 0 2 1 1 0 64
1 0 
0 
p1 6 1 1000000 0 1e-06 2 1 2 1 64
1 19970 
0 
pad 3 1 14 14 14 2 1 8194 1 64
1 0 
0 
p1shape 2 2 8 0 0 2 1 0 1 64
1 "wet"
0 
phase 7 1 4 0 1 2 1 0 1 64
1 0 
0 
parversion 1 1 9.99999984307e+17 -9.99999984307e+17 0 2 1 4 1 64
1 4.3 
0 
phaseinc 1 1 9.99999984307e+17 -9.99999984307e+17 0 2 1 0 1 64
1 86 
0 
priority 7 1 32768 0 1 2 1 0 1 64
1 5 
0 
pltmod 2 2 8 0 0 4 1 0 1 64
1 "off"
5 "off" "fixed" "full" "variable" "user" 
phfid1 1 1 3600 -3600 0.1 3 1 0 0 64
1 0 
0 
pmode 2 2 8 0 0 3 1 0 1 64
1 "full"
0 
proc 2 2 10 0 0 3 1 1 1 64
1 "ft"
0 
tau 3 1 14 14 14 2 1 8192 1 64
1 0.08 
0 
slp 1 1 9.99999984307e+17 -9.99999984307e+17 0 2 1 256 0 64
1 0 
0 
rfp 1 1 1000000000 -1000000000 0 4 1 1 1 64
1 2795.44893356 
0 
r3 1 1 1e+18 -1e+18 0 3 1 1 1 64
1 0 
0 
pw90 6 1 13 13 13 2 1 8194 1 64
1 8.7 
0 
pslabel 2 2 8 0 0 2 1 11 1 64
1 "wet"
0 
pw 6 1 13 13 13 2 1 8194 1 64
1 8.7 
0 
r1 1 1 1e+18 -1e+18 0 3 1 1 1 64
1 12.5 
0 
pwwg 6 1 13 13 13 2 1 8192 1 64
1 5300 
0 
r2 1 1 1e+18 -1e+18 0 3 1 1 1 64
1 270.535256327 
0 
r7 1 1 1e+18 -1e+18 0 3 1 1 1 64
1 -23203.6 
0 
r5 1 1 1e+18 -1e+18 0 3 1 1 1 64
1 0 
0 
r4 1 1 1e+18 -1e+18 0 3 1 1 1 64
1 0 
0 
r6 1 1 1e+18 -1e+18 0 3 1 1 1 64
1 -23196.3 
0 
rfl 1 1 1000000000 -1000000000 0 4 1 1 1 64
1 4992.67220322 
0 
rfband 4 2 4 0 0 2 1 0 1 64
1 "cccc"
3 "c" "h" "l" 
rfl1 1 1 1000000000 -1000000000 0 4 1 1 1 64
1 0 
0 
sb1 1 1 1000 -1000 0.001 3 1 1 0 64
1 0 
0 
rp 1 1 3600 -3600 0.1 4 1 3 1 64
1 -14.9293854784 
0 
rof1 6 1 13 13 13 2 1 8194 1 64
1 10 
0 
rfp1 1 1 1000000000 -1000000000 0 4 1 1 1 64
1 0 
0 
rof2 6 1 8192 0 0.1 2 1 2 1 64
1 26 
0 
savefile 2 2 8 0 0 2 1 0 1 64
1 ""
0 
rp1 1 1 3600 -3600 0.1 4 1 3 1 64
1 0 
0 
sb 1 1 1000 -1000 0.001 3 1 0 0 64
1 0 
0 
sc2 7 1 3 3 3 4 1 8195 1 64
1 0 
0 
sbs1 1 1 1000 -1000 0.001 3 1 1 0 64
1 0 
0 
sbs 1 1 1000 -1000 0.001 3 1 1 0 64
1 0 
0 
sc 7 1 1 1 1 4 1 8195 1 64
1 0 
0 
sf 1 1 8190 0 1e-07 4 1 3 1 64
1 0 
0 
seqfil 2 2 8 0 0 2 1 11 1 64
1 "wet"
0 
sfrq 1 1 1000000000 0 0 2 1 11 1 64
1 599.8817454 
0 
ssfilter 1 1 50000 10 0.1 3 1 0 0 64
1 100 
0 
sp 1 1 1000000000 -1000000000 0 4 1 3 1 64
1 -668.156342449 
0 
solvent 2 2 6 0 0 2 1 11 1 64
1 "D2O"
0 
sn 1 1 1e+18 -1e+18 0 3 1 1 1 64
1 0 
0 
spin 1 1 32000000 0 0.1 2 1 0 0 64
1 0 
0 
sp1 1 1 1000000000 -1000000000 0 4 1 3 1 64
1 0 
0 
ss 7 1 32767 -32768 0 2 1 0 1 64
1 4 
0 
strtext 7 1 1000000 1 1 3 1 0 1 64
1 3 
0 
ssntaps 7 1 2500 0 1 3 1 0 1 64
1 200 
0 
sslsfrq 1 1 9.99999984307e+17 -9.99999984307e+17 0 3 1 0 0 64
1 0 
0 
ssorder 7 1 20 1 1 3 1 0 0 64
1 5 
0 
sw 1 1 5 5 5 2 1 8203 1 64
1 10000 
0 
strtlp 7 1 1000000 1 1 3 1 0 1 64
1 4 
0 
sw1 1 1 32000000 0 0 2 1 0 1 64
1 0.0542534722222 
0 
x3 7 1 19 19 19 2 1 8192 1 64
1 -840 
0 
wet 4 2 4 0 0 2 1 0 1 64
1 "y"
0 
vpfi 1 1 500 -500 0 4 1 0 1 64
1 0 
0 
tpwr 7 1 17 17 17 2 1 8194 1 64
1 60 
0 
tin 2 2 1 0 0 2 1 2 1 64
1 "n"
2 "y" "n" 
th 1 1 1000000000 0 0 4 1 1 1 64
1 0 
0 
temp 1 1 200 -150 0.1 2 1 8 0 64
1 29 
0 
th2d 1 1 1 1e-18 0 4 1 17 1 64
1 0.8 
0 
tn 2 2 4 0 0 2 1 8 1 64
1 "H1"
0 
tlt 1 1 1000000000 -1000000000 0 4 1 1 1 64
1 -0.155974357767 
0 
tof 5 1 7 7 7 2 1 8202 1 64
1 -212 
0 
vf 1 1 1000000000 0 0 4 1 3 1 64
1 1694.82117811 
0 
trim 6 1 13 13 13 2 1 8192 1 64
1 0 
0 
trace 2 2 2 0 0 4 1 3 1 64
1 "f2"
2 "f1" "f2" 
trimpwr 1 1 9.99999984307e+17 -9.99999984307e+17 0 2 1 0 1 64
1 0 
0 
vp 7 1 500 -500 0.1 4 1 3 1 64
1 0 
0 
vo 1 1 500 -500 0 4 1 1 1 64
1 0 
0 
vpf 1 1 500 -500 0 4 1 0 1 64
1 -6.91176668583 
0 
wbs 2 2 6 0 0 3 1 3 1 64
1 ""
0 
vtc 1 1 255 0 1 2 1 2 1 64
1 25 
0 
vs 1 1 1000000000 1e-06 0 4 1 3 1 64
1 3232.47694685 
0 
vtwait 3 1 14 14 14 2 1 8194 1 64
1 300 
0 
wc2 7 1 4 4 4 4 1 8195 1 64
1 130 
0 
wc 7 1 2 2 2 4 1 8203 1 64
1 250 
0 
werr 2 2 6 0 0 3 1 3 1 64
1 ""
0 
wtfile 2 2 15 0 0 3 1 1 1 64
1 ""
0 
wnt 2 2 6 0 0 3 1 3 1 64
1 "wft dssh"
0 
wf 1 1 8190 0 1e-07 4 1 3 1 64
1 0.2048 
0 
wexp 2 2 6 0 0 3 1 3 1 64
1 ""
0 
wgpwr 1 1 9.99999984307e+17 -9.99999984307e+17 0 2 1 0 1 64
1 -6 
0 
wp1 1 1 100000 0 0 4 1 3 1 64
1 0.0542534722222 
0 
wp 1 1 100000 0 0 4 1 11 1 64
1 7635.56424035 
0 
wshim 4 2 4 0 0 2 1 1 1 64
1 "n"
14 "e" "f" "n" "s" "0" "1" "2" "3" "4" "5" "6" "7" "8" "9" 
x1 7 1 19 19 19 2 1 8192 1 64
1 -876 
0 
wtfile1 2 2 15 0 0 3 2 1 1 64
1 ""
0 
x2y2 7 1 19 19 19 2 1 8192 1 64
1 1446 
0 
z3x2y2 7 1 19 19 19 2 1 8192 1 64
1 -2045 
0 
z2x2y2 7 1 19 19 19 2 1 8192 1 64
1 -13334 
0 
y3 7 1 19 19 19 2 1 8192 1 64
1 1456 
0 
xz2 7 1 19 19 19 2 1 8192 1 64
1 -9496 
0 
xy 7 1 19 19 19 2 1 8192 1 64
1 296 
0 
xdiag 1 1 1e+18 0 0 4 1 17 1 64
1 0 
0 
xz 7 1 19 19 19 2 1 8192 1 64
1 -732 
0 
y1 7 1 19 19 19 2 1 8192 1 64
1 -242 
0 
z1 7 1 19 19 19 2 1 8192 1 64
1 -1699 
0 
yz 7 1 19 19 19 2 1 8192 1 64
1 802 
0 
yz2 7 1 19 19 19 2 1 8192 1 64
1 -12210 
0 
z2 7 1 19 19 19 2 1 8192 1 64
1 -2192 
0 
z1c 7 1 19 19 19 2 1 8192 1 64
1 -8821 
0 
z2c 7 1 19 19 19 2 1 8192 1 64
1 -384 
0 
z3 7 1 19 19 19 2 1 8192 1 64
1 -2382 
0 
z2xy 7 1 19 19 19 2 1 8192 1 64
1 -11767 
0 
z2x3 7 1 19 19 19 2 1 8192 1 64
1 0 
0 
z2y3 7 1 19 19 19 2 1 8192 1 64
1 0 
0 
z3x 7 1 19 19 19 2 1 8192 1 64
1 9550 
0 
z3c 7 1 19 19 19 2 1 8192 1 64
1 0 
0 
z4x2y2 7 1 19 19 19 2 1 8192 1 64
1 0 
0 
z3y3 7 1 19 19 19 2 1 8192 1 64
1 0 
0 
z3xy 7 1 19 19 19 2 1 8192 1 64
1 643 
0 
z3x3 7 1 19 19 19 2 1 8192 1 64
1 0 
0 
z3y 7 1 19 19 19 2 1 8192 1 64
1 -6563 
0 
z4c 7 1 19 19 19 2 1 8192 1 64
1 0 
0 
z4 7 1 19 19 19 2 1 8192 1 64
1 7301 
0 
z4x 7 1 19 19 19 2 1 8192 1 64
1 -424 
0 
z6 7 1 19 19 19 2 1 8192 1 64
1 -28352 
0 
z5x 7 1 19 19 19 2 1 8192 1 64
1 0 
0 
z4y 7 1 19 19 19 2 1 8192 1 64
1 -496 
0 
z4xy 7 1 19 19 19 2 1 8192 1 64
1 0 
0 
z5 7 1 19 19 19 2 1 8192 1 64
1 13834 
0 
z5y 7 1 19 19 19 2 1 8192 1 64
1 0 
0 
zx2y2 7 1 19 19 19 2 1 8192 1 64
1 -3298 
0 
z8 7 1 19 19 19 2 1 8192 1 64
1 0 
0 
z7 7 1 19 19 19 2 1 8192 1 64
1 -4160 
0 
zxy 7 1 19 19 19 2 1 8192 1 64
1 4328 
0 
zx3 7 1 19 19 19 2 1 8192 1 64
1 -1902 
0 
zy3 7 1 19 19 19 2 1 8192 1 64
1 3227 
0 
