fpmult 1 1 1000000000 0 0 3 1 0 1 64
1 0.5 
0 
dm2 2 2 8 0 0 2 1 0 1 64
1 "n"
0 
d1 3 1 14 14 14 2 1 8194 1 64
1 1.5 
0 
bcorder 7 1 20 1 1 3 1 0 1 64
1 11 
0 
ap 2 2 1023 0 0 4 1 6 1 64
1 "1:SAMPLE:date,solvent,file;1:ACQUISITION:sfrq:3,tn:2,at:3,np:0,sw:1,fb:0,bs(bs):0,ss(ss):0,d1:3,d2(d2),mix,hsdly,hst:3,alfa:1,tof:1,nt:0,ct:0,gain:0;1:FLAGS:il,in,dp,hs;1(ni):2D ACQUISITION:sw1:1,ni:0;1(ni):2D DISPLAY:sp1:1,wp1:1,sc2:0,wc2:0,rfl1:1,rfp1:1;1:PULSES:pw,tpwr,pwSS:1,SSshape,SSpwr:1,alfa:1;2:DEC. & VT:dn:2,dof:1,dm,dmm,dmf,dpwr(dpwr):0,dpwrf(dpwrf):0,dhp(dhp):0,dlp(dlp):0,temp(temp):1;2:PROCESSING:cf(nf):0,lb(lb):2,sb(sb):3,sbs(sb):3,gf(gf):3,gfs(gf):3,awc(awc):3,lsfid(lsfid):0,phfid(phfid):1,wtfile,proc,lpfilt,lpnupts,strtlp,lpext,strtext,fn:0,math,lsfrq(lsfrq),ssfilter,ssorder,ssntaps,,werr,wexp,wbs,wnt;2(ni):2D PROCESSING:lb1(lb1):2,sb1(sb1):3,sbs1(sb1):3,gf1(gf1):3,gfs1(gf1):3,awc1(awc1):3,wtfile1,proc1,fn1:0;2:DISPLAY:sp:1,wp:1,vs:1,rp:1,lp:1,rp1:1,lp1:1,sc:0,wc:0,hzmm:2,is:2,rfl:1,rfp:1,th:0,ins:3,aig*,dcg*,dmg*;"
0 
Sshape 2 2 8 0 0 2 1 0 1 64
1 "S3358g"
0 
SSshape 2 2 8 0 0 2 1 0 1 64
1 "S3358g"
0 
SSpwr 1 1 9.99999984307e+17 -9.99999984307e+17 0 2 1 0 1 64
1 28 
0 
Spwr 1 1 9.99999984307e+17 -9.99999984307e+17 0 2 1 0 1 64
1 38 
0 
aig 2 2 2 0 0 4 1 1 1 64
1 "ai"
2 "nm" "ai" 
acqstatus 7 1 32767 0 0 2 1 0 1 64
2 102 0 
0 
alock 2 2 8 0 0 2 1 0 1 64
1 "n"
5 "a" "n" "s" "u" "y" 
alfa 6 1 8192 -8192 1e-07 2 1 2 1 64
1 -64.1992556 
0 
at 1 1 100 0.001 0.001 2 1 11 1 64
1 0.1204736 
0 
arraydim 7 1 32768 1 1 2 1 5 1 64
1 512 
0 
array 2 2 256 0 0 2 1 1 1 64
1 "phase"
0 
arrayelemts 1 1 9.99999984307e+17 -9.99999984307e+17 0 2 1 0 1 64
1 2 
0 
axisf 4 2 4 0 0 4 1 0 1 64
1 "s"
4 "m" "n" "s" "u" 
awc1 1 1 1 -1 0.001 3 1 1 0 64
1 0 
0 
awc 1 1 1 -1 0.001 3 1 1 0 64
1 0 
0 
axis 4 2 4 0 0 4 1 0 1 64
1 "pp"
11 "c" "d" "1" "2" "3" "h" "k" "m" "n" "p" "u" 
bcfilter 1 1 50000 50 0.1 3 1 0 1 64
1 350 
0 
cr1 1 1 1000000000 -1000000000 0 4 1 3 1 64
1 6578.00112272 
0 
composit 4 2 4 0 0 2 1 0 1 64
1 "n"
0 
celem 1 1 9.99999984307e+17 -9.99999984307e+17 0 2 1 0 1 64
1 0 
0 
bs 7 1 32767 0 1 2 1 0 0 64
1 4 
0 
cf 7 1 32767 0 1 3 1 1 0 64
1 1 
0 
cr 1 1 1000000000 -1000000000 0 4 1 1 1 64
1 6593.01595531 
0 
cp 2 2 1 0 0 2 1 0 1 64
1 "y"
2 "y" "n" 
ct 7 1 1000000000 0 1 2 1 6 1 64
1 0 
0 
crf 1 1 9.99999984307e+17 -9.99999984307e+17 0 4 1 0 1 64
1 0 
0 
cutoff 1 1 9.99999984307e+17 -9.99999984307e+17 0 4 1 0 0 64
1 200 
0 
dg2 2 2 8 0 0 4 1 4 1 64
6 "1:1st DECOUPLING:dfrq:3,dn,dpwr:0,dof:1,dm,dmm,dmf:0,dseq,dres:1,homo"
"2(numrfch>2):2nd DECOUPLING:dfrq2:3,dn2,dpwr2:0,dof2:1,dm2,dmm2,dmf2:0,dseq2,dres2:1,homo2"
"3:GRADIENTS:gt0:6,gstab:6,gt1:6,gzlvl1,gt2:6,gzlvl2;"
"3(ni2):3D ACQUISITION:d3:3,sw2:1,ni2:0,phase2:0;"
"3(ni2):3D DISPLAY:rp2:1,lp2:1;"
"4(ni2):3D PROCESSING:lb2:3,sb2:3,sbs2(sb2):3,gf2:3,gfs2(gf2):3,awc2:3,wtfile2,proc2,fn2:0;"
0 
delta1 1 1 2000000 0 0 4 1 3 1 64
1 3761.85261084 
0 
delayhs 3 1 14 14 14 2 1 8192 1 64
1 0.08 
0 
date 2 2 9 0 0 2 1 1 1 64
1 "May 25 93"
0 
d2 3 1 14 14 14 2 1 8194 1 64
1 0 
0 
dcg 2 2 3 0 0 4 1 1 1 64
1 ""
2 "dc" "cdc" 
delta 1 1 2000000 0 0 4 1 1 1 64
1 3641.94849343 
0 
dfrq2 1 1 1000000000 0 0 2 1 9 1 64
1 150.854304 
0 
dfrq 5 1 1000000000 -1000000000 0 2 1 8 1 64
1 125.8921505 
0 
deltaf 1 1 100 0 0 4 1 0 1 64
1 0.030137760804 
0 
dg 2 2 1023 0 0 4 1 6 1 64
1 "1:ACQUISITION:sfrq:3,tn,at:3,np:0,sw:1,fb:0,bs:0,ss:0,d1:3,d2,mix,nt:0,ct:0;2:SAMPLE:date,solvent,temp:1;2:PULSES:pw:1,tpwr,tof:1,SSshape,pwSS:1,SSpwr,pwa:1,pwd:1;2(ni):2D ACQUISITION:sw1:1,ni:0,phase;3:PROCESSING:cf(nf):0,lb:2,sb:3,sbs(sb):3,gf:3,gfs(gf):3,fn:0,math,ssfilter,ssorder,ssntaps,proc,,werr,wexp,wbs,wnt;4(ni):2D PROCESSING:lb1:2,sb1:3,sbs1(sb1):3,gf1:3,gfs1(gf1):3,proc1,fn1:0;4:MISC:fad,alfa:1,delayhs:6,hs,hst(hs):3,gt1:3,gzlvl1;"
0 
dfrq3 1 1 1000000000 0 0 2 1 9 1 64
1 0 
0 
dg1 2 2 1023 0 0 4 1 6 1 64
1 "1:DISPLAY:sp:1,wp:1,vs:0;1:REFERENCE:rfl:1,rfp:1,cr:1,delta:1;1:PHASE:lp:1,rp:1,rp1(ni):1,lp1(ni):1;2:CHART:sc:0,wc:0,hzmm:2,vp:0,axis,pltmod,,th:0,,ho:2,vo:2,,rplot,trace:2;3(ni):2D:sp1:1,wp1:1,sc2:0,wc2:0,rfl1:1,rfp1:1;3:FLAGS:aig*,dcg*,dmg*;3:FID:sf:3,wf:3,vf:0;4:INTEGRAL:intmod,is:2,ins:3,io:0,,lvl:3,tlt:3;"
0 
dlp 7 1 10 10 10 2 1 8194 0 64
1 10 
0 
dgs 2 2 1023 0 0 4 1 6 1 64
14 "1(shimset=1):AXIAL SHIMS:z1:0,z1c:0,z2:0,z2c:0,z3:0,z4:0;"
"1(shimset=2):AXIAL SHIMS:z1:0,z1c:0,z2:0,z2c:0,z3:0,z4:0,z5:0;"
"1(shimset=3):AXIAL SHIMS:z1:0,z2:0,z3:0,z4:0,z5:0,z6:0;"
"1(shimset=4):AXIAL SHIMS:z1:0,z2:0,z3:0,z4:0,z5:0,z6:0,z7:0;"
"1(shimset=5):AXIAL SHIMS:z1:0,z1c:0,z2:0,z2c:0,z3:0,z3c:0,z4:0,z4c:0,z5:0,z6:0,z7:0,z8:0;"
"1((shimset=6)or(shimset=7)):AXIAL SHIMS:z1:0,z2:0,z3:0,z4:0,z5:0;"
"2(shimset=1):NON AXIAL SHIMS:x1:0,y1:0,xz:0,yz:0,xy:0,x2y2:0,x3:0,y3:0;"
"2((shimset=2)or(shimset=6)):NON AXIAL SHIMS:x1:0,y1:0,xz:0,yz:0,xy:0,x2y2:0,x3:0,y3:0,xz2:0,yz2:0,zxy:0,zx2y2:0;"
"2((shimset>2)and(shimset<6)):NON AXIAL SHIMS:x1:0,y1:0,xz:0,yz:0,xy:0,x2y2:0,x3:0,y3:0,xz2:0,yz2:0,zxy:0,zx2y2:0,z3x:0,z3y:0,z2x2y2:0,z2xy:0;"
"2(shimset=7):NON AXIAL SHIMS:x1:0,y1:0,xz:0,yz:0,xy:0,x2y2:0,x3:0,y3:0,xz2:0,yz2:0,zxy:0,zx2y2:0,z3x:0,z3y:0;"
"3(shimset=4):NON AXIAL SHIMS:zx3:0,zy3:0,z4x:0,z4y:0;"
"3(shimset=5):NON AXIAL SHIMS:zx3:0,zy3:0,z4x:0,z4y:0,z3x2y2:0,z3xy:0,z2x3:0,z2y3:0,z3x3:0,z3y3:0,z4x2y2:0,z4xy:0,z5x:0,z5y:0;"
"4:AUTOMATION:method,wshim,load,,spin:0,gain:0,alock,loc:0;"
"4:SPECIAL:temp;"
0 
dglp 2 2 8 0 0 4 1 7 1 64
1 "1:LP:lsfid,lpalg,lpopt,lpfilt:0,lpnupts:0,strtlp:0,lpext:0,strtext:0;2(lpfilt1):LP 1:lpalg1,lpopt1,lpfilt1:0,lpnupts1:0,strtlp1:0,lpext1:0,strtext1:0;3(lpfilt2):LP 2:lpalg2,lpopt2,lpfilt2:0,lpnupts2:0,strtlp2:0,lpext2:0,strtext2:0;4:LP OUTPUT:lpprint(lpfilt):0,lptrace(lpfilt):0,lpprint1(lpfilt1):0,lptrace1(lpfilt1):0,lpprint2(lpfilt2):0,lptrace2(lpfilt2):0;"
0 
dhp 1 1 9 9 9 2 1 8192 0 64
1 40 
0 
dm 4 2 4 0 0 2 1 0 1 64
1 "nnn"
4 "a" "n" "s" "y" 
dres2 7 1 360 1 0 2 1 0 1 64
1 1 
0 
dn3 2 2 8 0 0 2 1 8 1 64
1 ""
0 
dmm2 2 2 8 0 0 2 1 0 1 64
1 "c"
0 
dmf3 7 1 2000000 1 0 2 1 2 1 64
1 200 
0 
dmf 7 1 11 11 11 2 1 8194 1 64
1 200 
0 
dm3 4 2 4 0 0 2 1 0 1 64
1 "n"
4 "a" "n" "s" "y" 
dmf2 7 1 100000 1 0 2 1 2 1 64
1 200 
0 
dmg1 2 2 5 0 0 4 1 0 1 64
1 ""
4 "" "av1" "ph1" "pwr1" 
dmg 2 2 2 0 0 4 1 3 1 64
1 "ph"
0 
dmm 4 2 4 0 0 2 1 0 1 64
1 "c"
9 "c" "f" "g" "m" "p" "r" "u" "w" "x" 
dn 2 2 4 0 0 2 1 8 1 64
1 "C13"
0 
dmm3 4 2 4 0 0 2 1 0 1 64
1 "c"
9 "c" "f" "g" "m" "p" "r" "u" "w" "x" 
dn2 2 2 8 0 0 2 1 8 1 64
1 "C13"
0 
dotflag 2 2 8 0 0 4 1 0 1 64
1 "n"
2 "n" "y" 
dof2 5 1 16 16 16 2 1 10 1 64
1 0 
0 
dof 5 1 8 8 8 2 1 8202 1 64
1 0 
0 
dod 3 1 14 14 14 2 1 8194 1 64
1 0.00999999977648 
0 
dof3 5 1 20 20 20 2 1 8202 1 64
1 0 
0 
dpwr2 7 1 18 18 18 2 1 2 1 64
1 1 
0 
dpwr 7 1 9 9 9 2 1 8194 1 64
1 -16 
0 
dp 2 2 1 0 0 2 1 0 1 64
1 "y"
2 "y" "n" 
dres 7 1 360 1 0 2 1 0 1 64
1 1 
0 
dpwr3 7 1 21 21 21 2 1 8194 1 64
1 1 
0 
fad 2 2 8 0 0 2 1 0 1 64
1 "n"
0 
dseq3 2 2 8 0 0 2 1 0 1 64
1 ""
0 
dseq 2 2 8 0 0 2 1 0 1 64
1 ""
0 
dres3 7 1 360 1 0 2 1 0 1 64
1 1 
0 
dseq2 2 2 8 0 0 2 1 0 1 64
1 ""
0 
f1resets 1 1 9.99999984307e+17 -9.99999984307e+17 0 4 1 0 1 64
3 8062.65557647 469.512071722 0 
0 
exppath 2 2 8 0 0 2 1 0 1 64
1 "/home/george/vnmrsys/exp7/acqfil"
0 
f2resets 1 1 9.99999984307e+17 -9.99999984307e+17 0 4 1 0 1 64
15 8377.24797378 8276.98835707 8165.58878295 7807.04114097 7692.0480322 5103.08054957 5052.50971651 4875.5118008 4815.1077502 4605.75713315 4552.42036736 4331.34175995 4325.85345249 378.758552006 0 
0 
fn 7 1 524288 64 -2 3 1 1 1 64
1 2048 
0 
file 2 2 6 0 0 2 1 3 1 64
1 "/usr/people/vnmr1/SHS/SSnoesy"
0 
fb 7 1 6 6 6 2 1 8203 1 64
1 4700 
0 
filter 7 1 1000000000 0 1 2 1 2 1 64
1 54.0999984741 
0 
fn1 7 1 524288 64 -2 3 1 1 1 64
1 1024 
0 
phase 7 1 4 0 1 2 1 0 1 64
2 1 2 
0 
lpnupts1 7 1 1000000 1 1 3 1 0 1 64
1 256 
0 
hzmm 1 1 1000000000 -1000000000 0 4 1 11 1 64
1 23.4787432745 
0 
homo2 4 2 4 0 0 2 1 0 1 64
1 "n"
2 "n" "y" 
gstab 3 1 14 14 14 2 1 8192 1 64
1 0.001 
0 
gf 1 1 100000 0 0 3 1 1 1 64
1 0.03 
0 
fpmult1 1 1 1000000000 0 0 3 2 0 0 64
1 0.5 
0 
gain 1 1 60 0 2 2 1 0 1 64
1 32 
0 
gfs 1 1 1000 -1000 0.001 3 1 1 0 64
1 0.022 
0 
gf1 1 1 100000 0 0 3 1 1 0 64
1 0.0116014424711 
0 
gfs1 1 1 1000 -1000 0.001 3 1 1 1 64
1 0.00422480283305 
0 
gzlvl1 1 1 9.99999984307e+17 -9.99999984307e+17 0 2 1 0 1 64
1 4000 
0 
gt1 3 1 14 14 14 2 1 8192 1 64
1 0.002 
0 
gt0 3 1 14 14 14 2 1 8192 1 64
1 0.007 
0 
gt2 3 1 14 14 14 2 1 8192 1 64
1 0.002 
0 
ho 7 1 500 -500 0.1 4 1 1 1 64
1 -4.72242380261 
0 
gzlvl2 1 1 9.99999984307e+17 -9.99999984307e+17 0 2 1 0 1 64
1 2000 
0 
homo 2 2 8 0 0 2 1 0 1 64
1 "n"
2 "n" "y" 
hsdly 3 1 14 14 14 2 1 8192 1 64
1 0.04 
0 
hs 4 2 4 0 0 2 1 0 1 64
1 "nnnn"
2 "n" "y" 
homo3 4 2 4 0 0 2 1 0 1 64
1 "n"
2 "n" "y" 
hst 3 1 0.02 0 2.5e-08 2 1 2 1 64
1 0.05 
0 
lifrq 1 1 1000000000 -1000000000 0 4 1 0 1 64
15 8377.24797378 8276.98835707 8165.58878295 7807.04114097 7692.0480322 5103.08054957 5052.50971651 4875.5118008 4815.1077502 4605.75713315 4552.42036736 4331.34175995 4325.85345249 378.758552006 0 
0 
jrdelay 3 1 14 14 14 2 1 8192 1 64
1 0 
0 
ins 3 1 8190 0 1e-07 4 1 3 1 64
1 1 
0 
il 2 2 1 0 0 2 1 0 1 64
1 "n"
2 "y" "n" 
in 2 2 1 0 0 2 1 0 1 64
1 "n"
2 "y" "n" 
io 7 1 500 -500 0.1 4 1 1 1 64
1 10 
0 
intmod 2 2 8 0 0 4 1 0 1 64
1 "off"
3 "off" "partial" "full" 
is 1 1 1000000000 1e-06 0 4 1 3 1 64
1 1470.67682692 
0 
lb1 1 1 100000 -100000 0 3 1 1 0 64
1 0.318309992552 
0 
lb 1 1 100000 -100000 0 3 1 1 0 64
1 3 
0 
liamp 1 1 1000000000 0 0 4 1 0 0 64
1 0 
0 
lp1 1 1 3600 -3600 0.1 4 1 3 1 64
1 0 
0 
loc 7 1 12 12 12 2 1 8193 0 64
1 0 
0 
llfrq 1 1 1000000000 -1000000000 0 4 1 0 0 64
1 0 
0 
llamp 1 1 1000000000 0 0 4 1 0 0 64
1 0 
0 
load 2 2 4 0 0 2 1 3 1 64
1 "n"
2 "y" "n" 
lp 1 1 3600 -3600 0.1 4 1 3 1 64
1 0 
0 
lpext1 7 1 1000000 0 1 3 1 0 1 64
1 256 
0 
lpalg1 2 2 8 0 0 3 1 0 1 64
1 "lpfft"
0 
lpalg 2 2 8 0 0 3 1 0 1 64
1 "lpfft"
0 
lpext 7 1 1000000 0 1 3 1 0 1 64
1 2 
0 
lpfilt1 7 1 32767 1 1 3 1 0 1 64
1 8 
0 
lpfilt 7 1 32767 1 1 3 1 0 1 64
1 10 
0 
lpnupts 7 1 1000000 1 1 3 1 0 1 64
1 512 
0 
mix 3 1 14 14 14 2 1 8192 1 64
1 0.1 
0 
lsfid 7 1 64000 -64000 1 3 1 0 1 64
1 -1 
0 
lpprint1 7 1 63 0 1 3 1 0 1 64
1 0 
0 
lpopt1 2 2 8 0 0 3 1 0 1 64
1 "f"
0 
lpopt 2 2 8 0 0 3 1 0 1 64
1 "b"
0 
lpprint 7 1 63 0 1 3 1 0 1 64
1 0 
0 
lptrace1 7 1 32767 0 1 3 1 0 1 64
1 0 
0 
lptrace 7 1 32767 0 1 3 1 0 1 64
1 0 
0 
lvl 1 1 1000000000 -1000000000 0 4 1 1 1 64
1 0 
0 
lsfrq 1 1 9.99999984307e+17 -9.99999984307e+17 0 3 1 0 1 64
1 -9 
0 
lsfid1 7 1 64000 -64000 1 3 1 0 0 64
1 0 
0 
lsfrq1 1 1 9.99999984307e+17 -9.99999984307e+17 0 3 1 0 1 64
1 0 
0 
math 2 2 1 0 0 3 1 3 1 64
1 "f"
3 "d" "f" "i" 
macro 2 2 6 0 0 4 1 3 1 64
1 ""
0 
method 2 2 6 0 0 2 1 3 1 64
1 "z1z2"
0 
p1frq 5 1 1000000000 -1000000000 0 2 1 0 1 64
1 -230.4 
0 
ni 7 1 32767 0 0 2 1 0 1 64
1 256 
0 
n2 2 2 6 0 0 4 1 3 1 64
1 ""
0 
n1 2 2 6 0 0 4 1 3 1 64
1 ""
0 
n3 2 2 6 0 0 4 1 3 1 64
1 ""
0 
nt 7 1 1000000000 1 1 2 1 2 1 64
1 1 
0 
np 7 1 128000 64 64 2 1 11 1 64
1 2048 
0 
p1 6 1 13 13 13 2 1 8194 1 64
1 0 
0 
pad 3 1 14 14 14 2 1 8194 1 64
1 0.5 
0 
p1shape 2 2 8 0 0 2 1 0 1 64
1 "hard"
0 
p1pwr 1 1 9.99999984307e+17 -9.99999984307e+17 0 2 1 0 1 64
1 0 
0 
parversion 1 1 9.99999984307e+17 -9.99999984307e+17 0 2 1 4 1 64
1 4.3 
0 
tof 5 1 7 7 7 2 1 8202 1 64
1 -223 
0 
seqfil 2 2 8 0 0 2 1 11 1 64
1 "SSnoesy"
0 
rof1 6 1 13 13 13 2 1 8194 1 64
1 2 
0 
pwcor 6 1 13 13 13 2 1 8192 1 64
1 0 
0 
proc1 2 2 10 0 0 3 2 1 1 64
1 "lp"
0 
pmode 2 2 10 0 0 3 1 0 1 64
1 "full"
0 
phfid1 1 1 3600 -3600 0.1 3 1 0 0 64
1 0 
0 
phfid 1 1 3600 -3600 0.1 3 1 0 0 64
1 0 
0 
pltmod 2 2 8 0 0 4 1 0 1 64
1 "fixed"
5 "off" "fixed" "full" "variable" "user" 
priority 7 1 32768 0 1 2 1 0 1 64
1 5 
0 
proc 2 2 10 0 0 3 1 1 1 64
1 "lp"
0 
pw90 6 1 13 13 13 2 1 8194 1 64
1 5.2 
0 
ptable 2 2 8 0 0 2 1 0 1 64
1 "SSnoesy"
0 
pslabel 2 2 8 0 0 2 1 11 1 64
1 "SSnoesy"
0 
pw 6 1 13 13 13 2 1 8194 1 64
1 6.9 
0 
pwSS 6 1 13 13 13 2 1 8192 1 64
1 335.8 
0 
pwS 6 1 13 13 13 2 1 8192 1 64
1 335.8 
0 
pwa 6 1 100 -100 0.025 2 1 0 1 64
1 -6 
0 
r5 1 1 1e+18 -1e+18 0 4 1 1 1 64
1 0 
0 
r1 1 1 1e+18 -1e+18 0 4 1 1 1 64
1 14.1663125088 
0 
pwpwr 1 1 9.99999984307e+17 -9.99999984307e+17 0 2 1 0 1 64
1 34 
0 
pwd 6 1 100 -100 0.025 2 1 0 1 64
1 0 
0 
pwshape 2 2 8 0 0 2 1 0 1 64
1 "two3008g"
0 
r3 1 1 1e+18 -1e+18 0 4 1 1 1 64
1 85 
0 
r2 1 1 1e+18 -1e+18 0 4 1 1 1 64
1 85 
0 
r4 1 1 1e+18 -1e+18 0 4 1 1 1 64
1 0 
0 
rfl 1 1 1000000000 -1000000000 0 4 1 1 1 64
1 4255.86664282 
0 
r7 1 1 1e+18 -1e+18 0 4 1 1 1 64
1 0 
0 
r6 1 1 1e+18 -1e+18 0 4 1 1 1 64
1 0 
0 
rfband 4 2 4 0 0 2 1 0 1 64
1 "cccc"
3 "c" "h" "l" 
rfp 1 1 1000000000 -1000000000 0 4 1 1 1 64
1 2879.44792992 
0 
rfl1 1 1 1000000000 -1000000000 0 4 1 1 1 64
1 5009.86168 
0 
rfp1 1 1 1000000000 -1000000000 0 4 1 1 1 64
1 2879.44792992 
0 
satpwr 1 1 9.99999984307e+17 -9.99999984307e+17 0 2 1 0 1 64
1 24 
0 
satdly 3 1 14 14 14 2 1 8192 1 64
1 2 
0 
rp 1 1 3600 -3600 0.1 4 1 3 1 64
1 238.1 
0 
rof2 6 1 13 13 13 2 1 8194 1 64
1 9.99999904633 
0 
rp1 1 1 3600 -3600 0.1 4 1 3 1 64
1 45 
0 
satmode 4 2 4 0 0 2 1 0 1 64
1 "n"
0 
satfrq 5 1 1000000000 -1000000000 0 2 1 0 1 64
1 0 
0 
sbs 1 1 1000 -1000 0.001 3 1 1 1 64
1 -0.0319207357243 
0 
sb 1 1 1000 -1000 0.001 3 1 0 0 64
1 -0.0426503941417 
0 
satshape 2 2 8 0 0 2 1 0 1 64
1 "presat"
0 
sb1 1 1 1000 -1000 0.001 3 1 1 1 64
1 0.051 
0 
sc 7 1 1 1 1 4 1 8195 1 64
1 6.25 
0 
sbs1 1 1 1000 -1000 0.001 3 1 1 1 64
1 -0.051 
0 
sc2 7 1 3 3 3 4 1 8195 1 64
1 0 
0 
strtlp1 7 1 1000000 1 1 3 1 0 1 64
1 256 
0 
ss 7 1 32767 -32768 0 2 1 0 1 64
1 8 
0 
solvent 2 2 6 0 0 2 1 11 1 64
1 "D2O"
0 
sfrq 1 1 1000000000 0 0 2 1 11 1 64
1 500.6191832 
0 
sf 1 1 8190 0 1e-07 4 1 3 1 64
1 0 
0 
sn 1 1 1e+18 -1e+18 0 3 1 1 1 64
1 0 
0 
sp1 1 1 1000000000 -1000000000 0 4 1 3 1 64
1 -2130.41375008 
0 
sp 1 1 1000000000 -1000000000 0 4 1 3 1 64
1 -1376.4187129 
0 
spin 1 1 32000000 0 0.1 2 1 0 0 64
1 15 
0 
sspul 4 2 4 0 0 2 1 0 1 64
1 ""
0 
ssntaps 7 1 2500 0 1 3 1 0 1 64
1 7 
0 
ssfilter 1 1 50000 10 0.1 3 1 0 1 64
1 40 
0 
ssorder 7 1 20 1 1 3 1 0 1 64
1 5 
0 
strtext1 7 1 1000000 1 1 3 1 0 1 64
1 257 
0 
strtext 7 1 1000000 1 1 3 1 0 1 64
1 2 
0 
strtlp 7 1 1000000 1 1 3 1 0 1 64
1 3 
0 
th 1 1 1000000000 0 0 4 1 1 1 64
1 1 
0 
sw1 1 1 5000000 1 -2.5e-08 2 1 0 1 64
1 10000 
0 
sw 1 1 5 5 5 2 1 8203 1 64
1 8499.78750531 
0 
temp 1 1 200 -150 0.1 2 1 8 1 64
1 30 
0 
tlt 1 1 1000000000 -1000000000 0 4 1 1 1 64
1 0 
0 
tin 2 2 1 0 0 2 1 2 1 64
1 "n"
2 "y" "n" 
tn 2 2 4 0 0 2 1 8 1 64
1 "H1"
0 
wtfile1 2 2 15 0 0 3 2 1 1 64
1 ""
0 
wbs 2 2 6 0 0 3 1 3 1 64
1 ""
0 
vpfi 1 1 500 -500 0 4 1 0 1 64
1 18.0882326129 
0 
vf 1 1 1000000000 0 0 4 1 3 1 64
1 2191.85867326 
0 
trace 2 2 2 0 0 4 1 3 1 64
1 "f1"
2 "f1" "f2" 
tpwr 7 1 17 17 17 2 1 8194 1 64
1 60 
0 
vp 7 1 500 -500 0.1 4 1 3 1 64
1 77.6470566456 
0 
vo 7 1 500 -500 0.1 4 1 1 1 64
1 0 
0 
vpf 1 1 500 -500 0 4 1 0 1 64
1 -22.7941191815 
0 
vtc 1 1 255 0 1 2 1 2 1 64
1 30 
0 
vs 1 1 1000000000 1e-06 0 4 1 3 1 64
1 19687.5005659 
0 
vtwait 3 1 14 14 14 2 1 8194 1 64
1 300 
0 
wnt 2 2 6 0 0 3 1 3 1 64
1 ""
0 
wexp 2 2 6 0 0 3 1 3 1 64
1 ""
0 
wc2 7 1 4 4 4 4 1 8195 1 64
1 155 
0 
wc 7 1 2 2 2 4 1 8203 1 64
1 155 
0 
werr 2 2 6 0 0 3 1 3 1 64
1 ""
0 
wf 1 1 8190 0 1e-07 4 1 3 1 64
1 0.1204736 
0 
wshim 4 2 4 0 0 2 1 1 1 64
1 "n"
14 "e" "f" "n" "s" "0" "1" "2" "3" "4" "5" "6" "7" "8" "9" 
wp1 1 1 100000 0 0 4 1 3 1 64
1 10000 
0 
wp 1 1 100000 0 0 4 1 11 1 64
1 8499.78750531 
0 
wtfile 2 2 15 0 0 3 1 1 1 64
1 ""
0 
z3x3 7 1 19 19 19 2 1 8192 1 64
1 0 
0 
z2x2y2 7 1 19 19 19 2 1 8192 1 64
1 0 
0 
y1 7 1 19 19 19 2 1 8192 1 64
1 0 
0 
x3 7 1 19 19 19 2 1 8192 1 64
1 0 
0 
x1 7 1 19 19 19 2 1 8192 1 64
1 0 
0 
x2y2 7 1 19 19 19 2 1 8192 1 64
1 0 
0 
xz 7 1 19 19 19 2 1 8192 1 64
1 0 
0 
xy 7 1 19 19 19 2 1 8192 1 64
1 0 
0 
xz2 7 1 19 19 19 2 1 8192 1 64
1 0 
0 
z1 7 1 19 19 19 2 1 8192 1 64
1 0 
0 
yz 7 1 19 19 19 2 1 8192 1 64
1 0 
0 
y3 7 1 19 19 19 2 1 8192 1 64
1 0 
0 
yz2 7 1 19 19 19 2 1 8192 1 64
1 0 
0 
z2 7 1 19 19 19 2 1 8192 1 64
1 0 
0 
z1c 7 1 19 19 19 2 1 8192 1 64
1 0 
0 
z2c 7 1 19 19 19 2 1 8192 1 64
1 0 
0 
z3 7 1 19 19 19 2 1 8192 1 64
1 0 
0 
z2xy 7 1 19 19 19 2 1 8192 1 64
1 0 
0 
z2x3 7 1 19 19 19 2 1 8192 1 64
1 0 
0 
z2y3 7 1 19 19 19 2 1 8192 1 64
1 0 
0 
z3x 7 1 19 19 19 2 1 8192 1 64
1 0 
0 
z3c 7 1 19 19 19 2 1 8192 1 64
1 0 
0 
z3x2y2 7 1 19 19 19 2 1 8192 1 64
1 0 
0 
z4xy 7 1 19 19 19 2 1 8192 1 64
1 0 
0 
z4 7 1 19 19 19 2 1 8192 1 64
1 0 
0 
z3y 7 1 19 19 19 2 1 8192 1 64
1 0 
0 
z3xy 7 1 19 19 19 2 1 8192 1 64
1 0 
0 
z3y3 7 1 19 19 19 2 1 8192 1 64
1 0 
0 
z4x 7 1 19 19 19 2 1 8192 1 64
1 0 
0 
z4c 7 1 19 19 19 2 1 8192 1 64
1 0 
0 
z4x2y2 7 1 19 19 19 2 1 8192 1 64
1 0 
0 
z7 7 1 19 19 19 2 1 8192 1 64
1 0 
0 
z5y 7 1 19 19 19 2 1 8192 1 64
1 0 
0 
z5 7 1 19 19 19 2 1 8192 1 64
1 0 
0 
z4y 7 1 19 19 19 2 1 8192 1 64
1 0 
0 
z5x 7 1 19 19 19 2 1 8192 1 64
1 0 
0 
z6 7 1 19 19 19 2 1 8192 1 64
1 0 
0 
zx2y2 7 1 19 19 19 2 1 8192 1 64
1 0 
0 
z8 7 1 19 19 19 2 1 8192 1 64
1 0 
0 
zxy 7 1 19 19 19 2 1 8192 1 64
1 0 
0 
zx3 7 1 19 19 19 2 1 8192 1 64
1 0 
0 
zy3 7 1 19 19 19 2 1 8192 1 64
1 0 
0 
