intmod 2 2 8 0 0 4 1 0 1 64
1 "off" 
3 "off" "partial" "full" 
dmm 2 2 1 0 0 2 1 2 1 64
1 "ccw" 
0 
dcg 2 2 3 0 0 4 1 1 1 64
1 "" 
2 "dc" "cdc" 
celem 1 1 9.99999984307e+17 -9.99999984307e+17 0 2 1 0 1 64
1 369 
0 
awc 1 1 1 -1 0.001 3 1 1 0 64
1 0 
0 
alfa 6 1 8192 -8192 1e-07 2 1 8194 1 64
1 -7 
0 
acqstatus 7 1 32767 0 0 2 1 0 1 64
2 11 369 
0 
aig 2 2 2 0 0 4 1 1 1 64
1 "ai" 
2 "nm" "ai" 
array 2 2 256 0 0 2 1 1 1 64
1 "phase" 
0 
ap 2 2 1023 0 0 4 1 7 1 64
1 
"1:SAMPLE:date,solvent,file;1:ACQUISITION:sfrq:3,tn:2,at:3,np:0,sw:1,fb:0,bs(bs):0,ss(ss):0,tpwr(tpwr):0,pw:1,p1(p1):1,d1:3,d2(d2):3,tof:1,nt:0,ct:0,alock,gain:0;1:FLAGS:il,in,dp,hs;1:CO DECOUPLING:pwcolvl,pwco:1,shape;1(ni):2D ACQUISITION:sw1:1,ni:0;1(ni2):3D ACQUISITION:d3:0,sw2:1,ni2:0,phase2:0;1:DISPLAY:sp:1,wp:1,vs:0,sc:0,wc:0,hzmm:2,is:2,rfl:1,rfp:1,th:0,ins:3,aig*,dcg*,dmg*;1(ni):2D DISPLAY:sp1:1,wp1:1,sc2:0,wc2:0,rfl1:1,rfp1:1;2:DEC. & VT:dfrq:3,dn,dpwr:0,pwx:1,pwxlvl,dof:1,dm,dmm,dmf,dseq,dres:1,homo,temp(temp):1;2(numrfch > 2):DEC2:dfrq2:3,dn2,dpwr2:0,pwx2:1,pwx2lvl,dof2:1,dm2,dmm2,dmf2:0,dseq2,dres2:1;2:PROCESSING:cf(nf):0,lb(lb):2,sb(sb):3,sbs(sb):3,gf(gf):3,gfs(gf):3,awc(awc):3,lsfid(lsfid):0,phfid(phfid):1,wtfile,proc,fn:0,math,,werr,wexp,wbs,wnt;2(ni):2D PROCESSING:lb1(lb1):3,sb1(sb1):3,sbs1(sb1):3,gf1(gf1):3,gfs1(gf1):3,awc1(awc1):3,wtfile1,proc1,fn1:0;2(ni2):3D PROCESSING:lb2(lb2):2,sb2(sb2):3,sbs2(sb2):3,gf2(gf2):3,gfs2(gf2):3,awc2(awc2):3,wtfile2,proc2,fn2:0;" 
0 
alock 2 2 1 0 0 2 1 2 1 64
1 "n" 
0 
arrayelemts 1 1 9.99999984307e+17 -9.99999984307e+17 0 2 1 0 1 64
1 2 
0 
arraydim 7 1 32768 1 1 2 1 5 1 64
1 512 
0 
at 1 1 100 0.001 0.001 2 1 11 1 64
1 0.064 
0 
bcorder 7 1 20 1 1 3 1 0 1 64
1 7 
0 
axis 2 2 4 0 0 4 1 3 1 64
1 "pd" 
0 
awc1 1 1 1 -1 0.001 3 1 1 0 64
1 0 
0 
bcfilter 1 1 50000 50 0.1 3 1 0 1 64
1 200 
0 
bs 7 1 1000000000 0 1 2 1 0 0 64
1 16 
0 
d1 3 1 14 14 14 2 1 8194 1 64
1 0 
0 
cp 2 2 1 0 0 2 1 0 1 64
1 "y" 
2 "y" "n" 
com$string 2 2 8 0 0 2 1 0 1 64
1 "" 
0 
cf 7 1 32767 0 1 3 1 1 0 64
1 1 
0 
cr1 1 1 1000000000 -1000000000 0 4 1 3 1 64
1 4401.22661513 
0 
cr 1 1 1000000000 -1000000000 0 4 1 1 1 64
1 2655.04126848 
0 
ct 7 1 1000000000 0 1 2 1 6 1 64
1 0 
0 
date 2 2 9 0 0 2 1 1 1 64
1 "Oct 20 92" 
0 
d2 3 1 14 14 14 2 1 8194 1 64
1 0 
0 
dbo 7 1 1000000000 0 1 2 1 2 1 64
1 1542300 
0 
dm 2 2 3 0 0 2 1 0 1 64
1 "nny" 
0 
dg1 2 2 1023 0 0 4 1 7 1 64
1 
"1:DISPLAY:sp:1,wp:1,vs:0;1:REFERENCE:rfl:1,rfp:1,cr:1,delta:1;1:PHASE:lp:1,rp:1,rp1(ni):1,lp1(ni):1;2:CHART:sc:0,wc:0,hzmm:2,vp:0,axis,pltmod,,th:0,,ho:2,vo:2,,rplot,trace:2;3(ni):2D:sp1:1,wp1:1,sc2:0,wc2:0,rfl1:1,rfp1:1;3:FLAGS:aig*,dcg*,dmg*;3:FID:sf:3,wf:3,vf:0;4:INTEGRAL:intmod,is:2,ins:3,io:0,,lvl:3,tlt:3;" 
0 
dfrq2 1 1 1000000000 0 0 2 1 1 1 64
1 60.797 
0 
delta1 1 1 1000000000 -1000000000 0 4 1 3 1 64
1 9986.8938401 
0 
delta 1 1 1000000000 -1000000000 0 4 1 1 1 64
1 5707.77988615 
0 
dfrq 1 1 1000000000 0 0 2 1 1 1 64
1 150.869 
0 
dg 2 2 1023 0 0 4 1 7 1 64
1 
"1:ACQUISITION:sfrq:3,tn,at:3,np:0,sw:1,bs:0,ss:0,tpwr:0,pw:1,d1:3,d2:3,tof:1,nt:0,ct:0;2:SAMPLE:date,solvent,temp:1,seqfil;2:PRESATURATION:satmode,satdly:3,satpwr,satfrq:1;2:FLAGS:dp,hs;3(ni):2D ACQUISITION:sw1:1,ni:0,phase:0;3:PROCESSING:cf(nf):0,lb:2,sb:3,sbs(sb):3,gf:3,gfs(gf):3,fn:0,math,,werr,wexp,wbs,wnt;4(ni):2D PROCESSING:lb1:2,sb1:3,sbs1(sb1):3,gf1:3,gfs1(gf1):3,fn1:0;4:HMQC:null:1,j:1,mbond,taumb:3;4:CO DECOUPLING:pwcolvl,pwco:1,shape;" 
0 
dgp 2 2 8 0 0 4 1 0 1 64
1 
"1:CONDITIONAL:werr,wexp,wbs,wnt;1:PHASE:rp:1,lp:1,rp1(ni):1,lp1(ni):1,rp2(ni2):1,lp2(ni2):1;2:WEIGHT:lb:3,sb:3,sbs(sb):3,gf:3,gfs(gf):3,awc:3,wtfile;2:PROCESS:cf(nf):0,phfid:1,lsfrq:1,proc,fn:0;3(ni):WEIGHT 1:lb1:3,sb1:3,sbs1(sb1):3,gf1:3,gfs1(gf1):3,awc1:3,wtfile1;3(ni):PROCESS 1:phfid1:1,lsfrq1:1,proc1,fn1:0;4(ni2):WEIGHT 2:lb2:3,sb2:3,sbs2(sb2):3,gf2:3,gfs2(gf2):3,awc2:3,wtfile2;4(ni2):PROCESS 2:phfid2:1,lsfrq2:1,proc2,fn2:0;" 
0 
dglp 2 2 8 0 0 4 1 7 1 64
1 
"1(lpfilt):LP:lpalg,lpopt,lpfilt:0,lpnupts:0,strtlp:0,lpext:0,strtext:0;2(lpfilt1):LP 1:lpalg1,lpopt1,lpfilt1:0,lpnupts1:0,strtlp1:0,lpext1:0,strtext1:0;3(lpfilt2):LP 2:lpalg2,lpopt2,lpfilt2:0,lpnupts2:0,strtlp2:0,lpext2:0,strtext2:0;4:LP OUTPUT:lpprint(lpfilt):0,lptrace(lpfilt):0,lpprint1(lpfilt1):0,lptrace1(lpfilt1):0,lpprint2(lpfilt2):0,lptrace2(lpfilt2):0;" 
0 
dg2 2 2 1023 0 0 4 1 7 1 64
1 
"1:1st DECOUPLING:dfrq:3,dn,dpwr:0,dof:1,pwx:1,pwxlvl,dm,dmm,dmf:0,dseq,dres:1;2(numrfch > 2):2nd DECOUPLING:dfrq2:3,dn2,dpwr2:0,dof2:1,pwx2:1,pwx2lvl,dm2,dmm2,dmf2:0,dseq2,dres2:1;3(ni2):3D ACQUISITION:d3:3,sw2:1,ni2:0,phase2:0;3(ni2):3D DISPLAY:rp2:1,lp2:1;4(ni2):3D PROCESSING:lb2:3,sb2:3,sbs2(sb2):3,gf2:3,gfs2(gf2):3,awc2:3,wtfile2,proc2,fn2:0;" 
0 
dhp 1 1 9 9 9 2 1 8192 0 64
1 40 
0 
dgs 2 2 1023 0 0 4 1 7 1 64
1 
"1:AXIAL SHIMS:z1:0,z1c:0,z2:0,z2c:0,z3:0,z4:0,z5(z5flag):0,satflg,satdly:3,satfrq:1,satpwr:0;2:NON AXIAL SHIMS:x1:0,y1:0,xz:0,yz:0,xy:0,x2y2:0,x3:0,y3:0,xz2(z5flag):0,yz2(z5flag):0,zxy(z5flag):0,zx2y2(z5flag):0;3:AUTOMATION:method,wshim,load,,spin:0,gain:0,loc:0;3:SPECIAL:temp:1,null:1,j:1,taumb:3;4:MACROS:r1,r2,r3,r4,r5,r6,r7,n1,n2,n3,n4;" 
0 
dlp 7 1 10 10 10 2 1 8194 0 64
1 10 
0 
dmg 2 2 2 0 0 4 1 3 1 64
1 "ph" 
0 
dmf 7 1 11 11 11 2 1 8194 1 64
1 16326 
0 
dm2 2 2 8 0 0 2 1 0 1 64
1 "nyn" 
0 
dmf2 7 1 100000 1 0 2 1 2 1 64
1 5555 
0 
dmg1 2 2 5 0 0 4 1 0 1 64
1 "" 
0 
gain 1 1 32000000 0 0.1 2 1 0 1 64
1 20 
0 
dres2 7 1 360 1 0 2 1 0 1 64
1 90 
0 
dpwr 7 1 9 9 9 2 1 8194 1 64
1 48 
0 
dod 3 1 14 14 14 2 1 8194 1 64
1 0.00999999977648 
0 
dn 2 2 4 0 0 2 1 8 1 64
1 "C13" 
0 
dmm2 2 2 8 0 0 2 1 0 1 64
1 "cpc" 
0 
dn2 2 2 8 0 0 2 1 8 1 64
1 "N15" 
0 
dof2 5 1 16 16 16 2 1 8194 1 64
1 1578.4 
0 
dof 5 1 8 8 8 2 1 8194 1 64
1 -4526.1 
0 
dp 2 2 1 0 0 2 1 0 1 64
1 "y" 
2 "y" "n" 
dpwrf 7 1 4095 0 1 2 1 2 1 64
1 0 
0 
dpwr2 1 1 18 18 18 2 1 8194 1 64
1 45 
0 
dres 7 1 360 1 0 2 1 0 1 64
1 1 
0 
file 2 2 6 0 0 2 1 3 1 64
1 "/home/data/userlib/foruserlib/hmqc_COdec" 
0 
exppath 2 2 8 0 0 2 1 0 1 64
1 "/home/vnmr1/vnmrsys/exp2/acqfil" 
0 
dseq2 2 2 8 0 0 2 1 0 1 64
1 "waltz16" 
0 
dseq 2 2 8 0 0 2 1 0 1 64
1 "" 
0 
fb 7 1 6 6 6 2 1 8195 1 64
1 4400 
0 
fn1 7 1 524288 64 -2 3 1 1 1 64
1 512 
0 
filter 7 1 1000000000 0 1 2 1 2 1 64
1 54.0999984741 
0 
fn 7 1 524288 64 -2 3 1 1 0 64
1 1024 
0 
fpmult1 1 1 1000000000 0 0 3 1 0 0 64
1 0 
0 
fpmult 1 1 1000000000 0 0 3 1 0 1 64
1 0.5228515625 
0 
hs 2 2 2 0 0 2 1 0 1 64
1 "n" 
0 
gfs1 1 1 1000 -1000 0.001 3 1 1 0 64
1 0 
0 
gf1 1 1 100000 0 0 3 1 1 0 64
1 1 
0 
gf 1 1 100000 0 0 3 1 1 1 64
1 0.0182499997318 
0 
gfs 1 1 1000 -1000 0.001 3 1 1 0 64
1 0 
0 
ho 7 1 500 -500 0.1 4 1 1 1 64
1 -0 
0 
goid 2 2 8 0 0 2 1 0 1 64
1 "/vnmr/acqqueue/exp9.vnmr1.179341" 
0 
homo 2 2 1 0 0 2 1 0 1 64
1 "n" 
2 "y" "n" 
in 2 2 1 0 0 2 1 0 1 64
1 "n" 
2 "y" "n" 
hzmm 1 1 1000000000 -1000000000 0 4 1 11 1 64
1 32 
0 
hst 3 1 14 14 14 2 1 8194 1 64
1 0.00800000037998 
0 
il 2 2 1 0 0 2 1 0 1 64
1 "n" 
2 "y" "n" 
ins 3 1 8190 0 1e-07 4 1 3 1 64
1 1 
0 
rp1 1 1 3600 -3600 0.1 4 1 3 1 64
1 16.7838951312 
0 
phfid 1 1 3600 -3600 0.1 3 1 0 0 64
1 0 
0 
lpopt1 2 2 8 0 0 3 1 0 1 64
1 "b" 
0 
lpalg1 2 2 8 0 0 3 1 0 1 64
1 "lpfft" 
0 
lifrq 1 1 1000000000 -1000000000 0 4 1 0 1 64
5 7963.80090498 5859.72850679 5429.86425339 4434.38914027 0 
0 
j 1 1 1e+18 -1e+18 0 2 1 0 1 64
1 140 
0 
io 7 1 500 -500 0.1 4 1 1 1 64
1 10 
0 
is 1 1 1000000000 1e-06 0 4 1 3 1 64
1 1000000000 
0 
lb1 1 1 100000 -100000 0 3 1 1 0 64
1 0.318309992552 
0 
lb 1 1 100000 -100000 0 3 1 1 0 64
1 1 
0 
liamp 1 1 1000000000 0 0 4 1 0 0 64
1 0 
0 
loc 7 1 12 12 12 2 1 8193 0 64
1 0 
0 
llfrq 1 1 1000000000 -1000000000 0 4 1 0 0 64
1 0 
0 
llamp 1 1 1000000000 0 0 4 1 0 0 64
1 0 
0 
load 2 2 4 0 0 2 1 3 1 64
1 "n" 
2 "y" "n" 
lp1 1 1 3600 -3600 0.1 4 1 3 1 64
1 0 
0 
lp 1 1 3600 -3600 0.1 4 1 3 1 64
1 3.93116856768 
0 
lpalg 2 2 8 0 0 3 1 0 1 64
1 "lpfft" 
0 
lpfilt1 7 1 32767 1 1 3 1 0 1 64
1 8 
0 
lpext1 7 1 1000000 0 1 3 1 0 1 64
1 2 
0 
lpext 7 1 1000000 0 1 3 1 0 1 64
1 1 
0 
lpfilt 7 1 32767 1 1 3 1 0 1 64
1 32 
0 
lpnupts1 7 1 1000000 1 1 3 1 0 1 64
1 148 
0 
lpnupts 7 1 1000000 1 1 3 1 0 1 64
1 128 
0 
lpopt 2 2 8 0 0 3 1 0 1 64
1 "b" 
0 
mbond 4 2 4 0 0 2 1 0 1 64
1 "n" 
0 
lsfrq1 1 1 9.99999984307e+17 -9.99999984307e+17 0 3 1 0 0 64
1 3922.594 
0 
lptrace1 7 1 32767 0 1 3 1 0 1 64
1 0 
0 
lpprint1 7 1 63 0 1 3 1 0 1 64
1 0 
0 
lpprint 7 1 63 0 1 3 1 0 1 64
1 0 
0 
lptrace 7 1 32767 0 1 3 1 0 1 64
1 0 
0 
lsfid1 7 1 64000 -64000 1 3 1 0 0 64
1 0 
0 
lsfid 7 1 64000 -64000 1 3 1 0 0 64
1 0 
0 
lsfrq 1 1 9.99999984307e+17 -9.99999984307e+17 0 3 1 0 0 64
1 0 
0 
macro 2 2 6 0 0 4 1 3 1 64
1 "" 
0 
lvl 1 1 1000000000 -1000000000 0 4 1 1 1 64
1 0.0241604828943 
0 
math 2 2 1 0 0 3 1 3 1 64
1 "f" 
3 "d" "f" "i" 
ni 7 1 32767 0 0 2 1 0 1 64
1 256 
0 
n3 2 2 6 0 0 4 1 3 1 64
1 "c13freq" 
0 
n1 2 2 6 0 0 4 1 3 1 64
1 "r1=swforn15" 
0 
method 2 2 6 0 0 2 1 3 1 64
1 "z1z2" 
0 
n2 2 2 6 0 0 4 1 3 1 64
1 "r2=swforc13" 
0 
n4 2 2 8 0 0 2 1 0 1 64
1 "n15freq" 
0 
null 1 1 1e+18 -1e+18 0 2 1 0 1 64
1 0 
0 
np 7 1 128000 64 64 2 1 11 1 64
1 1024 
0 
nt 7 1 1000000000 1 1 2 1 2 1 64
1 4 
0 
pad 3 1 14 14 14 2 1 8194 1 64
1 0.5 
0 
p1 6 1 13 13 13 2 1 8192 1 64
1 0 
0 
phase 1 1 1e+18 -1e+18 0 2 1 0 1 64
2 1 2 
0 
pwxlvl 1 1 63 -16 1 2 1 0 1 64
1 63 
0 
pslabel 2 2 8 0 0 2 1 11 1 64
1 "hmqc_COdec" 
0 
pmode 2 2 10 0 0 3 1 0 1 64
1 "full" 
0 
pltmod 2 2 8 0 0 4 1 0 1 64
1 "fixed" 
5 "off" "fixed" "full" "variable" "user" 
phfid1 1 1 3600 -3600 0.1 3 1 0 0 64
1 0 
0 
proc 2 2 10 0 0 3 1 1 1 64
1 "ft" 
0 
priority 7 1 32768 0 1 2 1 0 1 64
1 5 
0 
proc1 2 2 10 0 0 3 2 1 1 64
1 "lp" 
0 
pwcolvl 1 1 9.99999984307e+17 -9.99999984307e+17 0 2 1 0 1 64
1 42 
0 
pw90 6 1 13 13 13 2 1 8194 1 64
1 9.75 
0 
pw 6 1 13 13 13 2 1 8194 1 64
1 6.8 
0 
pwco 6 1 13 13 13 2 1 8192 1 64
1 400 
0 
pwx2 6 1 13 13 13 2 1 8192 1 64
1 34 
0 
pwx 6 1 13 13 13 2 1 8192 1 64
1 12 
0 
pwx2lvl 1 1 63 -16 1 2 1 0 1 64
1 63 
0 
rfband 2 2 1 0 0 2 1 2 1 64
1 "ccc" 
9 "hhc" "hlc" "lhc" "llc" "hcc" "lcc" "chc" "clc" "ccc" 
r4 1 1 1e+18 -1e+18 0 4 1 1 1 64
1 1578.4 
0 
r2 1 1 1e+18 -1e+18 0 4 1 1 1 64
1 6024.09638554 
0 
r1 1 1 1e+18 -1e+18 0 4 1 1 1 64
1 0.0001 
0 
r3 1 1 1e+18 -1e+18 0 4 1 1 1 64
1 -6698.3 
0 
r6 1 1 1e+18 -1e+18 0 4 1 1 1 64
1 0 
0 
r5 1 1 1e+18 -1e+18 0 4 1 1 1 64
1 0 
0 
r7 1 1 1e+18 -1e+18 0 4 1 1 1 64
1 0 
0 
rfp1 1 1 1000000000 -1000000000 0 4 1 1 1 64
1 7271.8858 
0 
rfl1 1 1 1000000000 -1000000000 0 4 1 1 1 64
1 12831.4434986 
0 
rfl 1 1 1000000000 -1000000000 0 4 1 1 1 64
1 4719.25049295 
0 
rfp 1 1 1000000000 -1000000000 0 4 1 1 1 64
1 3629.65918535 
0 
rof2 6 1 13 13 13 2 1 8194 1 64
1 9.99999904633 
0 
rof1 6 1 13 13 13 2 1 8194 1 64
1 10 
0 
rp 1 1 3600 -3600 0.1 4 1 3 1 64
1 63.238969042 
0 
vs 1 1 1000000000 1e-06 0 4 1 3 1 64
1 1000 
0 
sw1 1 1 1e+18 -1e+18 0 2 1 0 1 64
1 10000 
0 
shape 2 2 8 0 0 2 1 0 1 64
1 "CO180" 
0 
sb1 1 1 1000 -1000 0.001 3 1 1 1 64
1 0.026 
0 
satfrq 5 1 1000000000 -1000000000 0 2 1 0 1 64
1 -234 
0 
satdly 1 1 1e+18 -1e+18 0 2 1 0 1 64
1 1.5 
0 
rplot 2 2 1 0 0 4 1 3 1 64
1 "n" 
2 "y" "n" 
satflg 4 2 4 0 0 2 1 0 1 64
1 "ynn" 
0 
satpwr 1 1 49 -16 1 2 1 0 1 64
1 3 
0 
satmode 4 2 4 0 0 2 1 0 1 64
1 "ynn" 
0 
sb 1 1 1000 -1000 0.001 3 1 0 0 64
1 0.02 
0 
sc2 7 1 3 3 3 4 1 8195 1 64
1 0 
0 
sbs1 1 1 1000 -1000 0.001 3 1 1 1 64
1 -0.026 
0 
sbs 1 1 1000 -1000 0.001 3 1 1 0 64
1 -0.02 
0 
sc 7 1 1 1 1 4 1 8195 1 64
1 6.25 
0 
sf 1 1 8190 0 1e-07 4 1 3 1 64
1 0 
0 
seqfil 2 2 8 0 0 2 1 11 1 64
1 "hmqc_COdec" 
0 
sfrq 1 1 1000000000 0 0 2 1 3 1 64
1 599.943667 
0 
ssfilter 1 1 50000 10 0.1 3 1 0 1 64
1 1000 
0 
sp 1 1 1000000000 -1000000000 0 4 1 3 1 64
1 -400.745906426 
0 
solvent 2 2 6 0 0 2 1 11 1 64
1 "D2O" 
0 
sn 1 1 1e+18 -1e+18 0 3 1 1 1 64
1 0 
0 
solvfactor 1 1 1e+18 -1e+18 0 2 1 0 1 64
1 -3.3e-07 
0 
spin 1 1 32000000 0 0.1 2 1 0 0 64
1 22 
0 
sp1 1 1 1000000000 -1000000000 0 4 1 3 1 64
1 -5559.5576986 
0 
ss 7 1 1000000000 -1000000000 1 2 1 2 1 64
1 16 
0 
strtext1 7 1 1000000 1 1 3 1 0 1 64
1 2 
0 
sspul 4 2 4 0 0 2 1 0 1 64
1 "n" 
0 
ssorder 7 1 20 1 1 3 1 0 1 64
1 11 
0 
strtext 7 1 1000000 1 1 3 1 0 1 64
1 1 
0 
strtlp1 7 1 1000000 1 1 3 1 0 1 64
1 3 
0 
strtlp 7 1 1000000 1 1 3 1 0 1 64
1 1 
0 
sw 1 1 5 5 5 2 1 8203 1 64
1 8000 
0 
tn 2 2 4 0 0 2 1 8 1 64
1 "H1" 
0 
th 1 1 1000000000 0 0 4 1 1 1 64
1 2 
0 
tbo 7 1 1000000000 0 1 2 1 2 1 64
1 1542300 
0 
taumb 3 1 8190 0 1.00000001169e-07 2 1 0 1 64
1 0 
0 
temp 1 1 200 -150 0.1 2 1 0 1 64
1 30 
0 
tlt 1 1 1000000000 -1000000000 0 4 1 1 1 64
1 -1.23216552311 
0 
tin 2 2 1 0 0 2 1 2 1 64
1 "n" 
2 "y" "n" 
trace 2 2 2 0 0 4 1 3 1 64
1 "f1" 
2 "f1" "f2" 
tpwr 7 1 17 17 17 2 1 8194 1 64
1 63 
0 
tof 5 1 7 7 7 2 1 8194 1 64
1 -234 
0 
tpwrf 7 1 4095 0 1 2 1 2 1 64
1 0 
0 
vo 7 1 500 -500 0.1 4 1 1 1 64
1 82.7102802439 
0 
vf 1 1 1000000000 0 0 4 1 3 1 64
1 854328433.522 
0 
vp 7 1 500 -500 0.1 4 1 3 1 64
1 14.5794395122 
0 
x1 7 1 2047 -2048 1 2 1 3 1 64
1 392 
0 
wf 1 1 8190 0 1e-07 4 1 3 1 64
1 0.064 
0 
wc 7 1 2 2 2 4 1 8203 1 64
1 225 
0 
vtwait 3 1 14 14 14 2 1 8194 1 64
1 300 
0 
vtc 1 1 255 0 1 2 1 2 1 64
1 20 
0 
wbs 2 2 6 0 0 3 1 3 1 64
1 "wft" 
0 
werr 2 2 6 0 0 3 1 3 1 64
1 "" 
0 
wc2 7 1 4 4 4 4 1 8195 1 64
1 155 
0 
wexp 2 2 6 0 0 3 1 3 1 64
1 "" 
0 
wshim 2 2 4 0 0 2 1 3 1 64
1 "n" 
0 
wp 1 1 100000 0 0 4 1 11 1 64
1 5698.63013699 
0 
wnt 2 2 6 0 0 3 1 3 1 64
1 "" 
0 
wp1 1 1 100000 0 0 4 1 3 1 64
1 9960.78431373 
0 
wtfile1 2 2 15 0 0 3 2 1 1 64
1 "" 
0 
wtfile 2 2 15 0 0 3 1 1 1 64
1 "" 
0 
yz 7 1 2047 -2048 1 2 1 3 1 64
1 104 
0 
xz 7 1 2047 -2048 1 2 1 3 1 64
1 -852 
0 
x3 7 1 2047 -2048 1 2 1 3 1 64
1 -80 
0 
x2y2 7 1 2047 -2048 1 2 1 3 1 64
1 -36 
0 
xy 7 1 2047 -2048 1 2 1 3 1 64
1 36 
0 
y1 7 1 2047 -2048 1 2 1 3 1 64
1 -100 
0 
xz2 7 1 2047 -2048 1 2 1 3 1 64
1 -32 
0 
y3 7 1 2047 -2048 1 2 1 3 1 64
1 686 
0 
z2 7 1 2047 -2048 1 2 1 2 1 64
1 223 
0 
z1 7 1 2047 -2048 1 2 1 2 1 64
1 1295 
0 
yz2 7 1 2047 -2048 1 2 1 3 1 64
1 -736 
0 
z1c 7 1 2047 -2048 1 2 1 2 1 64
1 8 
0 
z4 7 1 2047 -2048 1 2 1 2 1 64
1 1040 
0 
z3 7 1 2047 -2048 1 2 1 2 1 64
1 100 
0 
z2c 7 1 2047 -2048 1 2 1 2 1 64
1 -1 
0 
zx2y2 7 1 2047 -2048 1 2 1 3 1 64
1 -80 
0 
z5 7 1 2047 -2048 1 2 1 3 1 64
1 -272 
0 
zxy 7 1 2047 -2048 1 2 1 3 1 64
1 -544 
0 
