loc 7 1 12 12 12 2 1 8193 0 64
1 0 
0 
fn 7 1 524288 64 -2 3 1 1 0 64
1 16384 
0 
cr1 1 1 1000000000 -1000000000 0 4 1 3 1 64
1 0 
0 
at 1 1 100 0.001 0.001 2 1 11 1 64
1 0.8 
0 
alock 2 2 1 0 0 2 1 2 1 64
1 "n" 
0 
aig 2 2 2 0 0 4 1 1 1 64
1 "ai" 
2 "nm" "ai" 
acqstatus 7 1 32767 0 0 2 1 0 1 64
2 101 0 
0 
alfa 6 1 8190 0 1e-07 2 1 2 1 64
1 0 
0 
array 2 2 256 0 0 2 1 1 1 64
1 "" 
0 
ap 2 2 1023 0 0 4 1 7 1 64
1 
"1:ACQUISITION:sw:1,at:3,np:0,fb:0,bs(bs):0,ss(ss):0,d1:3,d2(d2):6,nt:0,ct:0;1:TRANSMITTER:tn,sfrq:3,tof:1,tpwr:0,tpwrf(tpwrf):0,pw:3,p1(p1):3;1:DECOUPLER:dn,dof:1,dm;1:DECOUPLER2:dn2,dof2:1,dm2;1:PRESATURATION:satfrq:1,satpwr:0,satdly:3,satflg,composit(composit<>'n'),slpflg,satshape,h2off:1;2:SAMPLE:date,solvent,file;2:SPECIAL:temp:1,gain:0,spin:0,hst:3,pw90:3;2:FLAGS:il,in,dp,hs;2:PROCESSING:cf(nf):0,lb(lb):2,sb(sb):3,sbs(sb):3,gf(gf):3,gfs(gf):3,awc(awc):3,lsfid(lsfid):0,phfid(phfid):1,fn:0,math,,werr,wexp,wbs,wnt;2:DISPLAY:sp:1,wp:1,vs:0,sc:0,wc:0,hzmm:2,is:2,rfl:1,rfp:1,th:0,ins:3,aig*,dcg*,dmg*;" 
0 
arraydim 7 1 32768 1 1 2 1 5 1 64
1 1 
0 
arrayelemts 1 1 9.99999984307e+17 -9.99999984307e+17 0 2 1 0 1 64
1 0 
0 
bs 7 1 1000000000 0 1 2 1 0 1 64
1 32 
0 
awc1 1 1 1 -1 0.001 3 1 1 0 64
1 0 
0 
awc 1 1 1 -1 0.001 3 1 1 0 64
1 0 
0 
axis 2 2 4 0 0 4 1 3 1 64
1 "p" 
0 
com$string 2 2 8 0 0 2 1 0 1 64
1 "" 
0 
cf 7 1 32767 0 1 3 1 1 0 64
1 1 
0 
celem 1 1 9.99999984307e+17 -9.99999984307e+17 0 2 1 0 1 64
1 1 
0 
cp 2 2 1 0 0 2 1 0 1 64
1 "y" 
2 "y" "n" 
composit 4 2 4 0 0 2 1 0 1 64
1 "n" 
0 
cr 1 1 1000000000 -1000000000 0 4 1 1 1 64
1 2311.1687998 
0 
dmm 2 2 1 0 0 2 1 2 1 64
1 "c" 
0 
dlp 7 1 10 10 10 2 1 8194 0 64
1 10 
0 
delta 1 1 1000000000 -1000000000 0 4 1 1 1 64
1 1900.45283667 
0 
d2 3 1 8190 0 1e-07 2 1 2 1 64
1 0 
0 
d1 3 1 8190 0 1e-07 2 1 2 1 64
1 0.02 
0 
ct 7 1 1000000000 0 1 2 1 6 1 64
1 0 
0 
dbo 7 1 1000000000 0 1 2 1 2 1 64
1 1542300 
0 
date 2 2 9 0 0 2 1 1 1 64
1 "Jan 16 90" 
0 
dcg 2 2 3 0 0 4 1 1 1 64
1 "cdc" 
2 "dc" "cdc" 
dg 2 2 1023 0 0 4 1 7 1 64
1 
"1:ACQUISITION:seqfil,sw:1,at:3,np:0,fb:0,bs(bs):0,ss(ss):0,d1:3,d2(d2):6,nt:0,ct:0;1:SAMPLE:date,solvent,file;2:TRANSMITTER:tn,sfrq:3,tof:1,tpwr:0,tpwrf(tpwrf):0,pw:3,p1(p1):3;2:DECOUPLER:dn,dof:1,dm;2:DECOUPLER2:dn2,dof2:1,dm2;3:SPECIAL:temp:1,spin:0,gain:0,hst:3,pw90:3;3:PRESATURATION:satfrq:1,satpwr:0,satdly:3,satflg,composit(composit<>'n'),slpflg,satshape,h2off:1;4:PROCESSING:cf(nf):0,lb(lb):2,sb(sb):3,sbs(sb):3,gf(gf):3,gfs(gf):3,awc(awc):3,lsfid(lsfid):0,phfid(phfid):1,fn:0,math,,werr(werr<>''),wexp(wexp<>''),wbs(wbs<>''),wnt(wnt<>'');4:FLAGS:dp,hs,homo(homo<>'n');" 
0 
dfrq 1 1 1000000000 0 0 2 1 1 0 64
1 499.843376 
0 
delta1 1 1 1000000000 -1000000000 0 4 1 3 1 64
1 0 
0 
dfrq2 1 1 1000000000 0 0 2 1 1 1 64
1 125.697 
0 
dgs 2 2 1023 0 0 4 1 7 1 64
1 
"1:AXIAL SHIMS:z1c:0,z2c:0,z1:0,z2:0,z3:0,z4:0,z5(z5flag):0;2:NON AXIAL SHIMS:x1:0,y1:0,xz:0,yz:0,xy:0,x2y2:0,x3:0,y3:0,xz2(z5flag):0,yz2(z5flag):0,zxy(z5flag):0,zx2y2(z5flag):0;3:AUTOMATION:method,wshim,load,,spin:0,gain:0,loc:0;3:SPECIAL:temp;4:MACROS:r1,r2,r3,r4,r5,r6,r7,n1,n2,n3,n4;" 
0 
dg1 2 2 1023 0 0 4 1 7 1 64
1 
"1:DISPLAY:sp:1,wp:1,vs:0;1:REFERENCE:rfl:1,rfp:1,cr:1,delta:1;1:PHASE:lp:1,rp:1,rp1(ni):1,lp1(ni):1;2:CHART:sc:0,wc:0,hzmm:2,vp:0,axis,pltmod,,th:0,,ho:2,vo:2,,rplot,trace:2;3(ni):2D:sp1:1,wp1:1,sc2:0,wc2:0,rfl1:1,rfp1:1;3:FLAGS:aig*,dcg*,dmg*;3:FID:sf:3,wf:3,vf:0;4:INTEGRAL:intmod,is:2,ins:3,io:0,,lvl:3,tlt:3;" 
0 
dhp 1 1 9 9 9 2 1 8192 0 64
1 40 
0 
dmf 7 1 11 11 11 2 1 8194 1 64
1 200 
0 
dm 2 2 3 0 0 2 1 0 1 64
1 "n" 
0 
dm2 2 2 8 0 0 2 1 0 1 64
1 "n" 
0 
dmg 2 2 2 0 0 4 1 3 1 64
1 "ph" 
0 
dmf2 7 1 100000 1 0 2 1 2 1 64
1 200 
0 
dmg1 2 2 8 0 0 4 1 0 1 64
1 "" 
0 
dpwr 7 1 9 9 9 2 1 8192 1 64
1 25 
0 
dof 5 1 8 8 8 2 1 8194 1 64
1 -174.1 
0 
dn 2 2 4 0 0 2 1 8 1 64
1 "H1" 
0 
dmm2 2 2 8 0 0 2 1 0 1 64
1 "c" 
0 
dod 3 1 8190 0 1e-07 2 1 2 1 64
1 0.00999999977648 
0 
dn2 2 2 8 0 0 2 1 8 1 64
1 "C13" 
0 
dp 2 2 1 0 0 2 1 0 1 64
1 "y" 
2 "y" "n" 
dof2 5 1 16 16 16 2 1 8194 1 64
1 0 
0 
dseq 2 2 8 0 0 2 1 0 1 64
1 "" 
0 
dpwrf 7 1 63 0 1 2 1 0 1 64
1 0 
0 
dpwr2 7 1 18 18 18 2 1 8194 1 64
1 1 
0 
dres 7 1 360 1 0 2 1 0 1 64
1 1 
0 
dres2 7 1 360 1 0 2 1 0 1 64
1 1 
0 
fb 7 1 6 6 6 2 1 8195 1 64
1 5500 
0 
exppath 2 2 8 0 0 2 1 0 1 64
1 "/usr2/krish/vnmrsys/exp1/acqfil" 
0 
dseq2 2 2 8 0 0 2 1 0 1 64
1 "" 
0 
file 2 2 6 0 0 2 1 3 1 64
1 "/home/krish/vnmrsys/parlib/presat" 
0 
filter 7 1 1000000000 0 1 2 1 2 1 64
1 54.0999984741 
0 
hst 3 1 8190 0 1e-07 2 1 2 1 64
1 0.00800000037998 
0 
gfs 1 1 1000 -1000 0.001 3 1 1 0 64
1 0 
0 
gain 1 1 32000000 0 0.1 2 1 0 1 64
1 5 
0 
fpmult 1 1 1000000000 0 0 3 1 0 0 64
1 1 
0 
fn1 7 1 524288 64 -2 3 1 1 1 64
1 1024 
0 
fpmult1 1 1 1000000000 0 0 3 1 0 0 64
1 0 
0 
gf 1 1 100000 0 0 3 1 1 0 64
1 0.10000000149 
0 
gf1 1 1 100000 0 0 3 1 1 0 64
1 1 
0 
ho 7 1 500 -500 0.1 4 1 1 1 64
1 -50.2678565979 
0 
goid 2 2 8 0 0 2 1 0 1 64
1 "/vnmr/acqqueue/exp1.krish.003956" 
0 
gfs1 1 1 1000 -1000 0.001 3 1 1 0 64
1 0 
0 
h2off 5 1 1000000000 -1000000000 0 2 1 0 1 64
1 2000 
0 
homo 2 2 1 0 0 2 1 0 1 64
1 "n" 
2 "y" "n" 
hs 2 2 2 0 0 2 1 0 1 64
1 "nn" 
0 
is 1 1 1000000000 1e-06 0 4 1 3 1 64
1 33.5734901428 
0 
in 2 2 1 0 0 2 1 0 1 64
1 "n" 
2 "y" "n" 
hzmm 1 1 1000000000 -1000000000 0 4 1 11 1 64
1 40 
0 
il 2 2 1 0 0 2 1 0 1 64
1 "n" 
2 "y" "n" 
intmod 2 2 8 0 0 4 1 0 1 64
1 "off" 
3 "off" "partial" "full" 
ins 3 1 8190 0 1e-07 4 1 3 1 64
1 1 
0 
io 7 1 500 -500 0.1 4 1 1 1 64
1 10 
0 
liamp 1 1 1000000000 0 0 4 1 0 0 64
1 0 
0 
lb1 1 1 100000 -100000 0 3 1 1 1 64
1 0.318309992552 
0 
lb 1 1 100000 -100000 0 3 1 1 1 64
1 1 
0 
llamp 1 1 1000000000 0 0 4 1 0 0 64
1 0 
0 
lifrq 1 1 1000000000 -1000000000 0 4 1 0 0 64
1 0 
0 
llfrq 1 1 1000000000 -1000000000 0 4 1 0 0 64
1 0 
0 
load 2 2 4 0 0 2 1 3 1 64
1 "n" 
2 "y" "n" 
sbs1 1 1 1000 -1000 0.001 3 1 1 0 64
1 0 
0 
r6 1 1 1e+18 -1e+18 0 4 1 1 1 64
1 0 
0 
pad 3 1 8190 0 1e-07 2 1 2 1 64
1 0.5 
0 
n3 2 2 6 0 0 4 1 3 1 64
1 "" 
0 
macro 2 2 6 0 0 4 1 3 1 64
1 "" 
0 
lsfid 7 1 64000 0 1 3 1 0 0 64
1 0 
0 
lp1 1 1 3600 -3600 0.1 4 1 3 1 64
1 0 
0 
lp 1 1 3600 -3600 0.1 4 1 3 1 64
1 14.4000053833 
0 
lsfrq1 1 1 9.99999984307e+17 -9.99999984307e+17 0 3 1 0 0 64
1 0 
0 
lsfrq 1 1 9.99999984307e+17 -9.99999984307e+17 0 3 1 0 0 64
1 0 
0 
lvl 1 1 1000000000 -1000000000 0 4 1 1 1 64
1 0 
0 
method 2 2 6 0 0 2 1 3 1 64
1 "z1z2" 
0 
math 2 2 1 0 0 3 1 3 1 64
1 "f" 
3 "d" "f" "i" 
n1 2 2 6 0 0 4 1 3 1 64
1 "" 
0 
n2 2 2 6 0 0 4 1 3 1 64
1 "" 
0 
nt 7 1 1000000000 1 1 2 1 2 1 64
1 8 
0 
np 7 1 128000 64 64 2 1 11 1 64
1 16000 
0 
n4 4 2 4 0 0 2 1 0 1 64
1 "" 
0 
p1 6 1 8190 0 1e-07 2 1 2 1 64
1 0 
0 
pslabel 2 2 8 0 0 2 1 11 1 64
1 "presat" 
0 
priority 7 1 32768 0 1 2 1 0 1 64
1 5 
0 
pltmod 2 2 8 0 0 4 1 0 1 64
1 "fixed" 
5 "off" "fixed" "full" "variable" "user" 
phfid 1 1 3600 -3600 0.1 3 1 0 0 64
1 0 
0 
phfid1 1 1 3600 -3600 0.1 3 1 0 0 64
1 0 
0 
pmode 2 2 8 0 0 3 1 0 1 64
1 "partial" 
0 
proc 4 2 10 0 0 3 1 0 1 64
1 "ft" 
0 
proc1 4 2 10 0 0 3 1 0 1 64
1 "ft" 
0 
r1 1 1 1e+18 -1e+18 0 4 1 1 1 64
1 0 
0 
pw90 6 1 8190 0 1e-07 2 1 2 1 64
1 9.8 
0 
pw 6 1 8190 0 1e-07 2 1 2 1 64
1 9.8 
0 
r3 1 1 1e+18 -1e+18 0 4 1 1 1 64
1 0 
0 
r2 1 1 1e+18 -1e+18 0 4 1 1 1 64
1 0 
0 
r4 1 1 1e+18 -1e+18 0 4 1 1 1 64
1 0 
0 
r5 1 1 1e+18 -1e+18 0 4 1 1 1 64
1 0 
0 
rfp1 1 1 1000000000 -1000000000 0 4 1 1 1 64
1 0 
0 
rfl 1 1 1000000000 -1000000000 0 4 1 1 1 64
1 5133.61505218 
0 
r7 1 1 1e+18 -1e+18 0 4 1 1 1 64
1 0 
0 
rfband 2 2 1 0 0 2 1 2 1 64
1 "ccc" 
9 "hhc" "hlc" "lhc" "llc" "hcc" "lcc" "chc" "clc" "ccc" 
rfp 1 1 1000000000 -1000000000 0 4 1 1 1 64
1 3618.86604224 
0 
rfl1 1 1 1000000000 -1000000000 0 4 1 1 1 64
1 0 
0 
satfrq 5 1 1000000000 -1000000000 0 2 1 0 1 64
1 -174.1 
0 
rp1 1 1 3600 -3600 0.1 4 1 3 1 64
1 0 
0 
rof2 6 1 8190 0 1e-07 2 1 2 1 64
1 9.99999904633 
0 
rof1 6 1 8190 0 1e-07 2 1 2 1 64
1 10 
0 
rp 1 1 3600 -3600 0.1 4 1 3 1 64
1 -69.7782476719 
0 
satdly 3 1 14 14 14 2 1 8192 1 64
1 1.5 
0 
rplot 2 2 1 0 0 4 1 3 1 64
1 "n" 
2 "y" "n" 
satflg 4 2 4 0 0 2 1 0 1 64
1 "y" 
0 
sb 1 1 1000 -1000 0.001 3 1 0 0 64
1 0 
0 
satpwrf 1 1 9.99999984307e+17 -9.99999984307e+17 0 2 1 0 1 64
1 0 
0 
satpwr 1 1 9.99999984307e+17 -9.99999984307e+17 0 2 1 0 1 64
1 10 
0 
satshape 2 2 8 0 0 2 1 0 1 64
1 "slps10d" 
0 
sb1 1 1 1000 -1000 0.001 3 1 1 0 64
1 0 
0 
sbs 1 1 1000 -1000 0.001 3 1 1 0 64
1 0 
0 
vo 7 1 500 -500 0.1 4 1 1 1 64
1 0 
0 
temp 1 1 200 -150 0.1 2 1 0 1 64
1 30 
0 
solvent 2 2 6 0 0 2 1 11 1 64
1 "D2O" 
0 
sf 1 1 8190 0 1e-07 4 1 3 1 64
1 0 
0 
sc2 7 1 3 3 3 4 1 8195 1 64
1 0 
0 
sc 7 1 1 1 1 4 1 8195 1 64
1 0 
0 
seqfil 2 2 8 0 0 2 1 11 1 64
1 "slpsat" 
0 
slpflg 4 2 4 0 0 2 1 0 1 64
1 "n" 
0 
sfrq 1 1 1000000000 0 0 2 1 3 1 64
1 499.843376 
0 
sn 1 1 1e+18 -1e+18 0 3 1 1 1 64
1 0 
0 
spin 1 1 32000000 0 0.1 2 1 0 0 64
1 25 
0 
sp 1 1 1000000000 -1000000000 0 4 1 3 1 64
1 -1514.74900994 
0 
solvfactor 1 1 1e+18 -1e+18 0 2 1 0 1 64
1 -3.3e-07 
0 
sp1 1 1 1000000000 -1000000000 0 4 1 3 1 64
1 649.999938965 
0 
sw 1 1 5 5 5 2 1 8203 1 64
1 10000 
0 
ss 7 1 1000000000 0 1 2 1 2 1 64
1 2 
0 
tbo 7 1 1000000000 0 1 2 1 2 1 64
1 1542300 
0 
tn 2 2 4 0 0 2 1 8 1 64
1 "H1" 
0 
tin 2 2 1 0 0 2 1 2 1 64
1 "n" 
2 "y" "n" 
th 1 1 1000000000 0 0 4 1 1 1 64
1 7 
0 
tlt 1 1 1000000000 -1000000000 0 4 1 1 1 64
1 0 
0 
tpwr 7 1 17 17 17 2 1 8194 1 64
1 60 
0 
tof 5 1 7 7 7 2 1 8194 1 64
1 -174.1 
0 
trace 2 2 2 0 0 4 1 3 1 64
1 "f1" 
2 "f1" "f2" 
tpwrf 1 1 9.99999984307e+17 -9.99999984307e+17 0 2 1 0 1 64
1 0 
0 
vf 1 1 1000000000 0 0 4 1 3 1 64
1 174.310211182 
0 
wshim 2 2 4 0 0 2 1 3 1 64
1 "n" 
0 
wexp 2 2 6 0 0 3 1 3 1 64
1 "" 
0 
vtwait 3 1 8190 0 1e-07 2 1 2 1 64
1 300 
0 
vs 1 1 1000000000 1e-06 0 4 1 3 1 64
1 2136.87430451 
0 
vp 7 1 500 -500 0.1 4 1 3 1 64
1 0 
0 
vtc 1 1 255 0 1 2 1 2 1 64
1 40 
0 
wc 7 1 2 2 2 4 1 8203 1 64
1 250 
0 
wbs 2 2 6 0 0 3 1 3 1 64
1 "" 
0 
wc2 7 1 4 4 4 4 1 8195 1 64
1 155 
0 
werr 2 2 6 0 0 3 1 3 1 64
1 "" 
0 
wnt 2 2 6 0 0 3 1 3 1 64
1 "" 
0 
wf 1 1 8190 0 1e-07 4 1 3 1 64
1 1.89199965357 
0 
wp 1 1 100000 0 0 4 1 11 1 64
1 10000 
0 
wp1 1 1 100000 0 0 4 1 3 1 64
1 62.5000114441 
0 
yz 7 1 2047 -2048 1 2 1 3 1 64
1 78 
0 
xz 7 1 2047 -2048 1 2 1 3 1 64
1 -9 
0 
x2y2 7 1 2047 -2048 1 2 1 3 1 64
1 23 
0 
wtfile1 4 2 15 0 0 3 1 0 1 64
1 "" 
0 
wtfile 4 2 15 0 0 3 1 0 1 64
1 "" 
0 
x1 7 1 2047 -2048 1 2 1 3 1 64
1 -268 
0 
x3 7 1 2047 -2048 1 2 1 3 1 64
1 -93 
0 
xy 7 1 2047 -2048 1 2 1 3 1 64
1 59 
0 
y1 7 1 2047 -2048 1 2 1 3 1 64
1 -473 
0 
xz2 7 1 2047 -2048 1 2 1 3 1 64
1 205 
0 
y3 7 1 2047 -2048 1 2 1 3 1 64
1 -109 
0 
z2c 7 1 2047 -2048 1 2 1 2 1 64
1 -70 
0 
z1c 7 1 2047 -2048 1 2 1 2 1 64
1 -20 
0 
yz2 7 1 2047 -2048 1 2 1 3 1 64
1 -219 
0 
z1 7 1 2047 -2048 1 2 1 2 1 64
1 -118 
0 
z2 7 1 2047 -2048 1 2 1 2 1 64
1 166 
0 
z4 7 1 2047 -2048 1 2 1 2 1 64
1 -789 
0 
z3 7 1 2047 -2048 1 2 1 2 1 64
1 -80 
0 
zx2y2 7 1 2047 -2048 1 2 1 3 1 64
1 0 
0 
z5 7 1 2047 -2048 1 2 1 3 1 64
1 -5 
0 
zxy 7 1 2047 -2048 1 2 1 3 1 64
1 0 
0 
