liamp 1 1 1000000000 0 0 4 1 0 0 64
1 0 
0 
dod 3 1 14 14 14 2 1 8194 1 64
1 0.00999999977648 
0 
delta 1 1 1000000000 -1000000000 0 4 1 1 1 64
1 2608.69565217 
0 
cf 7 1 32767 0 1 3 1 1 0 64
1 1 
0 
awc 1 1 1 -1 0.001 3 1 1 0 64
1 0 
0 
ap 2 2 1023 0 0 4 1 7 1 64
1 
"1:SAMPLE:date,solvent,file;1:ACQUISITION:sfrq:3,tn:2,at:3,np:0,sw:1,fb:0,bs(bs):0,ss(ss):0,tpwr(tpwr):0,pw:1,p1(p1):1,d1:3,mix:3,d2(d2):3,tof:1,nt:0,ct:0,alock,sspul,satpwr,satdly:3,satfrq:1,satmode,null:3,j:1,mbond,taumb:3,gain:0;1:FLAGS:il,in,dp,hs;1(ni):2D ACQUISITION:sw1:1,ni:0,phase:0;1(ni2):3D ACQUISITION:d3:0,sw2:1,ni2:0,phase2:0;1:DISPLAY:sp:1,wp:1,vs:0,sc:0,wc:0,hzmm:2,is:2,rfl:1,rfp:1,th:0,ins:3,aig*,dcg*,dmg*;1(ni):2D DISPLAY:sp1:1,wp1:1,sc2:0,wc2:0,rfl1:1,rfp1:1;2:DEC. & VT:dfrq:3,dn,dpwr:0,pwx:1,pwxlvl,dof:1,dm,dmm,dmf,dseq,dres:1,homo,temp(temp):1;2(numrfch > 2):DEC2:dfrq2:3,dn2,dpwr2:0,pwx2:1,pwx2lvl,dof2:1,dm2,dmm2,dmf2:0,dseq2,dres2:1;2:PROCESSING:cf(nf):0,lb(lb):2,sb(sb):3,sbs(sb):3,gf(gf):3,gfs(gf):3,fn:0,math,,werr,wexp,wbs,wnt;2(ni):2D PROCESSING:lb1(lb1):3,sb1(sb1):3,sbs1(sb1):3,gf1(gf1):3,gfs1(gf1):3,fn1:0;2(ni2):3D PROCESSING:lb2(lb2):2,sb2(sb2):3,sbs2(sb2):3,gf2(gf2):3,gfs2(gf2):3,fn2:0;" 
0 
aig 2 2 2 0 0 4 1 1 1 64
1 "ai" 
2 "nm" "ai" 
acqstatus 7 1 32767 0 0 2 1 0 1 64
2 16 16 
0 
alfa 6 1 8192 -8192 1e-07 2 1 8194 1 64
1 -6 
0 
alock 2 2 1 0 0 2 1 2 1 64
1 "n" 
0 
arraydim 7 1 32768 1 1 2 1 5 1 64
1 512 
0 
array 2 2 256 0 0 2 1 1 1 64
1 "phase" 
0 
at 1 1 100 0.001 0.001 2 1 11 1 64
1 0.2048 
0 
arrayelemts 1 1 9.99999984307e+17 -9.99999984307e+17 0 2 1 0 1 64
1 2 
0 
bs 7 1 1000000000 0 1 2 1 0 0 64
1 2 
0 
axis 2 2 4 0 0 4 1 3 1 64
1 "pp" 
0 
awc1 1 1 1 -1 0.001 3 1 1 0 64
1 0 
0 
celem 1 1 9.99999984307e+17 -9.99999984307e+17 0 2 1 0 1 64
1 112 
0 
date 2 2 9 0 0 2 1 1 1 64
1 "Dec 10 91" 
0 
cr1 1 1 1000000000 -1000000000 0 4 1 3 1 64
1 594.75 
0 
cp 2 2 1 0 0 2 1 0 1 64
1 "y" 
2 "y" "n" 
com$string 2 2 8 0 0 2 1 0 1 64
1 "" 
0 
cr 1 1 1000000000 -1000000000 0 4 1 1 1 64
1 6020.61042422 
0 
d1 3 1 14 14 14 2 1 8194 1 64
1 0 
0 
ct 7 1 1000000000 0 1 2 1 6 1 64
1 0 
0 
d2 3 1 14 14 14 2 1 8194 1 64
1 0 
0 
dcg 2 2 3 0 0 4 1 1 1 64
1 "" 
2 "dc" "cdc" 
dbo 7 1 1000000000 0 1 2 1 2 1 64
1 1542300 
0 
dmf 7 1 11 11 11 2 1 8194 1 64
1 3968 
0 
dg1 2 2 1023 0 0 4 1 7 1 64
1 
"1:DISPLAY:sp:1,wp:1,vs:0;1:REFERENCE:rfl:1,rfp:1,cr:1,delta:1;1:PHASE:lp:1,rp:1,rp1(ni):1,lp1(ni):1;2:CHART:sc:0,wc:0,hzmm:2,vp:0,axis,pltmod,,th:0,,ho:2,vo:2,,rplot,trace:2;3(ni):2D:sp1:1,wp1:1,sc2:0,wc2:0,rfl1:1,rfp1:1;3:FLAGS:aig*,dcg*,dmg*;3:FID:sf:3,wf:3,vf:0;4:INTEGRAL:intmod,is:2,ins:3,io:0,,lvl:3,tlt:3;" 
0 
dfrq 1 1 1000000000 0 0 2 1 1 1 64
1 150.869 
0 
delta1 1 1 1000000000 -1000000000 0 4 1 3 1 64
1 2094.75 
0 
dg 2 2 1023 0 0 4 1 7 1 64
1 
"1:ACQUISITION:sfrq:3,tn,at:3,np:0,sw:1,bs:0,ss:0,tpwr:0,pw:1,d1:3,d2:3,tof:1,nt:0,ct:0;2:SAMPLE:date,solvent,temp:1,seqfil;2:PRESATURATION:satmode,satdly:3,satpwr,satfrq:1;2:FLAGS:dp,hs;3(ni):2D ACQUISITION:sw1:1,ni:0,phase:0;3:PROCESSING:cf(nf):0,lb:2,sb:3,sbs(sb):3,gf:3,gfs(gf):3,fn:0,math,,werr,wexp,wbs,wnt;4(ni):2D PROCESSING:lb1:2,sb1:3,sbs1(sb1):3,gf1:3,gfs1(gf1):3,fn1:0;4:HMQC:dn2,pwx2:1,pwx2lvl,null:1,j:1;4:NOESY:mix:3;" 
0 
dfrq2 1 1 1000000000 0 0 2 1 1 1 64
1 60.797 
0 
dhp 1 1 9 9 9 2 1 8192 0 64
1 40 
0 
dgs 2 2 1023 0 0 4 1 7 1 64
1 
"1:AXIAL SHIMS:z1:0,z1c:0,z2:0,z2c:0,z3:0,z4:0,z5(z5flag):0,satmode,satdly:3,satfrq:1,satpwr:0;2:NON AXIAL SHIMS:x1:0,y1:0,xz:0,yz:0,xy:0,x2y2:0,x3:0,y3:0,xz2(z5flag):0,yz2(z5flag):0,zxy(z5flag):0,zx2y2(z5flag):0;3:AUTOMATION:method,wshim,load,,spin:0,gain:0,loc:0;3:SPECIAL:temp:1,null:1,j:1,taumb:3;4:MACROS:r1,r2,r3,r4,r5,r6,r7,n1,n2,n3,n4;" 
0 
dg2 2 2 1023 0 0 4 1 7 1 64
1 
"1:1st DECOUPLING:dfrq:3,dn,dpwr:0,dof:1,pwx:1,pwxlvl,dm,dmm,dmf:0,dseq,dres:1;2(numrfch > 2):2nd DECOUPLING:dfrq2:3,dn2,dpwr2:0,dof2:1,pwx2:1,pwx2lvl,dm2,dmm2,dmf2:0,dseq2,dres2:1;3(ni2):3D ACQUISITION:d3:3,sw2:1,ni2:0,phase2:0;3(ni2):3D DISPLAY:rp2:1,lp2:1;4(ni2):3D PROCESSING:lb2:3,sb2:3,sbs2(sb2):3,gf2:3,gfs2(gf2):3,awc2:3,wtfile2,proc2,fn2:0;" 
0 
dm 2 2 3 0 0 2 1 0 1 64
1 "n" 
0 
dlp 7 1 10 10 10 2 1 8194 0 64
1 10 
0 
dm2 2 2 8 0 0 2 1 0 1 64
1 "nynny" 
0 
dmm 2 2 1 0 0 2 1 2 1 64
1 "ccp" 
0 
dmg 2 2 2 0 0 4 1 3 1 64
1 "ph" 
0 
dmf2 7 1 100000 1 0 2 1 2 1 64
1 1995 
0 
dmg1 2 2 5 0 0 4 1 0 1 64
1 "" 
0 
dn 2 2 4 0 0 2 1 8 1 64
1 "C13" 
0 
dmm2 2 2 8 0 0 2 1 0 1 64
1 "ccccp" 
0 
dn2 2 2 8 0 0 2 1 8 1 64
1 "N15" 
0 
gfs1 1 1 1000 -1000 0.001 3 1 1 0 64
1 0 
0 
exppath 2 2 8 0 0 2 1 0 1 64
1 "/home/vnmr1/vnmrsys/exp7/acqfil" 
0 
dres 7 1 360 1 0 2 1 0 1 64
1 1 
0 
dpwr 7 1 9 9 9 2 1 8194 1 64
1 4 
0 
dof2 5 1 16 16 16 2 1 8194 1 64
1 1578.4 
0 
dof 5 1 8 8 8 2 1 8194 1 64
1 1400 
0 
dp 2 2 1 0 0 2 1 0 1 64
1 "y" 
2 "y" "n" 
dpwrf 7 1 4095 0 1 2 1 2 1 64
1 0 
0 
dpwr2 7 1 18 18 18 2 1 8194 1 64
1 36 
0 
dseq 2 2 8 0 0 2 1 0 1 64
1 "garp1" 
0 
dres2 7 1 360 1 0 2 1 0 1 64
1 1 
0 
dseq2 2 2 8 0 0 2 1 0 1 64
1 "garp1" 
0 
fn1 7 1 524288 64 -2 3 1 1 1 64
1 1024 
0 
filter 7 1 1000000000 0 1 2 1 2 1 64
1 54.0999984741 
0 
file 2 2 6 0 0 2 1 3 1 64
1 "/data/gagvnmr1/vnmrsys/parlib/nosyhmqc3rf" 
0 
fb 7 1 6 6 6 2 1 8195 1 64
1 5500 
0 
fn 7 1 524288 64 -2 3 1 1 0 64
1 4096 
0 
gain 1 1 32000000 0 0.1 2 1 0 1 64
1 21 
0 
fpmult 1 1 1000000000 0 0 3 1 0 1 64
1 0.547265625 
0 
fpmult1 1 1 1000000000 0 0 3 1 0 0 64
1 0 
0 
gf1 1 1 100000 0 0 3 1 1 0 64
1 1 
0 
gf 1 1 100000 0 0 3 1 1 1 64
1 0.0430947355926 
0 
gfs 1 1 1000 -1000 0.001 3 1 1 0 64
1 0 
0 
in 2 2 1 0 0 2 1 0 1 64
1 "n" 
2 "y" "n" 
hs 2 2 2 0 0 2 1 0 1 64
1 "n" 
0 
ho 7 1 500 -500 0.1 4 1 1 1 64
1 -25.1666666667 
0 
goid 2 2 8 0 0 2 1 0 1 64
1 "/vnmr/acqqueue/exp7.vnmr1.979439" 
0 
homo 2 2 1 0 0 2 1 0 1 64
1 "n" 
2 "y" "n" 
hzmm 1 1 1000000000 -1000000000 0 4 1 11 1 64
1 12.9837702871 
0 
hst 3 1 14 14 14 2 1 8194 1 64
1 0.00800000037998 
0 
il 2 2 1 0 0 2 1 0 1 64
1 "n" 
2 "y" "n" 
is 1 1 1000000000 1e-06 0 4 1 3 1 64
1 1000000000 
0 
intmod 2 2 8 0 0 4 1 0 1 64
1 "off" 
3 "off" "partial" "full" 
ins 3 1 8190 0 1e-07 4 1 3 1 64
1 1 
0 
io 7 1 500 -500 0.1 4 1 1 1 64
1 10 
0 
lb 1 1 100000 -100000 0 3 1 1 0 64
1 1 
0 
j 1 1 1e+18 -1e+18 0 2 1 0 1 64
1 110 
0 
lb1 1 1 100000 -100000 0 3 1 1 0 64
1 12.415068834 
0 
r4 1 1 1e+18 -1e+18 0 4 1 1 1 64
1 0 
0 
nt 7 1 1000000000 1 1 2 1 2 1 64
1 4 
0 
method 2 2 6 0 0 2 1 3 1 64
1 "z1z2" 
0 
lsfid 7 1 64000 0 1 3 1 0 0 64
1 0 
0 
load 2 2 4 0 0 2 1 3 1 64
1 "n" 
2 "y" "n" 
llamp 1 1 1000000000 0 0 4 1 0 0 64
1 0 
0 
lifrq 1 1 1000000000 -1000000000 0 4 1 0 1 64
5 7963.80090498 5859.72850679 5429.86425339 4434.38914027 0 
0 
llfrq 1 1 1000000000 -1000000000 0 4 1 0 0 64
1 0 
0 
lp 1 1 3600 -3600 0.1 4 1 3 1 64
1 0 
0 
loc 7 1 12 12 12 2 1 8193 0 64
1 0 
0 
lp1 1 1 3600 -3600 0.1 4 1 3 1 64
1 -32.9655346547 
0 
lvl 1 1 1000000000 -1000000000 0 4 1 1 1 64
1 0.00150811871436 
0 
lsfrq1 1 1 9.99999984307e+17 -9.99999984307e+17 0 3 1 0 0 64
1 0 
0 
lsfrq 1 1 9.99999984307e+17 -9.99999984307e+17 0 3 1 0 0 64
1 0 
0 
math 2 2 1 0 0 3 1 3 1 64
1 "f" 
3 "d" "f" "i" 
macro 2 2 6 0 0 4 1 3 1 64
1 "" 
0 
mbond 4 2 4 0 0 2 1 0 1 64
1 "n" 
0 
n3 2 2 6 0 0 4 1 3 1 64
1 "" 
0 
n1 2 2 6 0 0 4 1 3 1 64
1 "" 
0 
mix 3 1 14 14 14 2 1 8192 1 64
1 0.1 
0 
n2 2 2 6 0 0 4 1 3 1 64
1 "" 
0 
ni 7 1 32767 0 0 2 1 0 1 64
1 256 
0 
np 7 1 128000 64 64 2 1 11 1 64
1 4096 
0 
proc 2 2 10 0 0 3 1 1 1 64
1 "ft" 
0 
phfid1 1 1 3600 -3600 0.1 3 1 0 0 64
1 0 
0 
pad 3 1 14 14 14 2 1 8194 1 64
1 0.5 
0 
null 1 1 1e+18 -1e+18 0 2 1 0 1 64
1 0 
0 
p1 6 1 13 13 13 2 1 8192 1 64
1 0 
0 
phfid 1 1 3600 -3600 0.1 3 1 0 0 64
1 0 
0 
phase 1 1 1e+18 -1e+18 0 2 1 0 1 64
2 1 2 
0 
pmode 2 2 10 0 0 3 1 0 1 64
1 "partial" 
0 
pltmod 2 2 8 0 0 4 1 0 1 64
1 "fixed" 
5 "off" "fixed" "full" "variable" "user" 
priority 7 1 32768 0 1 2 1 0 1 64
1 5 
0 
pwx2 6 1 13 13 13 2 1 8192 1 64
1 35 
0 
pw90 6 1 13 13 13 2 1 8194 1 64
1 9.75 
0 
pslabel 2 2 8 0 0 2 1 11 1 64
1 "noesyhmqc3rf" 
0 
proc1 2 2 10 0 0 3 2 1 1 64
1 "ft" 
0 
pw 6 1 13 13 13 2 1 8194 1 64
1 5.4 
0 
pwx 6 1 13 13 13 2 1 8192 1 64
1 0 
0 
r2 1 1 1e+18 -1e+18 0 4 1 1 1 64
1 0 
0 
pwxlvl 1 1 63 -16 1 2 1 0 1 64
1 -16 
0 
pwx2lvl 1 1 63 -16 1 2 1 0 1 64
1 63 
0 
r1 1 1 1e+18 -1e+18 0 4 1 1 1 64
1 10.9390506667 
0 
r3 1 1 1e+18 -1e+18 0 4 1 1 1 64
1 0 
0 
tpwr 7 1 17 17 17 2 1 8194 1 64
1 63 
0 
sp 1 1 1000000000 -1000000000 0 4 1 3 1 64
1 -2240.259141 
0 
satfrq 5 1 1000000000 -1000000000 0 2 1 0 1 64
1 -235.8 
0 
rfp1 1 1 1000000000 -1000000000 0 4 1 1 1 64
1 0 
0 
rfband 2 2 1 0 0 2 1 2 1 64
1 "ccc" 
9 "hhc" "hlc" "lhc" "llc" "hcc" "lcc" "chc" "clc" "ccc" 
r6 1 1 1e+18 -1e+18 0 4 1 1 1 64
1 0 
0 
r5 1 1 1e+18 -1e+18 0 4 1 1 1 64
1 0 
0 
r7 1 1 1e+18 -1e+18 0 4 1 1 1 64
1 0 
0 
rfl1 1 1 1000000000 -1000000000 0 4 1 1 1 64
1 1500 
0 
rfl 1 1 1000000000 -1000000000 0 4 1 1 1 64
1 5000 
0 
rfp 1 1 1000000000 -1000000000 0 4 1 1 1 64
1 2759.740859 
0 
rp1 1 1 3600 -3600 0.1 4 1 3 1 64
1 17.1070618715 
0 
rof2 6 1 13 13 13 2 1 8194 1 64
1 9.99999904633 
0 
rof1 6 1 13 13 13 2 1 8194 1 64
1 10 
0 
rp 1 1 3600 -3600 0.1 4 1 3 1 64
1 32.9179775281 
0 
satdly 1 1 1e+18 -1e+18 0 2 1 0 1 64
1 1.5 
0 
rplot 2 2 1 0 0 4 1 3 1 64
1 "n" 
2 "y" "n" 
sc2 7 1 3 3 3 4 1 8195 1 64
1 0 
0 
sb1 1 1 1000 -1000 0.001 3 1 1 1 64
1 0.027 
0 
satpwr 1 1 49 -16 1 2 1 0 1 64
1 10 
0 
satmode 4 2 4 0 0 2 1 0 1 64
1 "ynynn" 
0 
sb 1 1 1000 -1000 0.001 3 1 0 0 64
1 0.02 
0 
sbs1 1 1 1000 -1000 0.001 3 1 1 1 64
1 -0.027 
0 
sbs 1 1 1000 -1000 0.001 3 1 1 0 64
1 -0.02 
0 
sc 7 1 1 1 1 4 1 8195 1 64
1 6.25 
0 
sfrq 1 1 1000000000 0 0 2 1 3 1 64
1 599.943667 
0 
sf 1 1 8190 0 1e-07 4 1 3 1 64
1 0 
0 
seqfil 2 2 8 0 0 2 1 11 1 64
1 "noesyhmqc3rf" 
0 
solvent 2 2 6 0 0 2 1 11 1 64
1 "D2O" 
0 
sn 1 1 1e+18 -1e+18 0 3 1 1 1 64
1 0 
0 
solvfactor 1 1 1e+18 -1e+18 0 2 1 0 1 64
1 -3.3e-07 
0 
taumb 3 1 8190 0 1.00000001169e-07 2 1 0 1 64
1 0 
0 
spin 1 1 32000000 0 0.1 2 1 0 0 64
1 22 
0 
sp1 1 1 1000000000 -1000000000 0 4 1 3 1 64
1 -1500 
0 
sw 1 1 5 5 5 2 1 8203 1 64
1 10000 
0 
ss 7 1 1000000000 -1000000000 1 2 1 2 1 64
1 4 
0 
sw1 1 1 1e+18 -1e+18 0 2 1 0 1 64
1 6000 
0 
tin 2 2 1 0 0 2 1 2 1 64
1 "n" 
2 "y" "n" 
temp 1 1 200 -150 0.1 2 1 0 1 64
1 45 
0 
tbo 7 1 1000000000 0 1 2 1 2 1 64
1 1542300 
0 
th 1 1 1000000000 0 0 4 1 1 1 64
1 1 
0 
tn 2 2 4 0 0 2 1 8 1 64
1 "H1" 
0 
tlt 1 1 1000000000 -1000000000 0 4 1 1 1 64
1 -0.802358408691 
0 
tof 5 1 7 7 7 2 1 8194 1 64
1 -235.8 
0 
wp 1 1 100000 0 0 4 1 11 1 64
1 10000 
0 
vtwait 3 1 14 14 14 2 1 8194 1 64
1 300 
0 
vo 7 1 500 -500 0.1 4 1 1 1 64
1 0 
0 
trace 2 2 2 0 0 4 1 3 1 64
1 "f1" 
2 "f1" "f2" 
tpwrf 7 1 4095 0 1 2 1 2 1 64
1 0 
0 
vf 1 1 1000000000 0 0 4 1 3 1 64
1 2527605130.94 
0 
vs 1 1 1000000000 1e-06 0 4 1 3 1 64
1 1860.11977312 
0 
vp 7 1 500 -500 0.1 4 1 3 1 64
1 0 
0 
vtc 1 1 255 0 1 2 1 2 1 64
1 20 
0 
werr 2 2 6 0 0 3 1 3 1 64
1 "" 
0 
wc 7 1 2 2 2 4 1 8203 1 64
1 225 
0 
wbs 2 2 6 0 0 3 1 3 1 64
1 "wft" 
0 
wc2 7 1 4 4 4 4 1 8195 1 64
1 155 
0 
wf 1 1 8190 0 1e-07 4 1 3 1 64
1 0.2048 
0 
wexp 2 2 6 0 0 3 1 3 1 64
1 "" 
0 
wnt 2 2 6 0 0 3 1 3 1 64
1 "" 
0 
y1 7 1 2047 -2048 1 2 1 3 1 64
1 -102 
0 
x3 7 1 2047 -2048 1 2 1 3 1 64
1 361 
0 
wtfile 2 2 15 0 0 3 1 1 1 64
1 "" 
0 
wshim 2 2 4 0 0 2 1 3 1 64
1 "n" 
0 
wp1 1 1 100000 0 0 4 1 3 1 64
1 2100 
0 
x1 7 1 2047 -2048 1 2 1 3 1 64
1 371 
0 
wtfile1 2 2 15 0 0 3 2 1 1 64
1 "" 
0 
x2y2 7 1 2047 -2048 1 2 1 3 1 64
1 -78 
0 
xz 7 1 2047 -2048 1 2 1 3 1 64
1 162 
0 
xy 7 1 2047 -2048 1 2 1 3 1 64
1 24 
0 
xz2 7 1 2047 -2048 1 2 1 3 1 64
1 288 
0 
z2 7 1 2047 -2048 1 2 1 2 1 64
1 1045 
0 
z1 7 1 2047 -2048 1 2 1 2 1 64
1 140 
0 
yz 7 1 2047 -2048 1 2 1 3 1 64
1 7 
0 
y3 7 1 2047 -2048 1 2 1 3 1 64
1 332 
0 
yz2 7 1 2047 -2048 1 2 1 3 1 64
1 -192 
0 
z1c 7 1 2047 -2048 1 2 1 2 1 64
1 -181 
0 
z4 7 1 2047 -2048 1 2 1 2 1 64
1 557 
0 
z3 7 1 2047 -2048 1 2 1 2 1 64
1 -138 
0 
z2c 7 1 2047 -2048 1 2 1 2 1 64
1 -150 
0 
zx2y2 7 1 2047 -2048 1 2 1 3 1 64
1 -448 
0 
z5 7 1 2047 -2048 1 2 1 3 1 64
1 -8 
0 
zxy 7 1 2047 -2048 1 2 1 3 1 64
1 144 
0 
