p1 6 1 13 13 13 2 1 8194 1 64
1 0 
0 
dres 7 1 360 1 0 2 1 0 1 64
1 1 
0 
date 2 2 9 0 0 2 1 1 1 64
1 "May 17 94"
0 
cf 7 1 32767 0 1 3 1 1 0 64
1 1 
0 
array 2 2 256 0 0 2 1 1 1 64
1 "phase"
0 
alfa 6 1 8192 -8192 1e-07 2 1 2 1 64
1 -66.7019833 
0 
aig 2 2 2 0 0 4 1 1 1 64
1 "ai"
2 "nm" "ai" 
alock 2 2 8 0 0 2 1 0 1 64
1 "n"
5 "a" "n" "s" "u" "y" 
ap 2 2 1023 0 0 4 1 6 1 64
13 "1:SAMPLE:date,solvent,file;"
"1:ACQUISITION:sfrq:3,tn:2,at:3,np:0,sw:1,fb:0,bs(bs):0,ss(ss):0,tpwr(tpwr):0,pw:1,p1(p1):1,d1:3,satmode,satdly:3,satpwr:0,satfrq:1,d2(d2):3,tof:1,nt:0,ct:0,alock,gain:0;"
"1:FLAGS:il,in,dp,hs,sspul;"
"1(ni):2D ACQUISITION:sw1:1,ni:0,phase:0;"
"1(ni2):3D ACQUISITION:d3:0,sw2:1,ni2:0,phase2:0;"
"1:DISPLAY:sp:1,wp:1,vs:0,sc:0,wc:0,hzmm:2,is:2,rfl:1,rfp:1,th:0,ins:3,aig*,dcg*,dmg*;"
"1(ni):2D DISPLAY:sp1:1,wp1:1,sc2:0,wc2:0,rfl1:1,rfp1:1;"
"2:DEC. & VT:dfrq:3,dn,dpwr:0,dof:1,dm,dmm,dmf,dseq,dres:1,homo,temp(temp):1;"
"2(numrfch > 2):DEC2:dfrq2:3,dn2,dpwr2:0,dof2:1,dm2,dmm2,dmf2:0,dseq2,dres2:1,homo2;"
"2(numrfch > 3):DEC3:dfrq3:3,dn3,dpwr3:0,dof3:1,dm3,dmm3,dmf3:0,dseq3,dres3:1,homo3;"
"2:PROCESSING:cf(nf):0,lb(lb):2,sb(sb):3,sbs(sb):3,gf(gf):3,gfs(gf):3,awc(awc):3,lsfid(lsfid):0,phfid(phfid):1,wtfile,proc,fn:0,math;"
"2(ni):2D PROCESSING:lb1(lb1):3,sb1(sb1):3,sbs1(sb1):3,gf1(gf1):3,gfs1(gf1):3,awc1(awc1):3,wtfile1,proc1,fn1:0;"
"2(ni2):3D PROCESSING:lb2(lb2):2,sb2(sb2):3,sbs2(sb2):3,gf2(gf2):3,gfs2(gf2):3,awc2(awc2):3,wtfile2,proc2,fn2:0;"
0 
at 1 1 14 14 14 2 1 8203 1 64
1 0.135 
0 
arraydim 7 1 32768 1 1 2 1 5 1 64
1 1 
0 
arrayelemts 1 1 9.99999984307e+17 -9.99999984307e+17 0 2 1 0 1 64
1 0 
0 
axis 4 2 4 0 0 4 1 0 1 64
1 "pp"
11 "c" "d" "1" "2" "3" "h" "k" "m" "n" "p" "u" 
awc1 1 1 1 -1 0.001 3 1 1 0 64
1 0 
0 
awc 1 1 1 -1 0.001 3 1 1 0 64
1 0 
0 
bs 7 1 32767 0 1 2 1 0 1 64
1 16 
0 
axisf 4 2 4 0 0 4 1 0 1 64
1 "s"
4 "m" "n" "s" "u" 
cr1 1 1 1000000000 -1000000000 0 4 1 3 1 64
1 0 
0 
cp 2 2 1 0 0 2 1 0 1 64
1 "y"
2 "y" "n" 
console 2 2 8 0 0 2 1 0 1 64
1 ""
0 
cr 1 1 1000000000 -1000000000 0 4 1 1 1 64
1 2376.86682358 
0 
cutoff 1 1 9.99999984307e+17 -9.99999984307e+17 0 4 1 0 0 64
1 200 
0 
ct 7 1 1000000000 0 1 2 1 6 1 64
1 0 
0 
crf 1 1 9.99999984307e+17 -9.99999984307e+17 0 4 1 0 1 64
1 0 
0 
d2 3 1 14 14 14 2 1 8194 1 64
1 0 
0 
d1 3 1 14 14 14 2 1 8194 1 64
1 0 
0 
dm 4 2 4 0 0 2 1 0 1 64
1 "nnn"
4 "a" "n" "s" "y" 
dg 2 2 1023 0 0 4 1 6 1 64
1 "1:ACQUISITION:sfrq:3,tn,at:3,np:0,sw:1,bs:0,ss:0,tpwr(tpwr):0,pw:1,p1:1,d1:3,d2:3,tof:1,nt:0,ct:0;2:SAMPLE:date,solvent,file;2:DECOUPLING:dn,dof:1,dm,dmm,dmf,dpwr(dpwr):0,dhp(dhp):0,dlp(dlp):0,homo;2(ni):2D ACQUISITION:sw1:1,ni:0,phase:0;3:PROCESSING:cf(nf):0,lb:2,sb:3,sbs(sb):3,gf:3,gfs(gf):3,lsfid:0,,wtfile,proc,fn:0,math;3:SATURATION:satmode,satdly:3,satpwr:0,satfrq:1;4(ni):2D PROCESSING:lb1:2,sb1:3,sbs1(sb1):3,gf1:3,gfs1(gf1):3,wtfile1,proc1,fn1:0;4:FLAGS:il,in,dp,hs,sspul;4:SPECIAL:temp:1;"
0 
deltaf 1 1 100 0 0 4 1 0 1 64
1 0 
0 
delta 1 1 2000000 0 0 4 1 1 1 64
1 1871.93394338 
0 
dcg 2 2 3 0 0 4 1 1 1 64
1 "cdc"
2 "dc" "cdc" 
delta1 1 1 2000000 0 0 4 1 3 1 64
1 0 
0 
dfrq 5 1 1000000000 -1000000000 0 2 1 8 1 64
1 399.8711055 
0 
dgs 2 2 1023 0 0 4 1 6 1 64
14 "1(shimset=1):AXIAL SHIMS:z1:0,z1c:0,z2:0,z2c:0,z3:0,z4:0;"
"1(shimset=2):AXIAL SHIMS:z1:0,z1c:0,z2:0,z2c:0,z3:0,z4:0,z5:0;"
"1(shimset=3):AXIAL SHIMS:z1:0,z2:0,z3:0,z4:0,z5:0,z6:0;"
"1(shimset=4):AXIAL SHIMS:z1:0,z2:0,z3:0,z4:0,z5:0,z6:0,z7:0;"
"1(shimset=5):AXIAL SHIMS:z1:0,z1c:0,z2:0,z2c:0,z3:0,z3c:0,z4:0,z4c:0,z5:0,z6:0,z7:0,z8:0;"
"1((shimset=6)or(shimset=7)):AXIAL SHIMS:z1:0,z2:0,z3:0,z4:0,z5:0;"
"2(shimset=1):NON AXIAL SHIMS:x1:0,y1:0,xz:0,yz:0,xy:0,x2y2:0,x3:0,y3:0;"
"2((shimset=2)or(shimset=6)):NON AXIAL SHIMS:x1:0,y1:0,xz:0,yz:0,xy:0,x2y2:0,x3:0,y3:0,xz2:0,yz2:0,zxy:0,zx2y2:0;"
"2((shimset>2)and(shimset<6)):NON AXIAL SHIMS:x1:0,y1:0,xz:0,yz:0,xy:0,x2y2:0,x3:0,y3:0,xz2:0,yz2:0,zxy:0,zx2y2:0,z3x:0,z3y:0,z2x2y2:0,z2xy:0;"
"2(shimset=7):NON AXIAL SHIMS:x1:0,y1:0,xz:0,yz:0,xy:0,x2y2:0,x3:0,y3:0,xz2:0,yz2:0,zxy:0,zx2y2:0,z3x:0,z3y:0;"
"3(shimset=4):NON AXIAL SHIMS:zx3:0,zy3:0,z4x:0,z4y:0;"
"3(shimset=5):NON AXIAL SHIMS:zx3:0,zy3:0,z4x:0,z4y:0,z3x2y2:0,z3xy:0,z2x3:0,z2y3:0,z3x3:0,z3y3:0,z4x2y2:0,z4xy:0,z5x:0,z5y:0;"
"4:AUTOMATION:method,wshim,load,,spin:0,gain:0,alock,loc:0;"
"4:SPECIAL:temp;"
0 
dg2 2 2 8 0 0 4 1 4 1 64
6 "1:1st DECOUPLING:dfrq:3,dn,dpwr:0,dof:1,dm,dmm,dmf:0,dseq,dres:1,homo"
"2(numrfch>2):2nd DECOUPLING:dfrq2:3,dn2,dpwr2:0,dof2:1,dm2,dmm2,dmf2:0,dseq2,dres2:1,homo2"
"2(numrfch>3):3rd DECOUPLING:dfrq3:3,dn3,dpwr3:0,dof3:1,dseq3,dres3:1,homo3"
"3(ni2):3D ACQUISITION:d3:3,sw2:1,ni2:0,phase2:0;"
"3(ni2):3D DISPLAY:rp2:1,lp2:1;"
"4(ni2):3D PROCESSING:lb2:3,sb2:3,sbs2(sb2):3,gf2:3,gfs2(gf2):3,awc2:3,wtfile2,proc2,fn2:0;"
0 
dg1 2 2 1023 0 0 4 1 6 1 64
1 "1:DISPLAY:sp:1,wp:1,vs:0;1:REFERENCE:rfl:1,rfp:1,cr:1,delta:1;1:PHASE:lp:1,rp:1,rp1(ni):1,lp1(ni):1;2:CHART:sc:0,wc:0,hzmm:2,vp:0,axis,pltmod,,th:0,,ho:2,vo:2,,trace:2;3(ni):2D:sp1:1,wp1:1,sc2:0,wc2:0,rfl1:1,rfp1:1;3:FLAGS:aig*,dcg*,dmg*;3:FID:sf:3,wf:3,vf:0;4:INTEGRAL:intmod,is:2,ins:3,io:0,,lvl:3,tlt:3;"
0 
dhp 1 1 9 9 9 2 1 8192 0 64
1 0 
0 
dlp 7 1 10 10 10 2 1 8194 0 64
1 20 
0 
dmm 4 2 4 0 0 2 1 0 1 64
1 "c"
9 "c" "f" "g" "m" "p" "r" "u" "w" "x" 
dmg 2 2 2 0 0 4 1 3 1 64
1 "ph"
0 
dmf 7 1 11 11 11 2 1 8194 1 64
1 200 
0 
dmg1 2 2 8 0 0 4 1 0 1 64
1 ""
4 "" "av1" "ph1" "pwr1" 
dof 5 1 8 8 8 2 1 8202 1 64
1 -573.5 
0 
dn 2 2 4 0 0 2 1 8 1 64
1 "H1"
0 
dod 3 1 14 14 14 2 1 8194 1 64
1 0.00999999977648 
0 
dp 2 2 1 0 0 2 1 0 1 64
1 "y"
2 "y" "n" 
dotflag 2 2 8 0 0 4 1 0 1 64
1 "n"
2 "n" "y" 
dpwr 7 1 9 9 9 2 1 8194 1 64
1 0 
0 
il 2 2 1 0 0 2 1 0 1 64
1 "n"
2 "y" "n" 
fpmult 1 1 1000000000 0 0 3 1 0 0 64
1 1 
0 
file 2 2 6 0 0 2 1 3 1 64
1 "/home/vnmr1/vnmrsys/parlib/ecosy"
0 
f1coef 2 2 8 0 0 3 1 1 1 64
1 ""
0 
dseq 2 2 8 0 0 2 1 0 1 64
1 ""
0 
fb 7 1 6 6 6 2 1 8203 1 64
1 1100 
0 
fn 7 1 524288 64 -2 3 1 1 1 64
1 512 
0 
filter 7 1 1000000000 0 1 2 1 2 1 64
1 54.0999984741 
0 
fn1 7 1 524288 64 -2 3 1 1 1 64
1 256 
0 
gfs1 1 1 1000 -1000 0.001 3 1 1 0 64
1 0 
0 
gf1 1 1 100000 0 0 3 1 1 0 64
1 0.0189666477 
0 
gain 1 1 60 0 2 2 1 0 1 64
1 40 
0 
fpmult1 1 1 1000000000 0 0 3 2 0 0 64
1 0.5 
0 
gf 1 1 100000 0 0 3 1 1 0 64
1 0.06237 
0 
gfs 1 1 1000 -1000 0.001 3 1 1 0 64
1 0 
0 
homo 2 2 8 0 0 2 1 0 1 64
1 "n"
2 "n" "y" 
ho 1 1 500 -500 0 4 1 1 1 64
1 0 
0 
hst 3 1 0.02 0 2.5e-08 2 1 2 1 64
1 0.019999999553 
0 
hs 4 2 4 0 0 2 1 0 1 64
1 "yn"
2 "n" "y" 
hzmm 1 1 1000000000 -1000000000 0 4 1 11 1 64
1 12.2578500037 
0 
liamp 1 1 1000000000 0 0 4 1 0 0 64
1 0 
0 
intmod 2 2 8 0 0 4 1 0 1 64
1 "off"
3 "off" "partial" "full" 
ins 3 1 8190 0 1e-07 4 1 3 1 64
1 100 
0 
in 4 2 1 0 0 2 1 0 1 64
1 "n"
3 "n" "w" "y" 
ins2ref 1 1 9.99999984307e+17 -9.99999984307e+17 0 4 1 0 0 64
1 1 
0 
ins2 1 1 9.99999984307e+17 -9.99999984307e+17 0 4 1 0 1 64
1 100 
0 
insref 1 1 9.99999984307e+17 -9.99999984307e+17 0 4 1 0 0 64
1 1 
0 
is 1 1 1000000000 1e-06 0 4 1 3 1 64
1 0.06103515625 
0 
io 7 1 500 -500 0.1 4 1 1 1 64
1 28.8235286033 
0 
lb 1 1 100000 -100000 0 3 1 1 0 64
1 10 
0 
lb1 1 1 100000 -100000 0 3 1 1 0 64
1 0.318309992552 
0 
lsfrq1 1 1 9.99999984307e+17 -9.99999984307e+17 0 3 1 0 0 64
1 0 
0 
loc 7 1 12 12 12 2 1 8193 1 64
1 0 
0 
llamp 1 1 1000000000 0 0 4 1 0 0 64
1 0 
0 
lifrq 1 1 1000000000 -1000000000 0 4 1 0 0 64
11 1996.90310789 1616.78856584 1588.14979898 1424.12777056 1405.90310073 739.400890015 580.585910117 262.955950322 205.678416589 62.4845822548 0 
0 
llfrq 1 1 1000000000 -1000000000 0 4 1 0 0 64
1 0 
0 
load 2 2 4 0 0 2 1 3 1 64
1 "n"
2 "y" "n" 
lp1 1 1 3600 -3600 0.1 4 1 3 1 64
1 0 
0 
lp 1 1 3600 -3600 0.1 4 1 3 1 64
1 0 
0 
lsfid 7 1 64000 -64000 1 3 1 0 0 64
1 0 
0 
lsfrq 1 1 9.99999984307e+17 -9.99999984307e+17 0 3 1 0 0 64
1 0 
0 
n1 2 2 6 0 0 4 1 3 1 64
1 ""
0 
math 2 2 1 0 0 3 1 3 1 64
1 "f"
3 "d" "f" "i" 
macro 2 2 6 0 0 4 1 3 1 64
1 ""
0 
lvl 1 1 1000000000 -1000000000 0 4 1 1 1 64
1 0 
0 
method 2 2 6 0 0 2 1 3 1 64
1 "z1z2"
0 
n3 2 2 6 0 0 4 1 3 1 64
1 ""
0 
n2 2 2 6 0 0 4 1 3 1 64
1 ""
0 
np 7 1 128000 64 64 2 1 11 1 64
1 512 
0 
ni 7 1 32767 0 0 2 1 0 1 64
1 79 
0 
nt 7 1 1000000000 1 1 2 1 2 1 64
1 8 
0 
th 1 1 1000000000 0 0 4 1 1 1 64
1 2 
0 
rp 1 1 3600 -3600 0.1 4 1 3 1 64
1 -46.3945449939 
0 
r3 1 1 1e+18 -1e+18 0 4 1 1 1 64
1 0 
0 
proc1 2 2 10 0 0 3 2 1 1 64
1 "ft"
0 
phfid 1 1 3600 -3600 0.1 3 1 0 0 64
1 0 
0 
parversion 1 1 9.99999984307e+17 -9.99999984307e+17 0 2 1 4 1 64
1 5.1 
0 
pad 3 1 14 14 14 2 1 8194 1 64
1 0.5 
0 
phase 7 1 1000000000 0 1 2 1 2 1 64
2 1 2 
0 
pmode 2 2 8 0 0 3 1 0 1 64
1 "partial"
0 
pltmod 2 2 8 0 0 4 1 0 1 64
1 "off"
5 "off" "fixed" "full" "variable" "user" 
phfid1 1 1 3600 -3600 0.1 3 1 0 0 64
1 0 
0 
priority 7 1 32768 0 1 2 1 0 1 64
1 5 
0 
presat 3 1 8190 0 1e-07 2 1 0 1 64
1 0 
0 
proc 2 2 10 0 0 3 1 1 1 64
1 "ft"
0 
pw90 6 1 13 13 13 2 1 8194 1 64
1 20 
0 
pw 6 1 13 13 13 2 1 8194 1 64
1 20 
0 
pslabel 2 2 8 0 0 2 1 11 1 64
1 "ecosy"
0 
r1 1 1 1e+18 -1e+18 0 4 1 1 1 64
1 0 
0 
r2 1 1 1e+18 -1e+18 0 4 1 1 1 64
1 0 
0 
rfband 4 2 4 0 0 2 1 0 1 64
1 "ccc"
3 "c" "h" "l" 
r6 1 1 1e+18 -1e+18 0 4 1 1 1 64
1 0 
0 
r5 1 1 1e+18 -1e+18 0 4 1 1 1 64
1 0 
0 
r4 1 1 1e+18 -1e+18 0 4 1 1 1 64
1 0 
0 
reffrq1 1 1 9.99999984307e+17 -9.99999984307e+17 0 4 1 0 1 64
1 399.8706809 
0 
reffrq 1 1 9.99999984307e+17 -9.99999984307e+17 0 4 1 0 1 64
1 399.871121417 
0 
r7 1 1 1e+18 -1e+18 0 4 1 1 1 64
1 0 
0 
refpos1 1 1 9.99999984307e+17 -9.99999984307e+17 0 4 1 0 0 64
1 0 
0 
refpos 1 1 9.99999984307e+17 -9.99999984307e+17 0 4 1 0 1 64
1 4.67000651188 
0 
refsource1 2 2 8 0 0 4 1 0 1 64
1 "sfrq"
0 
rfp 1 1 1000000000 -1000000000 0 4 1 1 1 64
1 1867.40074093 
0 
rfl1 1 1 1000000000 -1000000000 0 4 1 1 1 64
1 1390.50066793 
0 
rfl 1 1 1000000000 -1000000000 0 4 1 1 1 64
1 1390.50066793 
0 
rof1 6 1 13 13 13 2 1 8194 1 64
1 10 
0 
rfp1 1 1 1000000000 -1000000000 0 4 1 1 1 64
1 1867.40074093 
0 
rof2 6 1 13 13 13 2 1 8194 1 64
1 9.9999961853 
0 
sf 1 1 8190 0 1e-07 4 1 3 1 64
1 0 
0 
sb1 1 1 1000 -1000 0.001 3 1 1 0 64
1 0 
0 
satmode 4 2 4 0 0 2 1 0 1 64
1 "n"
0 
satdly 3 1 14 14 14 2 1 8192 1 64
1 0 
0 
rp1 1 1 3600 -3600 0.1 4 1 3 1 64
1 90 
0 
satfrq 5 1 1000000000 -1000000000 0 2 1 0 1 64
1 0 
0 
satpwr 7 1 30 -16 1 2 1 0 1 64
1 0 
0 
sb 1 1 1000 -1000 0.001 3 1 0 1 64
1 -0.135 
0 
sbs1 1 1 1000 -1000 0.001 3 1 1 0 64
1 0 
0 
sbs 1 1 1000 -1000 0.001 3 1 1 1 64
1 -0.135 
0 
sc2 7 1 3 3 3 4 1 8195 1 64
1 0 
0 
sc 7 1 1 1 1 4 1 8195 1 64
1 0 
0 
seqfil 2 2 8 0 0 2 1 11 1 64
1 "ecosy"
0 
sp1 1 1 1000000000 -1000000000 0 4 1 3 1 64
1 649.999938965 
0 
sn 1 1 1e+18 -1e+18 0 3 1 1 1 64
1 0 
0 
sfrq 1 1 1000000000 0 0 2 1 11 1 64
1 399.8706809 
0 
sf1 1 1 9.99999984307e+17 -9.99999984307e+17 0 4 1 0 1 64
1 0 
0 
solvent 2 2 6 0 0 2 1 11 1 64
1 "D2O"
0 
sp 1 1 1000000000 -1000000000 0 4 1 3 1 64
1 476.900072999 
0 
sw 1 1 5 5 5 2 1 8203 1 64
1 1899.96675058 
0 
ss 7 1 32767 -32768 0 2 1 0 1 64
1 8 
0 
spin 1 1 32000000 0 0.1 2 1 0 0 64
1 20 
0 
sspul 4 2 4 0 0 2 1 0 1 64
1 "y"
0 
sw1 1 1 40000000 0 0 2 1 8 1 64
1 1901.14068441 
0 
temp 1 1 200 -150 0.1 2 1 8 1 64
1 30 
0 
xz2 7 1 19 19 19 2 1 8192 1 64
1 -6644 
0 
wnt 2 2 6 0 0 3 1 3 1 64
1 ""
0 
vo 1 1 500 -500 0 4 1 1 1 64
1 0 
0 
tof 5 1 7 7 7 2 1 8202 1 64
1 -998.1 
0 
tlt 1 1 1000000000 -1000000000 0 4 1 1 1 64
1 0 
0 
tin 2 2 1 0 0 2 1 2 1 64
1 "n"
3 "n" "w" "y" 
th2d 1 1 1 1e-18 0 4 1 17 1 64
1 0.8 
0 
tn 2 2 4 0 0 2 1 8 1 64
1 "H1"
0 
trace 2 2 2 0 0 4 1 3 1 64
1 "f1"
2 "f1" "f2" 
tpwr 7 1 17 17 17 2 1 8194 1 64
1 58 
0 
vf 1 1 1000000000 0 0 4 1 3 1 64
1 150 
0 
wbs 2 2 6 0 0 3 1 3 1 64
1 ""
0 
vs 1 1 1000000000 1e-06 0 4 1 3 1 64
1 500 
0 
vpf 1 1 500 -500 0 4 1 0 1 64
1 0 
0 
vp 7 1 500 -500 0.1 4 1 3 1 64
1 28.5294109645 
0 
vpfi 1 1 500 -500 0 4 1 0 1 64
1 0 
0 
vtwait 3 1 14 14 14 2 1 8194 1 64
1 300 
0 
vtc 1 1 255 0 1 2 1 2 1 64
1 25 
0 
wexp 2 2 6 0 0 3 1 3 1 64
1 ""
0 
wc2 7 1 4 4 4 4 1 8195 1 64
1 155 
0 
wc 7 1 2 2 2 4 1 8203 1 64
1 155 
0 
werr 2 2 6 0 0 3 1 3 1 64
1 ""
0 
wf 1 1 8190 0 1e-07 4 1 3 1 64
1 1.7067008 
0 
wf1 1 1 9.99999984307e+17 -9.99999984307e+17 0 4 1 0 1 64
1 0.135 
0 
x2y2 7 1 19 19 19 2 1 8192 1 64
1 -1308 
0 
wtfile 2 2 15 0 0 3 1 1 1 64
1 ""
0 
wp1 1 1 100000 0 0 4 1 3 1 64
1 49.9999961853 
0 
wp 1 1 5000000 0 0 4 1 11 1 64
1 1899.96675058 
0 
wshim 4 2 4 0 0 2 1 1 1 64
1 "n"
14 "e" "f" "n" "s" "0" "1" "2" "3" "4" "5" "6" "7" "8" "9" 
wtfile1 2 2 15 0 0 3 2 1 1 64
1 ""
0 
x1 7 1 19 19 19 2 1 8192 1 64
1 479 
0 
xy 7 1 19 19 19 2 1 8192 1 64
1 10 
0 
x4 7 1 19 19 19 2 1 8192 1 64
1 0 
0 
x3 7 1 19 19 19 2 1 8192 1 64
1 9325 
0 
xdiag 1 1 1e+18 0 0 4 1 17 1 64
1 0 
0 
xz 7 1 19 19 19 2 1 8192 1 64
1 648 
0 
z3y 7 1 19 19 19 2 1 8192 1 64
1 0 
0 
z2y3 7 1 19 19 19 2 1 8192 1 64
1 0 
0 
yz2 7 1 19 19 19 2 1 8192 1 64
1 -1472 
0 
y3 7 1 19 19 19 2 1 8192 1 64
1 -1885 
0 
y1 7 1 19 19 19 2 1 8192 1 64
1 2567 
0 
yz 7 1 19 19 19 2 1 8192 1 64
1 -1130 
0 
y4 7 1 19 19 19 2 1 8192 1 64
1 0 
0 
z2c 7 1 19 19 19 2 1 8192 1 64
1 0 
0 
z1c 7 1 19 19 19 2 1 8192 1 64
1 0 
0 
z1 7 1 19 19 19 2 1 8192 1 64
1 -2518 
0 
z2 7 1 19 19 19 2 1 8192 1 64
1 -3629 
0 
z2x3 7 1 19 19 19 2 1 8192 1 64
1 0 
0 
z2x2y2 7 1 19 19 19 2 1 8192 1 64
1 0 
0 
z2xy 7 1 19 19 19 2 1 8192 1 64
1 0 
0 
z3x 7 1 19 19 19 2 1 8192 1 64
1 0 
0 
z3c 7 1 19 19 19 2 1 8192 1 64
1 0 
0 
z3 7 1 19 19 19 2 1 8192 1 64
1 -10263 
0 
z3x3 7 1 19 19 19 2 1 8192 1 64
1 0 
0 
z3x2y2 7 1 19 19 19 2 1 8192 1 64
1 0 
0 
z3xy 7 1 19 19 19 2 1 8192 1 64
1 0 
0 
z5 7 1 19 19 19 2 1 8192 1 64
1 2036 
0 
z4x 7 1 19 19 19 2 1 8192 1 64
1 0 
0 
z4 7 1 19 19 19 2 1 8192 1 64
1 -458 
0 
z3y3 7 1 19 19 19 2 1 8192 1 64
1 0 
0 
z4c 7 1 19 19 19 2 1 8192 1 64
1 0 
0 
z4xy 7 1 19 19 19 2 1 8192 1 64
1 0 
0 
z4x2y2 7 1 19 19 19 2 1 8192 1 64
1 0 
0 
z4y 7 1 19 19 19 2 1 8192 1 64
1 0 
0 
z7 7 1 19 19 19 2 1 8192 1 64
1 0 
0 
z5y 7 1 19 19 19 2 1 8192 1 64
1 0 
0 
z5x 7 1 19 19 19 2 1 8192 1 64
1 0 
0 
z6 7 1 19 19 19 2 1 8192 1 64
1 0 
0 
zx2y2 7 1 19 19 19 2 1 8192 1 64
1 -2796 
0 
z8 7 1 19 19 19 2 1 8192 1 64
1 0 
0 
zxy 7 1 19 19 19 2 1 8192 1 64
1 -2232 
0 
zx3 7 1 19 19 19 2 1 8192 1 64
1 0 
0 
zy3 7 1 19 19 19 2 1 8192 1 64
1 0 
0 
